ky_order 2 2 8 0 0 2 1 0 1 64
1 "l"
0 
dseq2 2 2 8 0 0 2 1 0 1 64
1 ""
0 
ddrphase 1 1 9.99999984307e+17 -9.99999984307e+17 0 2 1 0 1 64
1 0 
0 
bvalrs 1 1 9.99999984307e+17 -9.99999984307e+17 0 3 1 0 1 64
1 0 
0 
at_full 3 1 14 14 14 2 1 8192 1 64
1 0.029696 
0 
anatomy 2 2 8 0 0 2 1 0 1 64
1 ""
0 
actionid 2 2 8 0 0 2 1 0 1 64
1 "n051"
0 
acqpath 2 2 8 0 0 2 1 0 1 64
1 ""
0 
acq_delay 1 1 9.99999984307e+17 -9.99999984307e+17 0 2 1 0 1 64
1 4e-06 
0 
B0 1 1 1000000 -1000000 0 2 1 0 1 64
1 94045.7508391 
0 
acqcycles 1 1 9.99999984307e+17 -9.99999984307e+17 0 2 1 0 1 64
1 8 
0 
acqdim 7 1 1000000000 -1000000000 0 2 1 0 1 64
1 2 
0 
acqtype 2 2 0 0 0 2 1 1 1 64
1 ""
0 
acqstatus 7 1 32767 0 0 2 1 0 1 64
2 101 0 
0 
alfa 6 1 13 13 13 2 1 8194 1 64
1 6.6 
0 
age 1 1 9.9e+17 0 0.001 2 1 0 1 64
1 0 
0 
aig 2 2 2 0 0 4 1 1 1 64
1 "ai"
2 "nm" "ai" 
alock 2 2 8 0 0 2 1 0 1 64
1 "n"
5 "a" "n" "s" "u" "y" 
arraydim 7 1 32768 1 1 2 1 5 1 64
1 8 
0 
aqtm 3 1 14 14 14 2 1 8192 0 64
1 0.000256 
0 
ap 2 2 1023 0 0 4 1 6 1 64
12 "1:SAMPLE:date,file;"
"1:NUCLEUS:tn,sfrq:3,resto:1;"
"1:ACQUISITION:sw:1,at:3,np:0,nv:0,nt:0,gain:0,dp;"
"1:DELAYS:tr:4,te:4,tspoil:4;"
"1:RF PULSES:rfcoil,p1:1,p1pat,tpwr1:0,p2:1,p2pat,tpwr2:0;"
"1:GRADIENTS:gcoil,pilot,gro:3,gpe:3,gss:3,gror(pilot='n'):3,gssr(pilot='n'):3;"
"1:FIELD OF VIEW:orient,lro:2,lpe:2,pro:2;"
"2:SLICE SELECTION:ns:0,thk:2,pss:2;"
"2:DISPLAY:sp:1,wp:1,vs:0,sc:0,wc:0,hzmm:2,is:2,rfl:1,rfp:1,th:0,ins:3,aig*,dcg*,dmg*;"
"2:2D DISPLAY:sp1:1,wp1:1,sc2:0,wc2:0,rfl1:1,rfp1:1;"
"2:PROCESSING:lb(lb):2,sb(sb):3,sbs(sb):3,gf(gf):3,gfs(gf):3,awc(awc):3,lsfid(lsfid):0,phfid(phfid):1,fn:0,werr,wexp,wbs,wnt;"
"2(ni):2D PROCESSING:lb1(lb1):2,sb1(sb1):3,sbs1(sb1):3,gf1(gf1):3,gfs1(gf1):3,awc1(awc1):3,fn1:0;"
0 
apptype 2 2 0 0 0 2 1 1 1 64
1 "imEPI"
0 
array 2 2 256 0 0 2 1 1 1 64
1 "image"
0 
at 1 1 14 14 14 2 1 8203 1 64
1 0.000256 
0 
arrayelemts 1 1 9.99999984307e+17 -9.99999984307e+17 0 2 1 0 1 64
1 1 
0 
at_calc 1 1 9.99999984307e+17 -9.99999984307e+17 0 2 1 0 1 64
1 0.000256 
0 
birthday 2 2 8 0 0 3 1 0 1 64
4 ""
""
""
""
0 
awc 1 1 10000 -10000 1e-06 3 1 1 0 64
1 0 
0 
autooffset 4 2 4 0 0 2 1 0 1 64
1 "y"
0 
atf 1 1 9.99999984307e+17 -9.99999984307e+17 0 2 1 0 1 64
1 0 
0 
at_one 3 1 14 14 14 2 1 8192 1 64
1 0.000464 
0 
autorun 2 2 8 0 0 2 1 0 1 64
1 ""
0 
awc2 1 1 10000 -10000 1e-06 3 1 1 0 64
1 0 
0 
awc1 1 1 10000 -10000 1e-06 3 1 1 0 64
1 0 
0 
axis 4 2 4 0 0 4 1 0 1 64
1 "cc"
11 "c" "d" "1" "2" "3" "h" "k" "m" "n" "p" "u" 
awc3 1 1 10000 -10000 1e-06 3 1 1 1 64
1 0 
0 
axisf 4 2 4 0 0 4 1 0 1 64
1 "s"
4 "m" "n" "s" "u" 
bvalpp 1 1 9.99999984307e+17 -9.99999984307e+17 0 3 1 0 1 64
1 0 
0 
boresize 1 1 1000000 -1000000 0 2 1 0 1 64
1 12 
0 
bodycoil 2 2 8 0 0 2 1 0 1 64
1 "y"
0 
bs 7 1 32767 0 1 2 1 0 0 64
1 1 
0 
bvalrr 1 1 9.99999984307e+17 -9.99999984307e+17 0 3 1 0 1 64
1 0 
0 
bvalrp 1 1 9.99999984307e+17 -9.99999984307e+17 0 3 1 0 1 64
1 0 
0 
cutoff 1 1 9.99999984307e+17 -9.99999984307e+17 0 4 1 0 0 64
1 200 
0 
contrast 4 2 4 0 0 2 1 0 1 64
1 "n"
0 
cntr 7 1 32767 0 0 2 1 0 1 64
1 0 
0 
celem 1 1 9.99999984307e+17 -9.99999984307e+17 0 2 1 0 1 64
1 0 
0 
bvalss 1 1 9.99999984307e+17 -9.99999984307e+17 0 3 1 0 1 64
1 46.0726454706 
0 
bvalsp 1 1 9.99999984307e+17 -9.99999984307e+17 0 3 1 0 1 64
1 0 
0 
bvalue 1 1 9.99999984307e+17 -9.99999984307e+17 0 3 1 0 1 64
1 46.0726454706 
0 
chessfrq 5 1 8 8 8 2 1 8192 1 64
1 0 
0 
cf 7 1 1000000 0 1 3 1 1 1 64
1 1 
0 
comment 2 2 8 0 0 3 1 0 1 64
1 ""
0 
cntron 4 2 4 0 0 2 1 0 1 64
1 "s"
0 
console 2 2 8 0 0 2 1 0 1 64
1 "vnmrs"
0 
cr 1 1 1000000000 -1000000000 0 4 1 1 1 64
1 207857.877482 
0 
cp 2 2 1 0 0 2 1 0 1 64
1 "y"
2 "y" "n" 
crf 1 1 9.99999984307e+17 -9.99999984307e+17 0 4 1 0 1 64
1 0.000126834437086 
0 
cr1 1 1 1000000000 -1000000000 0 4 1 3 1 64
1 8.71116206896e-05 
0 
ct 7 1 1000000000 0 1 2 1 6 1 64
1 0 
0 
datname 2 2 8 0 0 3 1 0 1 64
1 ""
0 
d5 3 1 14 14 14 2 1 8192 1 64
1 0 
0 
d3 3 1 14 14 14 2 1 8192 1 64
1 0 
0 
d2 3 1 14 14 14 2 1 8192 1 64
1 0 
0 
d1 3 1 14 14 14 2 1 8192 1 64
1 0.2 
0 
d4 3 1 14 14 14 2 1 8192 1 64
1 0 
0 
dataid 2 2 8 0 0 2 1 0 1 64
1 ""
0 
dataProcessed 1 1 9.99999984307e+17 -9.99999984307e+17 0 3 1 0 1 64
1 0 
0 
date 2 2 9 0 0 2 1 1 1 64
1 "Apr  4 2008"
0 
ddrfw1 1 1 9.99999984307e+17 -9.99999984307e+17 0 2 1 0 1 64
1 1 
0 
dcrmv 2 2 0 0 0 4 1 0 1 64
1 "y"
0 
dconi 2 2 0 0 0 4 1 0 1 64
1 "dcon,gray,linear"
0 
dcg 2 2 3 0 0 4 1 1 1 64
1 "cdc"
2 "dc" "cdc" 
ddd 1 1 9.99999984307e+17 -9.99999984307e+17 0 2 1 0 1 64
1 0 
0 
ddrcr 1 1 1000 2 0 2 1 0 1 64
1 5 
0 
ddrm2 7 1 1000 1 1 2 1 0 1 64
1 1 
0 
ddrm1 7 1 1000 1 1 2 1 0 1 64
1 10 
0 
ddrfw2 1 1 9.99999984307e+17 -9.99999984307e+17 0 2 1 0 1 64
1 1 
0 
ddro1 1 1 9.99999984307e+17 -9.99999984307e+17 0 2 1 0 1 64
1 5 
0 
ddrmaxcr 1 1 9.99999984307e+17 -9.99999984307e+17 0 2 1 0 1 64
1 35 
0 
ddro2 1 1 9.99999984307e+17 -9.99999984307e+17 0 2 1 0 1 64
1 70 
0 
dm 4 2 4 0 0 2 1 0 1 64
1 "nnn"
4 "a" "n" "s" "y" 
dfrq2 1 1 1000000000 0 0 2 1 9 1 64
1 0 
0 
decpat4 2 2 0 0 0 2 1 0 1 64
1 ""
0 
ddrx2 1 1 9.99999984307e+17 -9.99999984307e+17 0 2 1 0 1 64
1 0 
0 
ddrtc 6 1 100 0 0 2 1 0 0 64
1 0 
0 
ddrsr 1 1 10000000 2500000 2500000 2 1 0 1 64
1 5000000 
0 
ddrscale 7 1 20 0 1 2 1 0 1 64
1 0 
0 
ddrstages 7 1 2 0 1 2 1 0 0 64
1 1 
0 
ddrx1 1 1 9.99999984307e+17 -9.99999984307e+17 0 2 1 0 1 64
1 0.5 
0 
decpat1 2 2 0 0 0 2 1 0 1 64
1 ""
0 
decpat 2 2 0 0 0 2 1 0 1 64
1 ""
0 
decpat2 2 2 0 0 0 2 1 0 1 64
1 ""
0 
decpat3 2 2 0 0 0 2 1 0 1 64
1 ""
0 
deltaf 1 1 100 0 0 4 1 0 1 64
1 4.09090909091e-05 
0 
delta 1 1 2000000 0 0 4 1 1 1 64
1 11130.3084936 
0 
decpat5 2 2 0 0 0 2 1 0 1 64
1 ""
0 
delta1 1 1 2000000 0 0 4 1 3 1 64
1 0.0308375137241 
0 
dfrq 5 1 1000000000 -1000000000 0 2 1 8 1 64
1 100.6945539 
0 
dgseq 2 2 0 0 0 4 1 6 1 64
9 "1(zero):label Sequence :zero;"
"1:SEQUENCE NAME:seqfil,pslabel,;"
"1:SEQUENCE TYPE:nD:0,exptype,;"
"1:LOOP CONTROL:seqcon,acqtype;"
"2:ACTIVE PULSES:[plist],;"
"2:ACTIVE PATTERNS:[patlist];"
"3:ACTIVE POWERS:[pwrlist],;"
"3:FLIP ANGLES:[fliplist];"
"4:CONJUGATE GRAD:[sslist];"
0 
dggrad 2 2 0 0 0 4 1 6 1 64
9 "1(zero):label Gradients :zero;"
"1:COIL CALIBRATION:gcoil,gmax:3,trise:5,gradunit,boresize:1,B0:0,;"
"1:VOXEL SELECTION:gvox1:3,gvox2:3,gvox3:3;"
"2:READ OUT:gro:3,gror:3,;"
"2:PHASE ENCODE:gpe:3,gpe2:3,gpe3:3,gpemult:3,;"
"2:SLICE SELECT:gss:3,gss2:3,gss3:3,gssr:3;"
"3:GENERAL:g0:3,g1:3,g2:3,g3:3,g4:3,g5:3,,gx:3,gy:3,gz:3;"
"4:SPECIAL:gdiff:3,gflow:3,gspoil:3,gcrush:3,gtrim:3;"
"4:PATTERNS:gropat,gpepat,gsspat;"
0 
dg2 2 2 8 0 0 4 1 4 1 64
6 "1:1st DECOUPLING:dfrq:3,dn,dpwr:0,dof:1,dm,dmm,dmf:0,dseq,dres:1,homo;"
"2(numrfch>2):2nd DECOUPLING:dfrq2:3,dn2,dpwr2:0,dof2:1,dm2,dmm2,dmf2:0,dseq2,dres2:1,homo2;"
"2(numrfch>3):3rd DECOUPLING:dfrq3:3,dn3,dpwr3:0,dof3:1,dseq3,dres3:1,homo3;"
"3(ni2):3D ACQUISITION:d3:3,sw2:1,ni2:0,phase2:0;"
"3(ni2):3D DISPLAY:rp2:1,lp2:1;"
"4(ni2):3D PROCESSING:lb2:3,sb2:3,sbs2(sb2):3,gf2:3,gfs2(gf2):3,awc2:3,wtfile2,proc2,fn2:0;"
0 
dg 2 2 0 0 0 4 1 6 1 64
9 "1:NUCLEUS:tn,sfrq:3,resto:1,;"
"1:ACQUISITION:sw:1,at:5,gain:0,;"
"1:FLAGS:autote,spinecho,rampsamp,navigator,fatsat,verbose,ir,pipat(ir='y'),tpwri(ir='y'):0,ti(ir='y'):2;"
"2:TIMING:te:3,tr:3,ti:3(spinecho='y'),np:0,nv:0,nseg,ky_order,fract_ky,images,nt:0,ss,;"
"2:TWEAKERS:groa:3,grora:3,gprop_delay:6;"
"3:RF PULSES:rfcoil,p1:1,p1pat,tpwr1:0,p2(spinecho='y'):1,p2pat(spinecho='y'),tpwr2(spinecho='y'):0,;"
"3:GRADIENTS:gcoil,petable,gss:3,gro:3,gpe:3,tcrush:3,;"
"4:FIELD OF VIEW:orient,lro:2,lpe:2,pro:2,ns:0,thk:2,pss:2,;"
"4:DIFFUSION:diff,gdiff,tdelta,tDELTA,dro:2,dpe:2,dsl:2,bvalue,;"
0 
dg1 2 2 0 0 0 4 1 6 1 64
12 "1:DISPLAY:sp:1,wp:1,sp1:1,wp1:1,vs:0,th:0;"
"1:REFERENCE:rfl:1,rfp:1,rfl1:1,rfp1:1;"
"1:PHASE:rp:1,lp:1,rp1:1,lp1:1;"
"2:PLOT SIZE:sc:1,wc:1,sc2:1,wc2:1;"
"2:PLOT OFFSETS:vp:1,vo:2,ho:2;"
"2:AXIS DISPLAY:axis,trace;"
"2:CURSORS:cr:1,delta:1,cr1:1,delta1:1;"
"3:INTEGRAL:intmod,is:0,ins:3,io:0,,lvl:3,tlt:3;"
"3:GRAY SCALE:graysl:3,grayctr:0;"
"3:FLAGS:aig*,dcg*,dmg*;"
"4:FID DISPLAY:sf:3,wf:3,vf:0,vpf:0,vpfi:0,lsfid:0,phfid:1,dotflag;"
"4:FID CURSORS:crf:3,deltaf:3;"
0 
dgdelay 2 2 0 0 0 4 1 6 1 64
6 "1(zero):label Delays :zero;"
"1:SEQUENCE:at:3,tr:3,te:3,ti:3,tm:3,;"
"1:PHASE ENCODING:tpe:3,tpe2:3,tpe3:3;"
"2:GENERAL:d1:3,d2:3,d3:3,d4:3,d5:3,,tau:3,tau1:3,tau2:3;"
"3:CARDIAC GATING:ticks:0,hold:3,;"
"3:SPECIAL:trelax:3,tdelta:3,tDELTA:3,tflow:3,tspoil:3;"
0 
dgfov 2 2 0 0 0 4 1 6 1 64
9 "1(zero):label FOV :zero;"
"1:FIELD OF VIEW:lro:3,lpe:3,lpe2:3,lpe3:3,fovunit,;"
"1:FOV POSITION:pro:3,ppe:3,pss:3,;"
"1:FOV BANDWIDTHS:sw:1,sw1:1,sw2:1,sw3:1;"
"2:FOV ORIENTATION:orient,psi:1,phi:1,theta:1,;"
"2:VOXEL ORIENTATION:vorient,vpsi:1,vphi:1,vtheta:1;"
"3:VOXEL POSITION:pos1:3,pos2:3,pos3:3,;"
"3:VOXEL SIZE:vox1:3,vox2:3,vox3:3,thkunit,;"
"4:ACQ CONTROL:seqcon,nD:0,ni:0,nf:0,cf:0,,ne:0,ns:0,,np:0,nv:0,nv2:0,nv3:0;"
0 
dgpulse 2 2 0 0 0 4 1 6 1 64
10 "1(zero):label Pulses :zero;"
"1:OBS PULSE LENGTHS:p1:1,p2:1,p3:1,p4:1,p5:1,pw:1,pi:1,psat:1;"
"1:OBS PULSE PATTERNS:p1pat,p2pat,p3pat,p4pat,p5pat,pwpat,pipat,satpat;"
"2:OBS PULSE POWERS:tpwr1:0,tpwr2:0,tpwr3:0,tpwr4:0,tpwr5:0,tpwr,tpwri,satpwr:0;"
"2:OBS FREQUENCIES:tn,sfrq:3,tof:1,resto:1,wsfrq:1,satfrq:1;"
"2:OBS CALIBRATION:rfcoil;"
"3:DEC FREQUENCIES:dn,dfrq:3,dof:1;"
"3:DEC CONTROL:dm,dmm,dmf;"
"3:DEC POWERS:dpwr1:0,dpwr2:0,dpwr3:0,dpwr4:0,dpwr5:0,dpwr:0;"
"4:DEC PULSE PATTERNS:decpat,decpat1,decpat2,decpat3,decpat4,decpat5;"
0 
dgproc 2 2 0 0 0 4 1 6 1 64
7 "1(zero):label Processing :zero;"
"1:1D FFT:np:0,fn:0,;"
"1:2D FFT:nv:0,ni:0,nf:0,fn1:0,;"
"1:CURRENT IMAGE:slice:0,echo:0,element:0;"
"2:1D APODIZATION:lb:3,gf:3,gfs:3,sb:3,sbs:3,awc:3;"
"3:2D APODIZATION:lb1:3,gf1:3,gfs1:3,sb1:3,sbs1:3,awc2:3;"
"4:ACQ PROCESSING:werr,wexp,wnt,wbs;"
0 
dgs 2 2 1023 0 0 4 1 6 1 64
4 "1:AXIAL SHIMS:z1c:0,z2c:0;"
"2:NON AXIAL SHIMS:x1:0,y1:0,xz:0,yz:0,xy:0,x2y2:0;"
"4:AUTOMATION:method,wshim,load,,spin:0,gain:0,alock,loc:0;"
"4:SPECIAL:temp;"
0 
diffscheme 2 2 8 0 0 2 1 0 1 64
1 "zero_gf"
0 
dhp 1 1 9 9 9 2 1 8192 0 64
1 20 
0 
dgslice 2 2 0 0 0 4 1 6 1 64
5 "1(zero):label Slice&Voxel :zero;"
"1:SLICE PARAMETERS:ns:0,ne:0,thk:3,pro:3,ppe:3;"
"2:SLICE POSITION:[pss];"
"3:VOXEL SIZE:[vox1],,[vox2],,[vox3];"
"4:VOXEL POSITION:[pos1],,[pos2],,[pos3];"
0 
dgtarg 2 2 0 0 0 4 1 6 1 64
9 "1(zero):label Target :zero;"
"1:VOXEL POSITION:t_pos1:3,t_pos2:3,t_pos3:3,;"
"1:VOXEL SIZE:t_vox1:3,t_vox2:3,t_vox3:3,;"
"1:VOXEL ORIENT:t_vpsi:1,t_vphi:1,t_vtheta:1,;"
"1:ARRAY STRING:t_array;"
"2:FIELD OF VIEW:t_lro:3,t_lpe:3,t_lpe2:3,t_lpe3:3,;"
"2:FOV POSITION:t_pro:3,t_ppe:3,t_ppe2:3,t_ppe3:3,;"
"2:ORIENTATION:t_psi:1,t_phi:1,t_theta:1;"
"3:SLICE POSITION:t_ns:0,t_thk:1,t_gap:1,,[t_pss];"
0 
diff 2 2 8 0 0 2 1 0 1 64
1 "n"
0 
dimZ 2 2 8 0 0 2 1 0 1 64
1 "lpe2"
0 
dimY 2 2 8 0 0 2 1 0 1 64
1 "lro"
0 
dimX 2 2 8 0 0 2 1 0 1 64
1 "lpe"
0 
displaymode 4 2 9.99999984307e+17 -9.99999984307e+17 0 4 1 0 1 64
1 "r"
6 "r" "i" "a" "e" "z" "s" 
disCmd 2 2 8 0 0 4 1 0 1 64
1 ""
0 
dlp 7 1 10 10 10 2 1 8194 0 64
1 20 
0 
dpe 1 1 1 -1 0 2 1 8 1 64
1 0 
0 
dn 2 2 4 0 0 2 1 8 1 64
1 "C13"
0 
dmg 2 2 2 0 0 4 1 3 1 64
1 "av"
0 
dmf 7 1 11 11 11 2 1 8194 1 64
1 200 
0 
dm2 4 2 4 0 0 2 1 0 1 64
1 "n"
4 "a" "n" "s" "y" 
dmf2 7 1 2000000 1 0 2 1 2 1 64
1 200 
0 
dmm 4 2 4 0 0 2 1 0 1 64
1 "c"
9 "c" "f" "g" "m" "p" "r" "u" "w" "x" 
dmg1 2 2 8 0 0 4 1 0 1 64
1 "av1"
4 "" "av1" "ph1" "pwr1" 
dmm2 4 2 4 0 0 2 1 0 1 64
1 "c"
9 "c" "f" "g" "m" "p" "r" "u" "w" "x" 
dof2 5 1 16 16 16 2 1 8202 1 64
1 0 
0 
dod 3 1 14 14 14 2 1 8194 1 64
1 0.00999999977648 
0 
dn2 2 2 8 0 0 2 1 8 1 64
1 ""
0 
dof 5 1 8 8 8 2 1 8202 1 64
1 0 
0 
dotflag 2 2 8 0 0 4 1 0 1 64
1 "n"
2 "n" "y" 
dorient 2 2 0 0 0 2 1 0 1 64
1 ""
5 "trans" "sag" "cor" "oblique" "orient" 
dp 2 2 1 0 0 2 1 0 1 64
1 "n"
2 "y" "n" 
dpwr4 1 1 9 9 9 2 1 8192 1 64
1 0 
0 
dpwr 7 1 9 9 9 2 1 8192 1 64
1 30 
0 
dpsi 1 1 1000000 -1000000 0 2 1 0 1 64
1 0 
0 
dphi 1 1 1000000 -1000000 0 2 1 0 1 64
1 0 
0 
dpwr2 1 1 9 9 9 2 1 8192 1 64
1 0 
0 
dpwr1 1 1 9 9 9 2 1 8192 1 64
1 0 
0 
dpwr3 1 1 9 9 9 2 1 8192 1 64
1 0 
0 
dro 1 1 1 -1 0 2 1 8 1 64
1 0 
0 
dres 7 1 360 1 0 2 1 0 1 64
1 1 
0 
dpwr5 1 1 9 9 9 2 1 8192 1 64
1 0 
0 
dres2 7 1 360 1 0 2 1 0 1 64
1 1 
0 
dseq 2 2 8 0 0 2 1 0 1 64
1 ""
0 
dseg 3 1 14 14 14 2 1 8192 1 64
1 0 
0 
grayctr 1 1 64 0 1 4 1 3 1 64
1 32 
0 
fsat 4 2 4 0 0 2 1 0 1 64
1 "n"
0 
flip1 1 1 9.99999984307e+17 -9.99999984307e+17 0 2 1 0 1 64
1 90 
0 
execprescan 2 2 8 0 0 4 1 0 1 64
1 "imEPI('prescan')"
0 
epi_pc 2 2 8 0 0 2 1 0 1 64
1 "POINTWISE"
0 
echo 1 1 1000000 0 1 3 1 9 1 64
1 1 
0 
dtheta 1 1 1000000 -1000000 0 2 1 0 1 64
1 0 
0 
dsl 1 1 1 -1 0 2 1 8 1 64
1 0 
0 
dwa 3 1 14 14 14 2 1 8192 1 64
1 0 
0 
element 1 1 1000000 0 1 3 1 1 1 64
1 1 
0 
eff_echo 7 1 32767 0 0 2 1 0 1 64
1 32 
0 
execplot 2 2 8 0 0 4 1 0 0 64
1 ""
0 
esp 3 1 14 14 14 2 1 8192 1 64
1 0.00065 
0 
epiref_type 2 2 8 0 0 2 1 0 1 64
1 "single"
0 
etl 7 1 32767 0 0 2 1 0 1 64
1 64 
0 
execprep 2 2 8 0 0 4 1 0 1 64
1 "imEPI('prep')"
0 
fatsat 2 2 8 0 0 2 1 0 1 64
1 "n"
0 
exppath 2 2 8 0 0 2 1 0 1 64
1 "/home/maj/vnmrsys/exp1/acqfil"
0 
execsetup 2 2 8 0 0 4 1 0 1 64
1 "imEPI('prep')"
0 
execprocess 2 2 8 0 0 4 1 0 1 64
1 "imEPI('proc')"
0 
expargs 2 2 8 0 0 2 1 0 1 64
1 ""
0 
exptype 2 2 0 0 0 2 1 1 1 64
1 ""
0 
f1coef 2 2 8 0 0 3 1 1 1 64
1 ""
0 
file 2 2 6 0 0 2 1 3 1 64
1 "exp"
0 
fdfdir 2 2 8 0 0 3 1 0 1 64
1 ""
0 
fb 7 1 6 6 6 2 1 8203 1 64
1 69000 
0 
fidid 2 2 8 0 0 2 1 0 1 64
1 ""
0 
fdffile 2 2 8 0 0 3 1 0 1 64
1 ""
0 
filter 7 1 1000000000 0 1 2 1 2 1 64
1 54.0999984741 
0 
filtfile 2 2 8 0 0 2 1 0 1 64
1 ""
0 
fovcon 1 1 1000000 -1000000 0 2 1 0 1 64
1 0 
0 
fliplist 1 1 1000000 -1000000 0 3 1 0 1 64
4 90 180 180 45 
0 
flipfsat 1 1 9.99999984307e+17 -9.99999984307e+17 0 2 1 0 1 64
1 90 
0 
flip2 1 1 9.99999984307e+17 -9.99999984307e+17 0 2 1 0 1 64
1 180 
0 
flipir 1 1 9.99999984307e+17 -9.99999984307e+17 0 2 1 0 1 64
1 180 
0 
fn1 7 1 524288 64 -2 3 1 1 0 64
1 128 
0 
flipsat 1 1 9.99999984307e+17 -9.99999984307e+17 0 2 1 0 1 64
1 0 
0 
flipmt 1 1 9.99999984307e+17 -9.99999984307e+17 0 2 1 0 1 64
1 0 
0 
fn 7 1 524288 64 -2 3 1 1 0 64
1 128 
0 
fn2 1 1 9.99999984307e+17 -9.99999984307e+17 0 2 1 0 1 64
1 0 
0 
fpmult 1 1 1000000000 0 0 3 1 0 0 64
1 1 
0 
fovunit 2 2 0 0 0 2 1 8 1 64
1 ""
0 
fovtitle 2 2 0 0 0 4 1 3 1 64
1 ""
0 
fract_ky 7 1 32767 0 0 2 1 0 1 64
1 32 
0 
fpmult1 1 1 1000000000 0 0 3 2 0 0 64
1 0.5 
0 
gf3 1 1 10000 -10000 1e-06 3 1 1 1 64
1 0 
0 
gain 1 1 60 0 2 2 1 0 1 64
1 16 
0 
g3 1 1 1000 -1000 0 2 1 0 1 64
1 0 
0 
ftproc 1 1 9.99999984307e+17 -9.99999984307e+17 0 3 1 256 1 64
2 1 0 
0 
fsatfrq 1 1 9.99999984307e+17 -9.99999984307e+17 0 2 1 0 1 64
1 -1341.41341291 
0 
fsatpat 2 2 8 0 0 2 1 0 1 64
1 "gauss"
0 
g1 1 1 1000 -1000 0 2 1 0 1 64
1 0 
0 
g0 1 1 1000 -1000 0 2 1 0 1 64
1 0 
0 
g2 1 1 1000 -1000 0 2 1 0 1 64
1 0 
0 
g5 1 1 1000 -1000 0 2 1 0 1 64
1 0 
0 
g4 1 1 1000 -1000 0 2 1 0 1 64
1 0 
0 
g_squared 1 1 9.99999984307e+17 -9.99999984307e+17 0 2 1 0 1 64
1 0 
0 
gdiff 1 1 1000 -1000 0 2 1 8 1 64
1 11.6677521164 
0 
gcrush 1 1 1000 -1000 0 2 1 0 1 64
1 4 
0 
gcoil 2 2 8 0 0 2 1 8 1 64
1 "205_120_HD"
0 
gap 1 1 9.99999984307e+17 -9.99999984307e+17 0 2 1 0 1 64
1 0 
0 
gcrushmt 1 1 9.99999984307e+17 -9.99999984307e+17 0 2 1 0 1 64
1 0 
0 
gcrushfsat 1 1 9.99999984307e+17 -9.99999984307e+17 0 2 1 0 1 64
1 0 
0 
gcrushfs 1 1 9.99999984307e+17 -9.99999984307e+17 0 2 1 0 1 64
1 2 
0 
gcrushir 1 1 9.99999984307e+17 -9.99999984307e+17 0 2 1 0 0 64
1 1 
0 
gcrushsat 1 1 9.99999984307e+17 -9.99999984307e+17 0 2 1 0 1 64
1 0 
0 
gcrushro 1 1 9.99999984307e+17 -9.99999984307e+17 0 2 1 0 0 64
1 1 
0 
gcrushtag 1 1 9.99999984307e+17 -9.99999984307e+17 0 2 1 0 0 64
1 1 
0 
gf1 1 1 10000 -10000 1e-06 3 1 1 0 64
1 0.00758230499923 
0 
gf 1 1 1000 0 1e-05 3 1 1 0 64
1 8.85714398464e-05 
0 
gender 2 2 8 0 0 3 1 0 1 64
1 ""
0 
gf2 1 1 10000 -10000 1e-06 3 1 1 1 64
1 0 
0 
gpat3 2 2 0 0 0 2 1 0 1 64
1 ""
0 
gmax 1 1 1000 -1000 0 2 1 0 1 64
1 40 
0 
gfs2 1 1 10000 -10000 1e-06 3 1 1 1 64
1 0 
0 
gfs 1 1 1000 -1000 1e-05 3 1 1 0 64
1 0.000163557691849 
0 
gflow 1 1 1000 -1000 0 2 1 0 1 64
1 0 
0 
gfs1 1 1 10000 -10000 1e-06 3 1 1 0 64
1 0.00768569950014 
0 
glim 1 1 9.99999984307e+17 -9.99999984307e+17 0 2 1 0 1 64
1 100 
0 
gfs3 1 1 10000 -10000 1e-06 3 1 1 1 64
1 0 
0 
gpat1 2 2 0 0 0 2 1 0 1 64
1 ""
0 
gpat 2 2 0 0 0 2 1 0 1 64
1 ""
0 
gpat2 2 2 0 0 0 2 1 0 1 64
1 ""
0 
gpemult 1 1 1 0 0 2 1 0 1 64
1 0 
0 
gped 1 1 9.99999984307e+17 -9.99999984307e+17 0 2 1 0 1 64
1 0.8098902196 
0 
gpe2 1 1 1000 -1000 0 2 1 0 1 64
1 0 
0 
gpe 1 1 1000 -1000 0 2 1 0 1 64
1 0.3914469395 
0 
gpe3 1 1 1000 -1000 0 2 1 0 1 64
1 0 
0 
gpef 1 1 9.99999984307e+17 -9.99999984307e+17 0 2 1 0 1 64
1 0 
0 
gradcon 1 1 1000 -1000 0 2 1 0 1 64
1 0 
0 
gper 1 1 9.99999984307e+17 -9.99999984307e+17 0 2 1 0 1 64
1 0 
0 
gpepat 2 2 0 0 0 2 1 0 1 64
1 ""
0 
gprop_delay 3 1 14 14 14 2 1 8192 1 64
1 0 
0 
gpropdelay 6 1 13 13 13 2 1 8192 1 64
1 0 
0 
gradtitle 2 2 0 0 0 4 1 3 1 64
1 ""
0 
gradstepsz 1 1 9.99999984307e+17 -9.99999984307e+17 0 2 1 0 1 64
1 32767 
0 
gradunit 2 2 0 0 0 2 1 8 1 64
1 ""
0 
hdpwr 7 1 49 -16 1 2 1 2 1 64
1 1 
0 
gssi 1 1 9.99999984307e+17 -9.99999984307e+17 0 2 1 0 1 64
1 1.303518 
0 
gror 1 1 1000 -1000 0 2 1 0 1 64
1 1.1389081213 
0 
groa 1 1 9.99999984307e+17 -9.99999984307e+17 0 2 1 0 1 64
1 -0.036 
0 
gro 1 1 1000 -1000 0 2 1 0 1 64
1 5.8717040919 
0 
graysl 1 1 100 -100 0.01 4 1 3 1 64
1 1.18518518519 
0 
gro_delay 3 1 14 14 14 2 1 8192 1 64
1 0 
0 
grof2 1 1 9.99999984307e+17 -9.99999984307e+17 0 2 1 0 1 64
1 1.01 
0 
grof 1 1 9.99999984307e+17 -9.99999984307e+17 0 2 1 0 1 64
1 0 
0 
gropat 2 2 0 0 0 2 1 0 1 64
1 ""
0 
gspoil 1 1 1000 -1000 0 2 1 0 1 64
1 4 
0 
grorf 1 1 9.99999984307e+17 -9.99999984307e+17 0 2 1 0 1 64
1 0 
0 
grora 1 1 9.99999984307e+17 -9.99999984307e+17 0 2 1 0 1 64
1 1 
0 
gss2 1 1 9.99999984307e+17 -9.99999984307e+17 0 2 1 0 1 64
1 1.7380216955 
0 
gss 1 1 1000 -1000 0 2 1 0 1 64
1 1.7380216955 
0 
gssf 1 1 9.99999984307e+17 -9.99999984307e+17 0 2 1 0 1 64
1 1 
0 
gvox3 1 1 1000 -1000 0 2 1 0 1 64
1 0 
0 
gtrim 1 1 1000 -1000 0 2 1 0 1 64
1 0 
0 
gssr 1 1 1000 -1000 0 2 1 0 1 64
1 25.7124974368 
0 
gsspat 2 2 0 0 0 2 1 0 1 64
1 ""
0 
gtotlimit 1 1 9.99999984307e+17 -9.99999984307e+17 0 2 1 0 1 64
1 50 
0 
gvox2 1 1 1000 -1000 0 2 1 0 1 64
1 0 
0 
gvox1 1 1 1000 -1000 0 2 1 0 1 64
1 0 
0 
gymax 1 1 9.99999984307e+17 -9.99999984307e+17 0 2 1 0 1 64
1 40 
0 
gxmax 1 1 9.99999984307e+17 -9.99999984307e+17 0 2 1 0 1 64
1 40 
0 
gx 1 1 1000 -1000 0 2 1 0 1 64
1 0 
0 
gy 1 1 1000 -1000 0 2 1 0 1 64
1 0 
0 
gzmax 1 1 9.99999984307e+17 -9.99999984307e+17 0 2 1 0 1 64
1 40 
0 
gz 1 1 1000 -1000 0 2 1 0 1 64
1 0 
0 
hdof 5 1 7 7 7 2 1 8194 1 64
1 0 
0 
ins 3 1 8190 0 1e-07 4 1 3 1 64
1 100 
0 
hzmm 1 1 1000000000 -1000000000 0 4 1 11 1 64
1 490.508374421 
0 
homo 2 2 8 0 0 2 1 8 1 64
1 "n"
2 "n" "y" 
ho 1 1 500 -500 0 4 1 1 1 64
1 -0 
0 
height 1 1 9.9e+17 0 0.001 3 1 0 1 64
1 0 
0 
hold 3 1 14 14 14 2 1 8192 1 64
1 0 
0 
hs 4 2 4 0 0 2 1 0 1 64
1 "nn"
2 "n" "y" 
homo2 4 2 4 0 0 2 1 0 1 64
1 "n"
2 "n" "y" 
hst 3 1 0.02 0 2.5e-08 2 1 2 1 64
1 0.00800000037998 
0 
images 1 1 9.99999984307e+17 -9.99999984307e+17 0 2 1 0 1 64
1 1 
0 
il 2 2 1 0 0 2 1 0 1 64
1 "n"
2 "y" "n" 
ident 2 2 8 0 0 3 1 0 1 64
1 "Maj"
0 
image 1 1 10000 -2 1 2 1 0 1 64
8 0 1 1 1 1 1 1 1 
0 
imgshim 2 2 8 0 0 2 1 0 1 64
1 "n"
0 
imgno 1 1 9.99999984307e+17 -9.99999984307e+17 0 2 1 0 1 64
1 1 
0 
in 4 2 1 0 0 2 1 0 1 64
1 "n"
3 "n" "w" "y" 
imprep 4 2 4 0 0 2 1 0 1 64
1 "n"
0 
iplanDefaultSize 1 1 9.99999984307e+17 -9.99999984307e+17 0 2 1 0 1 64
1 5 
0 
intmod 2 2 8 0 0 4 1 0 1 64
1 "off"
3 "off" "partial" "full" 
ins2ref 1 1 9.99999984307e+17 -9.99999984307e+17 0 4 1 0 0 64
1 1 
0 
ins2 1 1 9.99999984307e+17 -9.99999984307e+17 0 4 1 0 1 64
1 100 
0 
insref 1 1 9.99999984307e+17 -9.99999984307e+17 0 4 1 0 0 64
1 1 
0 
io 1 1 500 -500 0.1 4 1 1 1 64
1 20 
0 
investigator 2 2 8 0 0 2 1 0 1 64
1 "vnmr1"
0 
iplanDefaultNs 1 1 9.99999984307e+17 -9.99999984307e+17 0 2 1 0 1 64
1 5 
0 
iplanMarking 1 1 9.99999984307e+17 -9.99999984307e+17 0 4 1 0 1 64
1 0 
0 
iplanDefaultType 1 1 9.99999984307e+17 -9.99999984307e+17 0 2 1 0 1 64
1 0 
0 
iplanDefaultThk 1 1 9.99999984307e+17 -9.99999984307e+17 0 2 1 0 1 64
1 4 
0 
iplanDefaultVoxSize 1 1 9.99999984307e+17 -9.99999984307e+17 0 2 1 0 1 64
1 10 
0 
ir 4 2 0 0 0 2 1 0 1 64
1 "n"
0 
iplanType 1 1 9.99999984307e+17 -9.99999984307e+17 0 2 1 0 1 64
1 0 
0 
is 1 1 1000000000 1e-06 0 4 1 3 1 64
1 500 
0 
rfphase 1 1 1000000 -1000000 0 2 1 0 1 64
1 0 
0 
p5 6 1 13 13 13 2 1 8192 1 64
1 0 
0 
mtpwr 1 1 17 17 17 2 1 8192 1 64
1 0 
0 
lpe 1 1 1000000 -1000000 0 2 1 0 1 64
1 10 
0 
llamp 1 1 1000000000 0 0 4 1 0 0 64
1 0 
0 
lb3 1 1 10000 -10000 1e-06 3 1 1 1 64
1 0 
0 
lb 1 1 10000 -10000 1e-06 3 1 1 0 64
1 10 
0 
layout 2 2 8 0 0 4 1 0 1 64
1 "episte"
0 
kzero 7 1 32767 0 0 2 1 0 1 64
1 0 
0 
lb1 1 1 10000 -10000 1e-06 3 1 1 0 64
1 0.318309992552 
0 
lb2 1 1 10000 -10000 1e-06 3 1 1 1 64
1 0 
0 
liamp 1 1 1000000000 0 0 4 1 0 0 64
1 0 
0 
lcpeak_ 7 1 32767 0 0 2 1 32768 1 64
1 0 
0 
lifrq 1 1 1000000000 -1000000000 0 4 1 0 0 64
1 0 
0 
loc_ 7 1 12 12 12 2 1 8201 0 64
1 0 
0 
load 2 2 4 0 0 2 1 3 1 64
1 "n"
2 "y" "n" 
llfrq 1 1 1000000000 -1000000000 0 4 1 0 0 64
1 0 
0 
lockpower_ 1 1 68 0 1 2 1 65552 1 64
1 0 
0 
lockgain_ 1 1 48 0 1 2 1 65552 1 64
1 0 
0 
lockfreq_ 5 1 160 0 1e-07 2 1 9 1 64
1 61.4668 
0 
lockphase_ 1 1 360 0 1 2 1 65552 1 64
1 0 
0 
lp 1 1 1000000 -1000000 0 3 1 3 1 64
1 46748.2926829 
0 
lp1 1 1 1000000 -1000000 0 3 1 3 1 64
1 0 
0 
mintr 4 2 4 0 0 2 1 0 1 64
1 "n"
0 
lvl 1 1 1000000000 -1000000000 0 4 1 1 1 64
1 0 
0 
lsfid 7 1 64000 -64000 1 3 1 0 0 64
1 0 
0 
lpe3 1 1 1000000 -1000000 0 2 1 0 1 64
1 0 
0 
lpe2 1 1 1000000 -1000000 0 2 1 0 1 64
1 1.39999997616 
0 
lpef 1 1 9.99999984307e+17 -9.99999984307e+17 0 2 1 0 1 64
1 0 
0 
lro 1 1 1000000 -1000000 0 2 1 0 1 64
1 10 
0 
lsfrq1 1 1 9.99999984307e+17 -9.99999984307e+17 0 3 1 0 0 64
1 0 
0 
lsfrq 1 1 9.99999984307e+17 -9.99999984307e+17 0 3 1 0 0 64
1 0 
0 
lss 1 1 1000000 -1000000 0 2 1 0 1 64
1 0 
0 
max_bval 1 1 9.99999984307e+17 -9.99999984307e+17 0 2 1 0 1 64
1 46.0726454706 
0 
math 2 2 1 0 0 3 1 3 1 64
1 "f"
3 "d" "f" "i" 
macro 2 2 6 0 0 3 1 3 1 64
1 ""
0 
method 2 2 6 0 0 2 1 3 1 64
1 "z1z2"
0 
mcoil 1 1 9.99999984307e+17 -9.99999984307e+17 0 4 1 0 1 64
1 1 
0 
minte 2 2 8 0 0 2 1 0 1 64
1 "y"
0 
mintm 4 2 4 0 0 2 1 0 1 64
1 "n"
0 
mrfb 1 1 256000 1000 1000 2 1 256 0 64
1 0 
0 
mppe 1 1 9.99999984307e+17 -9.99999984307e+17 0 2 1 256 1 64
1 0 
0 
mlro 1 1 9.99999984307e+17 -9.99999984307e+17 0 4 1 0 1 64
1 0 
0 
mlpe 1 1 9.99999984307e+17 -9.99999984307e+17 0 4 1 0 1 64
1 0 
0 
mlpe2 1 1 9.99999984307e+17 -9.99999984307e+17 0 4 1 0 1 64
1 0 
0 
mphi 2 2 8 0 0 4 1 0 1 64
1 ""
0 
mpsi 2 2 8 0 0 4 1 0 1 64
1 ""
0 
mpro 1 1 9.99999984307e+17 -9.99999984307e+17 0 2 1 256 1 64
1 0 
0 
mpss 1 1 9.99999984307e+17 -9.99999984307e+17 0 2 1 256 1 64
1 0 
0 
mt 4 2 0 0 0 2 1 0 1 64
1 ""
0 
ms_intlv 2 2 8 0 0 2 1 0 1 64
1 "y"
0 
mrgain 1 1 60 0 2 2 1 256 0 64
1 0 
0 
mstack 1 1 9.99999984307e+17 -9.99999984307e+17 0 4 1 0 1 64
1 0 
0 
mtheta 2 2 8 0 0 4 1 0 1 64
1 ""
0 
mtfrq 5 1 8 8 8 2 1 8192 1 64
1 0 
0 
mtpat 2 2 0 0 0 2 1 0 1 64
1 ""
0 
mthk 1 1 9.99999984307e+17 -9.99999984307e+17 0 4 1 0 1 64
1 0 
0 
ni 1 1 1000000 0 1 2 1 1 1 64
1 1 
0 
ncr 1 1 9.99999984307e+17 -9.99999984307e+17 0 2 1 0 1 64
1 95625 
0 
nD 1 1 1000000 0 1 2 1 9 1 64
1 2 
0 
n2 2 2 0 0 0 3 1 0 1 64
1 ""
0 
n1 2 2 0 0 0 3 1 0 1 64
1 ""
0 
n3 2 2 0 0 0 3 1 0 1 64
1 "dgproc"
0 
nav_type 2 2 8 0 0 2 1 0 1 64
1 "OFF"
0 
name 2 2 8 0 0 2 1 0 1 64
1 "episte"
0 
nav_echo 7 1 32767 0 0 2 1 0 1 64
1 1 
0 
navigator 2 2 8 0 0 2 1 0 1 64
1 "n"
0 
ne 1 1 1000000 0 1 2 1 9 1 64
1 1 
0 
ndelta 1 1 9.99999984307e+17 -9.99999984307e+17 0 2 1 0 1 64
1 13125 
0 
ncr1 1 1 9.99999984307e+17 -9.99999984307e+17 0 2 1 0 1 64
1 520.856220512 
0 
ndelta1 1 1 9.99999984307e+17 -9.99999984307e+17 0 2 1 0 1 64
1 500.807552178 
0 
nf 1 1 1000000 0 1 2 1 1 1 64
1 64 
0 
nfmod 7 1 1000000 0 1 2 1 0 1 64
1 64 
0 
osfb 1 1 100000 0 0 2 1 1 0 64
1 0 
0 
nv 1 1 1000000 0 1 2 1 9 1 64
1 64 
0 
ns 1 1 1000000 0 1 2 1 9 1 64
1 1 
0 
np 7 1 10000000 32 2 2 1 11 1 64
1 128 
0 
ni3 7 1 32767 0 0 2 1 0 1 64
1 1 
0 
ni2 7 1 32767 0 0 2 1 0 1 64
1 1 
0 
notebook 2 2 8 0 0 2 1 0 1 64
1 ""
0 
np_ramp 7 1 32767 0 0 2 1 0 1 64
1 0 
0 
nseg 1 1 9.99999984307e+17 -9.99999984307e+17 0 2 1 0 1 64
1 1 
0 
nt 7 1 1000000000 1 1 2 1 2 1 64
1 1 
0 
orient 2 2 0 0 0 2 1 8 1 64
1 "trans"
14 "trans" "sag" "cor" "oblique" "3orthogonal" "xyz" "xzy" "yxz" "yzx" "zxy" "zyx" "sag90" "cor90" "trans90" 
nv3 1 1 1000000 0 1 2 1 9 1 64
1 0 
0 
nv2 1 1 1000000 0 1 2 1 9 1 64
1 0 
0 
operator_ 2 2 128 0 0 2 1 4 1 64
1 "maj"
0 
orient2 2 2 0 0 0 2 1 0 1 64
1 ""
0 
oscoef 7 1 49999 3 2 2 1 1 1 64
1 15 
0 
p2pat 2 2 0 0 0 2 1 0 1 64
1 "sinc"
0 
oversamp 7 1 68 0 1 2 1 9 1 64
1 1 
0 
oslsfrq 1 1 9.99999984307e+17 -9.99999984307e+17 0 2 1 1 0 64
1 0 
0 
osfilt 2 2 8 0 0 2 1 0 1 64
1 ""
5 "a" "A" "b" "B" "" 
p1pat 2 2 0 0 0 2 1 0 1 64
1 "sinc"
0 
p1 6 1 13 13 13 2 1 8192 1 64
1 4000 
0 
p2 6 1 13 13 13 2 1 8192 1 64
1 4000 
0 
p4 6 1 13 13 13 2 1 8192 1 64
1 4000 
0 
p3pat 2 2 0 0 0 2 1 0 1 64
1 "sech180"
0 
p3 6 1 13 13 13 2 1 8192 1 64
1 4000 
0 
p4pat 2 2 0 0 0 2 1 0 1 64
1 "square"
0 
ppe3 1 1 1000000 -1000000 0 2 1 0 1 64
1 0 
0 
pltmod 2 2 8 0 0 4 1 0 1 64
1 "off"
5 "off" "fixed" "full" "variable" "user" 
phi2 1 1 1000000 -1000000 0 2 1 0 1 64
1 0 
0 
pe_table 7 1 4095 -4095 1 3 1 0 1 64
64 32 31 30 29 28 27 26 25 24 23 22 21 20 19 18 17 16 15 14 13 12 11 10 9 8 7 6 5 4 3 2 1 0 -1 -2 -3 -4 -5 -6 -7 -8 -9 -10 -11 -12 -13 -14 -15 -16 -17 -18 -19 -20 -21 -22 -23 -24 -25 -26 -27 -28 -29 -30 -31 
0 
paramChanged 1 1 9.99999984307e+17 -9.99999984307e+17 0 2 1 0 1 64
1 0 
0 
pad 3 1 14 14 14 2 1 8194 1 64
1 0 
0 
p5pat 2 2 0 0 0 2 1 0 1 64
1 ""
0 
page 2 2 8 0 0 2 1 0 1 64
1 ""
0 
parversion 1 1 9.99999984307e+17 -9.99999984307e+17 0 2 1 4 1 64
1 5.1 
0 
parstyle_ 2 2 8 0 0 4 1 0 1 64
1 "ppa"
0 
patlist 2 2 0 0 0 3 1 0 1 64
4 "p1pat"
"p2pat"
"p2pat"
"satpat"
0 
phase 7 1 4 0 1 2 1 0 1 64
1 0 
0 
pfsat 6 1 13 13 13 2 1 8192 1 64
1 6000 
0 
petable 2 2 0 0 0 2 1 1 1 64
1 "episte_nv64_f32_lin1"
0 
phfid1 1 1 3600 -3600 0.1 3 1 0 0 64
1 0 
0 
phfid 1 1 3600 -3600 0.1 3 1 0 0 64
1 0 
0 
phi 1 1 1000000 -1000000 0 2 1 8 1 64
1 0 
0 
pipat 2 2 0 0 0 2 1 0 1 64
1 "sinc"
0 
pilot 4 2 0 0 0 2 1 0 1 64
1 "y"
0 
pi 6 1 13 13 13 2 1 8192 1 64
1 4000 
0 
planValue 2 2 8 0 0 2 1 0 1 64
1 "plan info/n019/rx"
0 
planSs 1 1 9.99999984307e+17 -9.99999984307e+17 0 4 1 0 1 64
1 0 
0 
pkpick_ 2 2 8 0 0 4 1 0 1 64
1 ""
0 
plist 2 2 0 0 0 3 1 0 1 64
4 "p1"
"p2"
"pi"
"psat"
0 
posY 2 2 8 0 0 2 1 0 1 64
1 "pro"
0 
pos2 1 1 1000000 -1000000 0 2 1 0 1 64
1 0 
0 
pmt 6 1 13 13 13 2 1 8192 1 64
1 0 
0 
pmode 2 2 8 0 0 3 1 0 1 64
1 "partial"
0 
pos1 1 1 1000000 -1000000 0 2 1 0 1 64
1 0 
0 
posX 2 2 8 0 0 2 1 0 1 64
1 "ppe"
0 
pos3 1 1 1000000 -1000000 0 2 1 0 1 64
1 0 
0 
ppe 1 1 1000000 -1000000 0 2 1 0 1 64
1 0 
0 
position1 2 2 8 0 0 3 1 0 1 64
1 ""
0 
posZ 2 2 8 0 0 2 1 0 1 64
1 "pss0"
0 
position2 2 2 8 0 0 3 1 0 1 64
1 ""
0 
ppe2 1 1 1000000 -1000000 0 2 1 0 1 64
1 0 
0 
r1 1 1 1e+17 -1e+17 0 3 1 0 1 64
1 16 
0 
processid 1 1 9.99999984307e+17 -9.99999984307e+17 0 2 1 0 1 64
1 0 
0 
pro 1 1 1000000 -1000000 0 2 1 0 1 64
1 0 
0 
presig 4 2 0 0 0 2 1 0 1 64
1 "l"
3 "h" "l" "n" 
prescan 2 2 8 0 0 3 1 0 1 64
9 "Not Done"
"Not Done"
"Complete"
"Not done"
"null"
"init"
""
""
""
0 
preacq 6 1 13 13 13 2 1 8192 0 64
1 0 
0 
prescribed 2 2 8 0 0 2 1 0 1 64
1 "n"
0 
priority 7 1 32768 0 1 2 1 0 1 64
1 5 
0 
proc1 2 2 10 0 0 3 2 1 1 64
1 "ft"
0 
proc 2 2 10 0 0 3 1 1 1 64
1 "ft"
0 
probe_ 2 2 8 0 0 2 1 8 1 64
1 ""
0 
procdim 7 1 1000000000 -1000000000 0 3 1 0 1 64
1 0 
0 
psi2 1 1 1000000 -1000000 0 2 1 0 1 64
1 0 
0 
psat 6 1 13 13 13 2 1 8192 1 64
1 4000 
0 
profile 4 2 4 0 0 2 1 0 1 64
1 "n"
0 
protocols 2 2 8 0 0 3 1 0 1 64
1 ""
0 
psi 1 1 1000000 -1000000 0 2 1 8 1 64
1 0 
0 
pw 6 1 13 13 13 2 1 8192 1 64
1 0 
0 
pss 1 1 1000000 -1000000 0 2 1 264 1 64
1 0 
0 
pslabel 2 2 8 0 0 2 1 11 1 64
1 "episte"
0 
pss0 1 1 9.99999984307e+17 -9.99999984307e+17 0 2 1 0 1 64
1 0 
0 
pwpat 2 2 0 0 0 2 1 0 1 64
1 ""
0 
pw90 6 1 13 13 13 2 1 8194 1 64
1 19.9999866486 
0 
pwrlist 2 2 0 0 0 3 1 0 1 64
4 "tpwr1"
"tpwr2"
"tpwri"
"satpwr"
0 
ref1 5 1 1000000000 -1000000000 0 2 1 0 1 64
1 0 
0 
radialShift 1 1 9.99999984307e+17 -9.99999984307e+17 0 4 1 0 1 64
1 0 
0 
r5 1 1 1e+17 -1e+17 0 3 1 0 1 64
1 0 
0 
r3 1 1 1e+17 -1e+17 0 3 1 0 1 64
1 13668 
0 
r2 1 1 1e+17 -1e+17 0 3 1 0 1 64
1 22000 
0 
r4 1 1 1e+17 -1e+17 0 3 1 0 1 64
1 59996 
0 
r7 1 1 1e+17 -1e+17 0 3 1 0 1 64
1 0 
0 
r6 1 1 1e+17 -1e+17 0 3 1 0 1 64
1 0 
0 
radialAngles 1 1 9.99999984307e+17 -9.99999984307e+17 0 4 1 0 1 64
1 361 
0 
rcvrs 4 2 4 0 0 2 1 1 1 64
1 "y"
2 "n" "y" 
raw 2 2 8 0 0 2 1 0 1 64
1 ""
0 
rampsamp 2 2 8 0 0 2 1 0 1 64
1 "n"
0 
rcrush 3 1 14 14 14 2 1 8192 1 64
1 2e-05 
0 
recon_force 1 1 9.99999984307e+17 -9.99999984307e+17 0 2 1 0 1 64
1 0 
0 
rcvrwt 1 1 9.99999984307e+17 -9.99999984307e+17 0 2 1 256 1 64
1 1 
0 
ref 5 1 1000000000 -1000000000 0 3 1 0 1 64
1 0 
0 
resto 5 1 8 8 8 2 1 8192 1 64
1 -537.1 
0 
refpos1 1 1 9.99999984307e+17 -9.99999984307e+17 0 4 1 0 1 64
1 0 
0 
reffrq1 1 1 9.99999984307e+17 -9.99999984307e+17 0 4 1 0 1 64
1 299.96041486 
0 
reffrq 1 1 9.99999984307e+17 -9.99999984307e+17 0 4 1 0 1 64
1 299.9620521 
0 
refpos 1 1 9.99999984307e+17 -9.99999984307e+17 0 4 1 0 0 64
1 0 
0 
refsource1 2 2 8 0 0 4 1 0 1 64
1 "sfrq"
0 
rfl1 1 1 1000000000 -1000000000 0 4 1 1 1 64
1 21.6852943474 
0 
rfcoil 2 2 8 0 0 2 1 0 1 64
1 "main"
0 
rfband 4 2 4 0 0 2 1 0 1 64
1 "cc"
3 "c" "h" "l" 
rfl 1 1 1000000000 -1000000000 0 4 1 1 1 64
1 0 
0 
rfp 1 1 1000000000 -1000000000 0 4 1 1 1 64
1 0 
0 
rfl2 1 1 10000 -10000 1e-06 3 1 1 1 64
1 0 
0 
rfp1 1 1 1000000000 -1000000000 0 4 1 1 1 64
1 0 
0 
rfp2 1 1 10000 -10000 1e-06 3 1 1 1 64
1 0 
0 
tdelta 3 1 14 14 14 2 1 8200 1 64
1 0.002 
0 
snri 1 1 9.99999984307e+17 -9.99999984307e+17 0 2 1 0 1 64
1 221.629070034 
0 
sb2 1 1 10000 -10000 1e-06 3 1 1 1 64
1 0 
0 
rof3 6 1 13 13 13 2 1 8192 1 64
1 2 
0 
rgror 3 1 14 14 14 2 1 8192 1 64
1 7.6e-05 
0 
rgped 3 1 14 14 14 2 1 8192 1 64
1 7.6e-05 
0 
rgcrush 3 1 14 14 14 2 1 8192 1 64
1 0 
0 
rfspoil 4 2 0 0 0 2 1 0 1 64
1 "n"
0 
rgpe 3 1 14 14 14 2 1 8192 1 64
1 6e-05 
0 
rgro 1 1 9.99999984307e+17 -9.99999984307e+17 0 2 1 0 1 64
1 0.000104 
0 
rgssr 3 1 14 14 14 2 1 8192 1 64
1 0.000136 
0 
rgss2 3 1 14 14 14 2 1 8192 1 64
1 1.2e-05 
0 
rgss 3 1 14 14 14 2 1 8192 1 64
1 2e-05 
0 
rgssi 3 1 14 14 14 2 1 8192 1 64
1 0 
0 
rof1 6 1 13 13 13 2 1 8194 1 64
1 20 
0 
rof2 6 1 13 13 13 2 1 8194 1 64
1 20 
0 
satfrq 5 1 8 8 8 2 1 8192 1 64
1 0 
0 
rtm_flag 4 2 4 0 0 2 1 0 1 64
1 "n"
0 
rp 1 1 3600 -3600 0.1 4 1 3 1 64
1 -262.831985949 
0 
rollout 1 1 9.99999984307e+17 -9.99999984307e+17 0 2 1 0 1 64
1 1 
0 
roff 1 1 9.99999984307e+17 -9.99999984307e+17 0 2 1 0 1 64
1 0 
0 
rp1 1 1 3600 -3600 0.1 4 1 3 1 64
1 0 
0 
sar 1 1 9.99999984307e+17 -9.99999984307e+17 0 2 1 256 1 64
2 0 0 
0 
samplename 2 2 8 0 0 2 1 0 1 64
1 ""
0 
sat 4 2 4 0 0 2 1 0 1 64
1 "n"
0 
satthk 1 1 9.99999984307e+17 -9.99999984307e+17 0 2 1 0 1 64
1 0 
0 
satpos 1 1 9.99999984307e+17 -9.99999984307e+17 0 2 1 0 1 64
1 0 
0 
satpat 2 2 0 0 0 2 1 0 1 64
1 "sinc"
0 
satpwr 1 1 63 -16 1 2 1 0 1 64
1 35 
0 
satpwrf 7 1 32767 0 0 2 1 0 1 64
1 0 
0 
sb 1 1 10000 -10000 1e-06 3 1 1 0 64
1 0 
0 
saveglobal_ 2 2 8 0 0 3 1 0 1 64
17 "probe"
"lcpeak"
"loc"
"lockpower"
"lockgain"
"lockphase"
"lockfreq"
"z0"
"lkof"
"vloc"
"vrack"
"vzone"
"vproto"
"pkpick"
"parstyle"
"operator"
"studyid"
0 
sb1 1 1 10000 -10000 1e-06 3 1 1 0 64
1 0 
0 
seqcon 2 2 0 0 0 2 1 9 1 64
1 "nccnn"
0 
scans 2 2 8 0 0 3 1 0 1 64
1 ""
0 
sbs2 1 1 10000 -10000 1e-06 3 1 1 1 64
1 0 
0 
sbs 1 1 10000 -10000 1e-06 3 1 1 0 64
1 0 
0 
sb3 1 1 10000 -10000 1e-06 3 1 1 1 64
1 0 
0 
sbs1 1 1 10000 -10000 1e-06 3 1 1 0 64
1 0 
0 
sc 1 1 1 1 1 4 1 8195 1 64
1 5 
0 
sbs3 1 1 10000 -10000 1e-06 3 1 1 1 64
1 0 
0 
sc2 1 1 3 3 3 4 1 8195 1 64
1 0 
0 
scr 1 1 9.99999984307e+17 -9.99999984307e+17 0 2 1 0 1 64
1 48125 
0 
scoutpath 2 2 8 0 0 2 1 0 1 64
1 "/home/maj/vnmrsys/data/studies/20080403_OVS01/data/scout_01/gems.img"
0 
scoutnodes 2 2 8 0 0 2 1 0 1 64
1 ""
0 
scantime 2 2 8 0 0 2 1 0 1 64
1 "8.0s"
0 
scoutpaths 2 2 8 0 0 2 1 0 1 64
1 "/home/maj/vnmrsys/data/studies/20080403_OVS01/data/scout_01/gems.img"
0 
sdelta 1 1 9.99999984307e+17 -9.99999984307e+17 0 2 1 0 1 64
1 13125 
0 
scr1 1 1 9.99999984307e+17 -9.99999984307e+17 0 2 1 0 1 64
1 1647.67321291 
0 
sdelta1 1 1 9.99999984307e+17 -9.99999984307e+17 0 2 1 0 1 64
1 500.807552178 
0 
show_grad 7 1 32767 0 0 2 1 0 0 64
1 1 
0 
sfrq 1 1 1000000000 0 0 2 1 11 1 64
1 400.4193082 
0 
sf 1 1 8190 0 1e-07 4 1 3 1 64
1 0 
0 
seqfil 2 2 8 0 0 2 1 11 1 64
1 "episte"
0 
sf1 1 1 9.99999984307e+17 -9.99999984307e+17 0 4 1 0 1 64
1 0 
0 
sgldisplay 1 1 9.99999984307e+17 -9.99999984307e+17 0 2 1 0 1 64
1 0 
0 
sglabort 1 1 9.99999984307e+17 -9.99999984307e+17 0 2 1 0 1 64
1 0 
0 
sglarray 7 1 32767 0 0 2 1 0 1 64
1 0 
0 
shims 2 2 1023 0 0 2 1 0 1 64
1 "Zero"
0 
show_adv 7 1 32767 0 0 2 1 0 1 64
1 1 
0 
slice 1 1 1000000 0 1 3 1 9 1 64
1 1 
0 
show_rf 7 1 32767 0 0 2 1 0 0 64
1 1 
0 
skip 6 1 13 13 13 2 1 8192 1 64
1 200 
0 
sn 1 1 1e+18 -1e+18 0 3 1 1 1 64
1 0 
0 
slices 7 1 32767 0 0 2 1 0 1 64
1 2 
0 
snn 1 1 9.99999984307e+17 -9.99999984307e+17 0 2 1 0 1 64
1 1.13574 
0 
t_lpe2 1 1 1000000 -1000000 0 3 1 0 1 64
1 0 
0 
ssc 1 1 1000000 0 1 2 1 1 1 64
1 0 
0 
sphi 1 1 1000000 -1000000 0 2 1 0 1 64
1 0 
0 
sp 1 1 1000000000 -1000000000 0 4 1 3 0 64
1 0 
0 
solvent 2 2 6 0 0 2 1 11 1 64
1 "none"
0 
sns 1 1 9.99999984307e+17 -9.99999984307e+17 0 2 1 0 1 64
1 251.713 
0 
sorient 2 2 0 0 0 2 1 0 1 64
1 "trans"
0 
sp1 1 1 1000000000 -1000000000 0 4 1 3 1 64
1 -21.6852943474 
0 
spostitle 2 2 0 0 0 4 1 3 1 64
1 ""
0 
spin 1 1 39 0 1 2 1 0 0 64
1 0 
0 
spinecho 4 2 4 0 0 2 1 0 1 64
1 "y"
2 "y" "n" 
ss 7 1 32767 -32768 0 2 1 0 1 64
1 2 
0 
spsi 1 1 1000000 -1000000 0 2 1 0 1 64
1 0 
0 
ss_o 7 1 32767 0 0 2 1 0 1 64
1 1 
0 
sw1 1 1 2000000 0 0 2 1 0 1 64
1 997.531110502 
0 
study 2 2 8 0 0 3 1 0 1 64
1 ""
0 
sslist 2 2 0 0 0 3 1 0 1 64
4 "gss"
"gss"
"gssi"
"gss"
0 
ssepi 7 1 32767 0 0 2 1 0 1 64
1 0 
0 
stheta 1 1 1000000 -1000000 0 2 1 0 1 64
1 0 
0 
sviblist 2 2 8 0 0 2 1 0 1 64
1 "dro,dpe,dsl,bvalue"
0 
studyid_ 2 2 8 0 0 2 1 0 1 64
1 "20080403_OVS01"
0 
sw 1 1 10000000 100 0 2 1 11 1 64
1 250000 
0 
t_array 2 2 0 0 0 3 1 1 1 64
1 ""
0 
sw3 1 1 2000000 0 0 2 1 0 1 64
1 0 
0 
sw2 1 1 2000000 0 0 2 1 0 1 64
1 0 
0 
tDELTA 3 1 14 14 14 2 1 8200 1 64
1 0.06 
0 
t_gap 1 1 1000000 -1000000 0 3 1 0 1 64
1 5 
0 
t_dgvox 2 2 0 0 0 4 1 0 1 64
1 ""
0 
t_lpe 1 1 1000000 -1000000 0 3 1 0 1 64
1 0 
0 
t_pss 1 1 1000000 -1000000 0 3 1 0 1 64
1 0 
0 
t_pos2 1 1 1000000 -1000000 0 3 1 0 1 64
1 0 
0 
t_mark 1 1 1000000 -1000000 0 3 1 0 1 64
1 0 
0 
t_lro 1 1 1000000 -1000000 0 3 1 0 1 64
1 0 
0 
t_lpe3 1 1 1000000 -1000000 0 3 1 0 1 64
1 0 
0 
t_phi 1 1 1000000 -1000000 0 3 1 0 1 64
1 0 
0 
t_ns 1 1 1000000 0 1 3 1 1 1 64
1 3 
0 
t_pos1 1 1 1000000 -1000000 0 3 1 0 1 64
1 0 
0 
t_ppe3 1 1 1000000 -1000000 0 3 1 0 1 64
1 0 
0 
t_ppe 1 1 1000000 -1000000 0 3 1 0 1 64
1 0 
0 
t_pos3 1 1 1000000 -1000000 0 3 1 0 1 64
1 0 
0 
t_ppe2 1 1 1000000 -1000000 0 3 1 0 1 64
1 0 
0 
t_psi 1 1 1000000 -1000000 0 3 1 0 1 64
1 0 
0 
t_pro 1 1 1000000 -1000000 0 3 1 0 1 64
1 0 
0 
tau2 3 1 14 14 14 2 1 8192 1 64
1 0 
0 
t_vtheta 1 1 1000000 -1000000 0 3 1 0 1 64
1 0 
0 
t_vox2 1 1 1000000 -1000000 0 3 1 0 1 64
1 0 
0 
t_thk 1 1 1000000 -1000000 0 3 1 0 1 64
1 0 
0 
t_theta 1 1 1000000 -1000000 0 3 1 0 1 64
1 0 
0 
t_vox1 1 1 1000000 -1000000 0 3 1 0 1 64
1 0 
0 
t_vphi 1 1 1000000 -1000000 0 3 1 0 1 64
1 0 
0 
t_vox3 1 1 1000000 -1000000 0 3 1 0 1 64
1 0 
0 
t_vpsi 1 1 1000000 -1000000 0 3 1 0 1 64
1 0 
0 
tau1 3 1 14 14 14 2 1 8192 1 64
1 0 
0 
tau 3 1 14 14 14 2 1 8192 1 64
1 0 
0 
tcrushfs 3 1 14 14 14 2 1 8192 1 64
1 0.002 
0 
tblip 3 1 14 14 14 2 1 8192 1 64
1 0 
0 
tbldbug 2 2 8 0 0 2 1 0 1 64
1 "y"
0 
tcrush 3 1 14 14 14 2 1 8192 1 64
1 0.002 
0 
tcrushmt 3 1 14 14 14 2 1 8192 1 64
1 0 
0 
tcrushfsat 3 1 14 14 14 2 1 8192 1 64
1 0 
0 
tcrushir 3 1 14 14 14 2 1 8192 0 64
1 0.001 
0 
tcrushsat 3 1 14 14 14 2 1 8192 1 64
1 0 
0 
tcrushro 3 1 14 14 14 2 1 8192 0 64
1 0.001 
0 
tcrushtag 3 1 14 14 14 2 1 8192 0 64
1 0.001 
0 
vorient 2 2 0 0 0 2 1 0 1 64
1 "trans"
0 
tpe2 3 1 14 14 14 2 1 8192 1 64
1 0 
0 
time_complete 2 2 8 0 0 2 1 0 1 64
1 "20080404T105811"
0 
theta2 1 1 1000000 -1000000 0 2 1 0 1 64
1 0 
0 
tflow 3 1 14 14 14 2 1 8192 1 64
1 0 
0 
temp 1 1 200 -150 0.1 2 1 8 0 64
1 29 
0 
te 3 1 14 14 14 2 1 8192 1 64
1 0.039372 
0 
tep 6 1 13 13 13 2 1 8192 1 64
1 60 
0 
th2d 1 1 1 1e-18 0 4 1 17 1 64
1 0.8 
0 
th 1 1 1000000000 0 0 4 1 1 1 64
1 0 
0 
theta 1 1 1000000 -1000000 0 2 1 8 1 64
1 0 
0 
thktitle 2 2 0 0 0 4 1 3 1 64
1 ""
0 
thkcon 1 1 1000000 -1000000 0 2 1 0 1 64
1 0 
0 
thk 1 1 1000000 -1000000 0 2 1 0 1 64
1 2 
0 
ti 3 1 14 14 14 2 1 8192 1 64
1 0.6 
0 
thkunit 2 2 0 0 0 2 1 8 1 64
1 ""
0 
ticks 1 1 1000000 0 1 2 1 1 1 64
1 0 
0 
time_submitted_local 2 2 8 0 0 2 1 0 1 64
1 "20080404T105808X10AMFriApr"
0 
time_run 2 2 8 0 0 2 1 0 1 64
1 "20080404T105808"
0 
time_plotted 2 2 8 0 0 3 1 0 1 64
1 ""
0 
time_exp 2 2 8 0 0 2 1 0 1 64
1 "1 sec"
0 
time_processed 2 2 8 0 0 3 1 0 1 64
1 ""
0 
time_saved 2 2 8 0 0 2 1 0 1 64
1 "20080404T150419"
0 
time_submitted 2 2 8 0 0 2 1 0 1 64
1 "20080404T105808"
0 
tm 3 1 14 14 14 2 1 8192 1 64
1 0.045 
0 
tin 2 2 1 0 0 2 1 2 1 64
1 "n"
3 "n" "w" "y" 
time_svfdate 2 2 8 0 0 2 1 0 1 64
1 "20080404T105808"
0 
tlt 1 1 1000000000 -1000000000 0 4 1 1 1 64
1 0 
0 
tof 5 1 7 7 7 2 1 8202 1 64
1 0 
0 
tn 2 2 4 0 0 2 1 8 1 64
1 "H1"
0 
tpe 3 1 14 14 14 2 1 8192 1 64
1 0.001002475 
0 
tr 3 1 14 14 14 2 1 8192 1 64
1 1 
0 
tpwr2f 7 1 32767 0 0 2 1 0 1 64
1 3673 
0 
tpwr1 1 1 17 17 17 2 1 8192 1 64
1 45 
0 
tped 3 1 14 14 14 2 1 8192 1 64
1 0.001004 
0 
tpe3 3 1 14 14 14 2 1 8192 1 64
1 0 
0 
tpwr 7 1 17 17 17 2 1 8192 1 64
1 38 
0 
tpwr2 1 1 17 17 17 2 1 8192 1 64
1 47 
0 
tpwr1f 7 1 32767 0 0 2 1 0 1 64
1 3896 
0 
tpwri 1 1 17 17 17 2 1 8192 1 64
1 47 
0 
tpwrfsat 7 1 63 -16 1 2 1 0 1 64
1 33 
0 
tpwr4 1 1 17 17 17 2 1 8192 1 64
1 0 
0 
tpwr3 1 1 17 17 17 2 1 8192 1 64
1 0 
0 
tpwr5 1 1 17 17 17 2 1 8192 1 64
1 0 
0 
tpwrfsatf 7 1 32767 0 0 2 1 0 1 64
1 3924 
0 
tpwrmt 7 1 63 -16 1 2 1 0 1 64
1 0 
0 
tpwrif 7 1 32767 0 0 2 1 0 1 64
1 3885 
0 
tpwrsat 7 1 63 -16 1 2 1 0 1 64
1 0 
0 
tpwrmtf 7 1 32767 0 0 2 1 0 1 64
1 0 
0 
tpwrsatf 7 1 32767 0 0 2 1 0 1 64
1 0 
0 
tspoil 3 1 14 14 14 2 1 8192 1 64
1 0.002 
0 
trise 3 1 14 14 14 2 1 8192 1 64
1 0.0002 
0 
tramp 3 1 14 14 14 2 1 8192 1 64
1 0.0001 
0 
trace 2 2 2 0 0 4 1 3 1 64
1 "f1"
2 "f1" "f2" 
trelax 3 1 14 14 14 2 1 8192 1 64
1 0 
0 
tror 3 1 14 14 14 2 1 8192 1 64
1 0.001004 
0 
troda 1 1 9.99999984307e+17 -9.99999984307e+17 0 2 1 0 1 64
1 0 
0 
vf 1 1 1000000000 0 0 4 1 3 1 64
1 206362.515123 
0 
username 2 2 8 0 0 2 1 0 1 64
1 "vnmr1"
0 
tssr 3 1 14 14 14 2 1 8192 1 64
1 0.000272 
0 
verbose 4 2 0 0 0 2 1 0 1 64
1 "n"
0 
volnv2 7 1 32767 0 0 2 1 0 1 64
1 0 
0 
vo 1 1 500 -500 0 4 1 1 1 64
1 8.57142857143 
0 
vloc_ 2 2 8 0 0 2 1 8 1 64
1 "C7"
0 
volumercv 2 2 8 0 0 2 1 0 1 64
1 "y"
0 
volumexmt 2 2 8 0 0 2 1 0 1 64
1 "y"
0 
xz 7 1 19 19 19 2 1 8192 1 64
1 0 
0 
wf 1 1 8190 0 1e-07 4 1 3 1 64
1 0.000252 
0 
vs2d 1 1 1000000000 1e-06 0 4 1 3 1 64
1 136.898674639 
0 
vphi 1 1 1000000 -1000000 0 2 1 0 1 64
1 0 
0 
voxtitle 2 2 0 0 0 4 1 3 1 64
1 ""
0 
vox2 1 1 1000000 -1000000 0 2 1 0 1 64
1 10 
0 
vox1 1 1 1000000 -1000000 0 2 1 0 1 64
1 10 
0 
vox3 1 1 1000000 -1000000 0 2 1 0 1 64
1 10 
0 
vpf 1 1 500 -500 0 4 1 0 1 64
1 0 
0 
vp 7 1 500 -500 0.1 4 1 3 1 64
1 57.1841139484 
0 
vpfi 1 1 500 -500 0 4 1 0 1 64
1 0 
0 
vpsi 1 1 1000000 -1000000 0 2 1 0 1 64
1 0 
0 
vpostitle 2 2 0 0 0 4 1 3 1 64
1 ""
0 
vproto_ 2 2 8 0 0 2 1 0 1 64
1 ""
0 
vs 1 1 1000000000 1e-06 0 4 1 3 1 64
1 0.0869619256922 
0 
vrack_ 7 1 5 1 0 2 1 0 1 64
1 1 
0 
wbs 2 2 6 0 0 3 1 3 1 64
1 ""
0 
vtheta 1 1 1000000 -1000000 0 2 1 0 1 64
1 0 
0 
vsproj 1 1 1000000000 1e-06 0 4 1 3 1 64
1 871.140709277 
0 
vs2dscale 1 1 9.99999984307e+17 -9.99999984307e+17 0 2 1 0 1 64
1 6093.06885406 
0 
vtc 1 1 255 0 1 2 1 2 1 64
1 25 
0 
vtwait 3 1 14 14 14 2 1 8194 1 64
1 300 
0 
vzone_ 7 1 15 1 0 2 1 0 1 64
1 1 
0 
weight 1 1 9.9e+17 0 0.001 2 1 0 1 64
1 0 
0 
wc2 1 1 4 4 4 4 1 8195 1 64
1 65 
0 
wc 1 1 2 2 2 4 1 8203 1 64
1 180 
0 
wdone 2 2 8 0 0 3 1 0 1 64
1 "xmwexp"
0 
wexp 2 2 6 0 0 3 1 3 1 64
1 "abortoff procplot save acqWexp aborton"
0 
werr 2 2 6 0 0 3 1 3 1 64
1 "xmwerr"
0 
wtfile 2 2 15 0 0 3 1 1 1 64
1 ""
0 
wp1 1 1 100000 0 0 4 1 3 1 64
1 997.531110502 
0 
wnt 2 2 6 0 0 3 1 3 1 64
1 "aipDeleteData recon_all wnt=`recon_all('acq')`"
0 
wf1 1 1 9.99999984307e+17 -9.99999984307e+17 0 4 1 0 1 64
1 0.063155925 
0 
wp 1 1 5000000 0 0 4 1 11 1 64
1 250000 
0 
wsfrq 5 1 8 8 8 2 1 8192 1 64
1 0 
0 
ws 4 2 0 0 0 2 1 0 1 64
1 ""
0 
wshim 4 2 4 0 0 2 1 1 1 64
1 "n"
15 "e" "f" "g" "n" "s" "0" "1" "2" "3" "4" "5" "6" "7" "8" "9" 
x3 7 1 19 19 19 2 1 8192 1 64
1 0 
0 
x1 7 1 19 19 19 2 1 8192 1 64
1 -300 
0 
wtfile1 2 2 15 0 0 3 2 1 1 64
1 ""
0 
x2y2 7 1 19 19 19 2 1 8192 1 64
1 0 
0 
xdiag 1 1 1e+18 0 0 4 1 17 1 64
1 0 
0 
x4 7 1 19 19 19 2 1 8192 1 64
1 0 
0 
xy 7 1 19 19 19 2 1 8192 1 64
1 0 
0 
z3 7 1 19 19 19 2 1 8192 1 64
1 -323 
0 
z1 7 1 19 19 19 2 1 8192 1 64
1 0 
0 
y4 7 1 19 19 19 2 1 8192 1 64
1 0 
0 
y1 7 1 19 19 19 2 1 8192 1 64
1 970 
0 
xz2 7 1 19 19 19 2 1 8192 1 64
1 0 
0 
y3 7 1 19 19 19 2 1 8192 1 64
1 0 
0 
yz2 7 1 19 19 19 2 1 8192 1 64
1 0 
0 
yz 7 1 19 19 19 2 1 8192 1 64
1 0 
0 
z0_ 1 1 19 19 19 2 1 73744 1 64
1 0 
0 
z2x2y2 7 1 19 19 19 2 1 8192 1 64
1 0 
0 
z2 7 1 19 19 19 2 1 8192 1 64
1 0 
0 
z1c 7 1 19 19 19 2 1 8192 1 64
1 -1130 
0 
z2c 7 1 19 19 19 2 1 8192 1 64
1 3330 
0 
z2xy 7 1 19 19 19 2 1 8192 1 64
1 0 
0 
z2x3 7 1 19 19 19 2 1 8192 1 64
1 0 
0 
z2y3 7 1 19 19 19 2 1 8192 1 64
1 0 
0 
z4xy 7 1 19 19 19 2 1 8192 1 64
1 0 
0 
z4 7 1 19 19 19 2 1 8192 1 64
1 165 
0 
z3x3 7 1 19 19 19 2 1 8192 1 64
1 0 
0 
z3x 7 1 19 19 19 2 1 8192 1 64
1 0 
0 
z3c 7 1 19 19 19 2 1 8192 1 64
1 0 
0 
z3x2y2 7 1 19 19 19 2 1 8192 1 64
1 0 
0 
z3y 7 1 19 19 19 2 1 8192 1 64
1 0 
0 
z3xy 7 1 19 19 19 2 1 8192 1 64
1 0 
0 
z3y3 7 1 19 19 19 2 1 8192 1 64
1 0 
0 
z4x 7 1 19 19 19 2 1 8192 1 64
1 0 
0 
z4c 7 1 19 19 19 2 1 8192 1 64
1 0 
0 
z4x2y2 7 1 19 19 19 2 1 8192 1 64
1 0 
0 
z7 7 1 19 19 19 2 1 8192 1 64
1 0 
0 
z5y 7 1 19 19 19 2 1 8192 1 64
1 0 
0 
z5 7 1 19 19 19 2 1 8192 1 64
1 -4 
0 
z4y 7 1 19 19 19 2 1 8192 1 64
1 0 
0 
z5x 7 1 19 19 19 2 1 8192 1 64
1 0 
0 
z6 7 1 19 19 19 2 1 8192 1 64
1 0 
0 
zx2y2 7 1 19 19 19 2 1 8192 1 64
1 0 
0 
zero 1 1 1e+17 -1e+17 0 3 1 39 1 64
1 0 
0 
z8 7 1 19 19 19 2 1 8192 1 64
1 0 
0 
zxy 7 1 19 19 19 2 1 8192 1 64
1 0 
0 
zx3 7 1 19 19 19 2 1 8192 1 64
1 0 
0 
zy3 7 1 19 19 19 2 1 8192 1 64
1 0 
0 
