nt 7 1 1000000000 1 1 2 1 2 1 64
1 4 
0 
execplot 2 2 8 0 0 4 1 0 0 64
1 ""
0 
cp 2 2 1 0 0 2 1 0 1 64
1 "n"
2 "y" "n" 
alock 2 2 8 0 0 2 1 0 1 64
1 "n"
5 "a" "n" "s" "u" "y" 
aXhx 1 1 4095 0 0 2 1 0 1 64
1 2000 
0 
MinSW 2 2 8 0 0 3 1 0 1 64
1 "off"
4 "off" "auto" "manual" "skip" 
Gmap 2 2 8 0 0 2 1 1 1 64
1 "lk"
0 
Archive2 2 2 8 0 0 2 1 0 1 64
1 ""
0 
ACQtime 7 1 100000000 0 1 2 1 256 1 64
1 0 
0 
Archive1 2 2 8 0 0 2 1 0 1 64
1 ""
0 
BPautonoisecheck 1 1 9.99999984307e+17 -9.99999984307e+17 0 2 1 16384 1 64
1 0 
0 
BPclassic 2 2 8 0 0 2 1 16384 1 64
1 "n"
0 
H1reffrq 1 1 9.99999984307e+17 -9.99999984307e+17 0 2 1 0 1 64
1 699.698796915 
0 
Gmapname 2 2 8 0 0 2 1 1 1 64
1 ""
0 
Hseq 4 2 4 0 0 2 1 0 1 64
1 "spinal"
0 
aH90 1 1 4095 0 0 2 1 0 1 64
1 2000 
0 
PFGflg 4 2 4 0 0 2 1 0 1 64
1 "n"
0 
REQexp 2 2 8 0 0 4 1 256 1 64
2 ""
"ignore"
0 
aHspinal 1 1 4095 0 0 2 1 0 1 64
1 2000 
0 
aHhx 1 1 4095 0 0 2 1 0 1 64
1 2000 
0 
aHdumbo 1 1 4095 0 0 2 1 16384 1 64
1 2000 
0 
aHtppm 1 1 4095 0 0 2 1 0 1 64
1 2000 
0 
aX90 1 1 4095 0 0 2 1 0 1 64
1 2000 
0 
actionid 2 2 8 0 0 4 1 0 1 64
1 "null"
0 
acqdim 7 1 32767 0 0 2 1 0 1 64
1 1 
0 
aZ90 1 1 4095 0 0 2 1 0 1 64
1 2000 
0 
aY90 1 1 4095 0 0 2 1 0 1 64
1 2000 
0 
acqcycles 1 1 9.99999984307e+17 -9.99999984307e+17 0 2 1 0 1 64
1 1 
0 
acqstatus 7 1 32767 0 0 2 1 0 1 64
2 17 1 
0 
adirtmplt 2 2 8 0 0 2 1 0 1 64
1 ""
0 
ad 6 1 8192 0 0.0125 2 1 0 1 64
1 4 
0 
adir2tmplt 2 2 8 0 0 2 1 0 1 64
1 ""
0 
aig 2 2 2 0 0 4 1 1 1 64
1 "ai"
2 "nm" "ai" 
alfa 6 1 13 13 13 2 1 8194 1 64
1 4 
0 
bHX 1 1 1000000 1e-06 0 2 1 0 1 64
1 1e-06 
0 
arrayelemts 1 1 9.99999984307e+17 -9.99999984307e+17 0 2 1 0 1 64
1 0 
0 
apptype 2 2 8 0 0 2 1 1 1 64
1 "solidsseq1d"
0 
ap 2 2 1023 0 0 4 1 2 1 64
1 "1:SAMPLE:date,file;1:ACQUISTION:sw:1,at:6,np:0,d1:6,nt:0,ct:0,bs:0,ss:0,rd:1,ad:1,ddrtc:1,rof3(rof3):1,gain:0,roff:1,temp:3,srate:3;1:cpHX:shHX,chHX,aHhx:3,aXhx:3,bHX:6,dHX:3,tHX:1,ofHX:1;1(Hseq='tppm'):tppmH:aHtppm:3,pwHtppm:1,phHtppm:3;1(Hseq='spinal'):spinalH:aHspinal:3,pwHspinal:1,phHspinal:3;1:dumboH:aHdumbo:3,pwHdumbo:1,nHdumbo:0,ofHdumbo:1;"
0 
ampmode 4 2 4 0 0 2 1 0 1 64
1 "dppp"
0 
array 2 2 256 0 0 2 1 1 1 64
1 ""
0 
archivedir 2 2 8 0 0 2 1 0 1 64
1 ""
0 
arraydim 7 1 32768 1 1 2 1 1 1 64
1 1 
0 
awc1 1 1 1 -1 0.001 3 1 1 0 64
1 0 
0 
avwdir 2 2 8 0 0 3 1 0 1 64
1 ""
0 
at 1 1 14 14 14 2 1 8203 1 64
1 0.01984 
0 
awc 1 1 1 -1 0.001 3 1 1 0 64
1 0 
0 
axisf 4 2 4 0 0 4 1 0 1 64
1 "s"
4 "m" "n" "s" "u" 
axis 2 2 8 0 0 2 1 16384 1 64
1 "p"
0 
chHspinal 2 2 8 0 0 2 1 16384 1 64
1 "dec"
0 
cf 7 1 32767 0 1 3 1 1 0 64
1 1 
0 
celem 1 1 9.99999984307e+17 -9.99999984307e+17 0 2 1 0 1 64
1 0 
0 
bs 7 1 32767 0 1 2 1 0 1 64
1 4 
0 
chHX 4 2 4 0 0 2 1 0 1 64
1 "fr"
0 
chHdumbo 2 2 8 0 0 2 1 16384 1 64
1 "dec"
0 
clearparams 2 2 8 0 0 2 1 16388 1 64
1 "axis frHX toHX chHtppm chHspinal chHdumbo "
0 
chHtppm 2 2 8 0 0 2 1 16384 1 64
1 "dec"
0 
concentration 1 1 9.99e+17 -9.99e+17 0 2 1 0 1 64
1 0 
0 
comment 2 2 8 0 0 3 1 0 1 64
1 ""
0 
console 2 2 8 0 0 2 1 0 1 64
1 ""
0 
dmg1 2 2 8 0 0 4 1 0 1 64
1 ""
4 "" "av1" "ph1" "pwr1" 
delta1 1 1 5000000 0 0 4 1 3 1 64
1 0 
0 
dataid 2 2 8 0 0 2 1 0 1 64
1 ""
0 
d1 3 1 14 14 14 2 1 8194 1 64
1 1 
0 
crf 1 1 9.99999984307e+17 -9.99999984307e+17 0 4 1 0 1 64
1 0 
0 
cr 1 1 10000000 -10000000 0 4 1 1 1 64
1 9680.2890625 
0 
cppauseflg 4 2 4 0 0 4 1 0 1 64
1 "n"
0 
cr1 1 1 1000000000 -1000000000 0 4 1 3 1 64
1 0 
0 
customflag 4 2 4 0 0 4 1 0 1 64
1 "n"
0 
ct 7 1 1000000000 0 1 2 1 2 1 64
1 0 
0 
cutoff 1 1 9.99999984307e+17 -9.99999984307e+17 0 4 1 0 0 64
1 200 
0 
dHX 1 1 4095 -4095 0 2 1 0 1 64
1 0 
0 
d2 3 1 14 14 14 2 3 8194 1 64
1 0 
0 
dcrmv 4 2 9.99999984307e+17 -9.99999984307e+17 0 4 1 0 1 64
1 "n"
2 "y" "n" 
date 2 2 9 0 0 2 1 1 1 64
1 "Apr  3 2006"
0 
dcg 2 2 3 0 0 4 1 1 1 64
1 "cdc"
2 "dc" "cdc" 
dec3wave 2 2 8 0 0 2 1 0 1 64
1 "g"
0 
ddrtc 6 1 8192 0 0.0125 2 1 0 1 64
1 8 
0 
dec2wave 2 2 8 0 0 2 1 0 1 64
1 "g"
0 
decwave 2 2 8 0 0 2 1 0 1 64
1 "g"
0 
delta 1 1 5000000 0 0 4 1 1 1 64
1 4033.78442383 
0 
dgs 2 2 1023 0 0 4 1 2 1 64
5 "1:AXIAL SHIMS:z1:0,z2:0,z3:0,z4:0,z5:0,z6:0,z7:0;"
"2:NON AXIAL SHIMS:x1:0,y1:0,xz:0,yz:0,xy:0,x2y2:0,x3:0,y3:0,xz2:0,yz2:0,zxy:0,zx2y2:0,z3x:0,z3y:0;"
"3:NON AXIAL SHIMS:z2x2y2:0,z2xy:0,zx3:0,zy3:0,z4x:0,z4y:0;"
"4:AUTOMATION:method,wshim,load,,spin:0,gain:0,alock,loc:0;"
"4:SPECIAL:temp;"
0 
dg1 2 2 1023 0 0 4 1 2 1 64
1 "1:DISPLAY:sp:1,wp:1,vs:0;1:REFERENCE:rfl:1,rfp:1,cr:1,delta:1;1:PHASE:lp:1,rp:1,rp1(ni):1,lp1(ni):1;2:CHART:sc:0,wc:0,hzmm:2,vp:0,axis,pltmod,,th:0,,ho:2,vo:2,,trace:2;3(ni):2D:sp1:1,wp1:1,sc2:0,wc2:0,rfl1:1,rfp1:1;3:FLAGS:aig*,dcg*,dmg*;3:FID:sf:3,wf:3,vf:0;4:INTEGRAL:intmod,is:2,ins:3,io:0,,lvl:3,tlt:3;"
0 
dfrq2 1 1 1000000000 0 0 2 1 9 1 64
1 70.9068119 
0 
deltaf 1 1 100 0 0 4 1 0 1 64
1 0 
0 
dfrq 5 1 1000000000 -1000000000 0 2 1 8 1 64
1 699.7022954 
0 
dfrq3 1 1 1000000000 0 0 2 1 9 1 64
1 658.3014097 
0 
dg 2 2 1023 0 0 4 1 2 1 64
1 "1:ACQUISTION:sw:1,at:6,np:0,d1:6,nt:0,ct:0,bs:0,ss:0,rd:1,ad:1,ddrtc:1,rof3(rof3):1,gain:0,roff:1,temp:3,srate:3;1:cpHX:shHX,chHX,aHhx:3,aXhx:3,bHX:6,dHX:3,tHX:1,ofHX:1;1(Hseq='tppm'):tppmH:aHtppm:3,pwHtppm:1,phHtppm:3;1(Hseq='spinal'):spinalH:aHspinal:3,pwHspinal:1,phHspinal:3;1:dumboH:aHdumbo:3,pwHdumbo:1,nHdumbo:0,ofHdumbo:1;"
0 
dg2 2 2 8 0 0 4 1 0 1 64
1 "1:OBSERVE:tn,sfrq:6,tof:1,tpwr:1,aX90:3,pwX90:1;1:1D Acquisition:sw:1,np:0,at:7;2:DECOUPLE:dn,dfrq:6,dof:1,dpwr:1,aH90:3,pwH90:1;3:DECOUPLE2:dn2,dfrq2:6,dof2:1,dpwr2:1,aY90:3,pwY90:1;4:DECOUPLE3:dn3,dfrq3:6,dof3:1,dpwr3:1,aZ90:3,pwZ90:1;"
0 
dglp 2 2 8 0 0 4 1 3 1 64
1 "1(lpfilt):LP:lpalg,lpopt,lpfilt:0,lpnupts:0,strtlp:0,lpext:0,strtext:0;2(lpfilt1):LP 1:lpalg1,lpopt1,lpfilt1:0,lpnupts1:0,strtlp1:0,lpext1:0,strtext1:0;3(lpfilt2):LP 2:lpalg2,lpopt2,lpfilt2:0,lpnupts2:0,strtlp2:0,lpext2:0,strtext2:0;4:LP OUTPUT:lpprint(lpfilt):0,lptrace(lpfilt):0,lpprint1(lpfilt1):0,lptrace1(lpfilt1):0,lpprint2(lpfilt2):0,lptrace2(lpfilt2):0;"
0 
dlp 7 1 10 10 10 2 1 8194 0 64
1 10 
0 
dhp 1 1 9 9 9 2 1 8192 0 64
1 43 
0 
displaymode 4 2 9.99999984307e+17 -9.99999984307e+17 0 4 1 0 1 64
1 "r"
0 
dmf 7 1 11 11 11 2 1 8194 1 64
1 9900 
0 
dm2 4 2 4 0 0 2 1 0 1 64
1 "n"
4 "a" "n" "s" "y" 
dm 4 2 4 0 0 2 1 0 1 64
1 "n"
4 "a" "n" "s" "y" 
dm3 4 2 4 0 0 2 1 0 1 64
1 "n"
4 "a" "n" "s" "y" 
dmf3 7 1 2000000 1 0 2 1 2 1 64
1 10000 
0 
dmf2 7 1 2000000 1 0 2 1 2 1 64
1 10000 
0 
dmg 2 2 2 0 0 4 1 3 1 64
1 "ph"
0 
dpwr 1 1 63 -37 0.5 2 1 2 1 64
1 54 
0 
dn3 2 2 8 0 0 2 1 8 1 64
1 "F19"
0 
dmm3 4 2 4 0 0 2 1 0 1 64
1 "c"
9 "c" "f" "g" "m" "p" "r" "u" "w" "x" 
dmm2 4 2 4 0 0 2 1 0 1 64
1 "c"
9 "c" "f" "g" "m" "p" "r" "u" "w" "x" 
dmm 4 2 4 0 0 2 1 0 1 64
1 "c"
9 "c" "f" "g" "m" "p" "r" "u" "w" "x" 
dn2 2 2 8 0 0 2 1 8 1 64
1 "N15"
0 
dn 2 2 4 0 0 2 1 8 1 64
1 "H1"
0 
dn2ref 2 2 8 0 0 4 1 1 1 64
1 ""
0 
dn2shapes 2 2 8 0 0 2 1 256 1 64
3 ""
""
""
0 
dof 5 1 8 8 8 2 1 8202 1 64
1 0 
0 
dnref 2 2 8 0 0 4 1 1 1 64
1 ""
0 
dn3shapes 2 2 8 0 0 2 1 256 1 64
3 ""
""
""
0 
dn3ref 2 2 8 0 0 4 1 1 1 64
1 ""
0 
dn4ref 2 2 8 0 0 4 1 1 1 64
1 ""
0 
dnshapes 2 2 8 0 0 2 1 256 1 64
3 ""
""
""
0 
dod 3 1 14 14 14 2 1 8194 1 64
1 0.00999999977648 
0 
dof3 5 1 20 20 20 2 1 8202 1 64
1 0 
0 
dof2 5 1 16 16 16 2 1 8202 1 64
1 0 
0 
dotflag 2 2 8 0 0 4 1 0 1 64
1 "n"
2 "n" "y" 
dp 2 2 1 0 0 2 1 0 1 64
1 "y"
2 "y" "n" 
dres3 7 1 360 1 0 2 1 0 1 64
1 1 
0 
dreffrq 1 1 9.99999984307e+17 -9.99999984307e+17 0 2 1 0 1 64
1 699.698796915 
0 
dpwr3 1 1 63 -37 0.5 2 1 2 1 64
1 54 
0 
dpwr2 1 1 63 -37 0.5 2 1 2 1 64
1 54 
0 
dres 7 1 360 1 0 2 1 0 1 64
1 90 
0 
dreffrq2 1 1 9.99999984307e+17 -9.99999984307e+17 0 2 1 0 1 64
1 70.926836745 
0 
dreffrq3 1 1 9.99999984307e+17 -9.99999984307e+17 0 2 1 0 1 64
1 658.374662936 
0 
dres2 7 1 360 1 0 2 1 0 1 64
1 1 
0 
dseq3 2 2 8 0 0 2 1 0 1 64
1 ""
0 
dseq 2 2 8 0 0 2 1 0 1 64
1 ""
0 
dseq2 2 2 8 0 0 2 1 0 1 64
1 ""
0 
emailaddr 2 2 8 0 0 4 1 0 1 64
1 ""
0 
email_ 2 2 8 0 0 2 1 0 1 64
1 ""
0 
emailwhen 2 2 8 0 0 2 1 0 1 64
1 ""
0 
emessage 4 2 4 0 0 2 1 0 1 64
1 "n"
0 
ins2 1 1 9.99999984307e+17 -9.99999984307e+17 0 4 1 0 1 64
1 1 
0 
gfs1 1 1 1000 -1000 0.001 3 1 1 0 64
1 0 
0 
filter 7 1 1000000000 0 1 2 1 2 1 64
1 44.0999984741 
0 
exppath 2 2 8 0 0 2 1 0 1 64
1 "/export/home/nmruser9/vnmrsys/exp7/acqfil"
0 
execprocess 2 2 8 0 0 4 1 0 0 64
1 ""
0 
execprescan 2 2 8 0 0 4 1 0 0 64
1 ""
0 
execprep 2 2 8 0 0 4 1 0 0 64
1 ""
0 
execsetup 2 2 8 0 0 4 1 0 1 64
1 "solidsseq1d('setup')"
0 
explist 2 2 8 0 0 2 1 256 1 64
1 ""
0 
fdfdir 2 2 8 0 0 3 1 0 1 64
1 ""
0 
faculty 2 2 8 0 0 2 1 0 1 64
1 ""
0 
f2SW 2 2 8 0 0 2 1 1 1 64
1 ""
0 
f1SW 2 2 8 0 0 2 1 1 1 64
1 ""
0 
fb 7 1 6 6 6 2 1 8203 1 64
1 13800 
0 
fidid 2 2 8 0 0 2 1 0 1 64
1 ""
0 
fdffile 2 2 8 0 0 3 1 0 1 64
1 ""
0 
file 2 2 6 0 0 2 1 3 1 64
1 "/home/nmruser5/vnmrsys/parlib/Settancpx.par"
0 
ftproc 1 1 9.99999984307e+17 -9.99999984307e+17 0 3 1 256 1 64
2 1 0 
0 
fpmult 1 1 1000000000 0 0 3 1 0 0 64
1 1 
0 
fn 7 1 524288 64 -2 3 1 1 0 64
1 65536 
0 
fn1 7 1 524288 64 -2 3 1 1 1 64
1 1024 
0 
fpmult1 1 1 1000000000 0 0 3 2 0 0 64
1 0.5 
0 
frHX 2 2 8 0 0 2 1 16384 1 64
1 "dec"
0 
gf 1 1 100000 0 0 3 1 1 0 64
1 0.10000000149 
0 
gain 1 1 60 0 2 2 1 0 1 64
1 30 
0 
fzoom 7 1 32767 0 0 4 1 0 1 64
1 0 
0 
gain2 1 1 60 0 2 2 1 1 1 64
1 30 
0 
gf1 1 1 100000 0 0 3 1 1 0 64
1 1 
0 
gfs 1 1 1000 -1000 0.001 3 1 1 0 64
1 0 
0 
hs 4 2 4 0 0 2 1 0 1 64
1 "nn"
2 "n" "y" 
ho 1 1 500 -500 0 4 1 1 1 64
1 -135.833328247 
0 
hdof 5 1 7 7 7 2 1 8194 1 64
1 0 
0 
gxppars 2 2 8 0 0 2 1 0 1 64
1 ""
0 
hdpwr 7 1 49 -16 1 2 1 2 1 64
1 1 
0 
homo2 4 2 4 0 0 2 1 0 1 64
1 "n"
2 "n" "y" 
homo 2 2 8 0 0 2 1 8 1 64
1 "n"
2 "n" "y" 
homo3 4 2 4 0 0 2 1 0 1 64
1 "n"
2 "n" "y" 
hzmm 1 1 1000000000 -1000000000 0 4 1 11 1 64
1 126.582278481 
0 
hst 3 1 0.02 0 2.5e-08 2 3 2 1 64
1 0.0001 
0 
hsrotor 4 2 4 0 0 2 1 0 1 64
1 ""
0 
il 2 2 1 0 0 2 1 0 1 64
1 "n"
2 "y" "n" 
ident 2 2 8 0 0 3 1 0 1 64
1 ""
0 
ins 3 1 8190 0 1e-07 4 1 3 1 64
1 100 
0 
in 4 2 1 0 0 2 1 0 1 64
1 "n"
3 "n" "w" "y" 
load 2 2 4 0 0 2 1 3 1 64
1 "n"
2 "y" "n" 
io 1 1 500 -500 0.1 4 1 1 1 64
1 10 
0 
intmod 2 2 8 0 0 4 1 0 1 64
1 "off"
3 "off" "partial" "full" 
insref 1 1 9.99999984307e+17 -9.99999984307e+17 0 4 1 0 0 64
1 1 
0 
ins2ref 1 1 9.99999984307e+17 -9.99999984307e+17 0 4 1 0 1 64
1 1 
0 
intstd 2 2 8 0 0 2 1 0 1 64
1 ""
0 
investigator 2 2 8 0 0 2 1 0 1 64
1 ""
0 
lb1 1 1 100000 -100000 0 3 1 1 1 64
1 0 
0 
iswt 1 1 9.99999984307e+17 -9.99999984307e+17 0 2 1 0 1 64
1 0 
0 
is 1 1 1000000000 1e-06 0 4 1 3 1 64
1 500 
0 
lb 1 1 100000 -100000 0 3 1 1 1 64
1 0 
0 
layout 2 2 8 0 0 2 1 0 1 64
1 "tancpxdumbo"
0 
lifrq 1 1 1000000000 -1000000000 0 4 1 0 0 64
1 0 
0 
liamp 1 1 1000000000 0 0 4 1 0 0 64
1 0 
0 
llamp 1 1 1000000000 0 0 4 1 0 0 64
1 0 
0 
llfrq 1 1 1000000000 -1000000000 0 4 1 0 0 64
1 0 
0 
lsfrq 1 1 9.99999984307e+17 -9.99999984307e+17 0 3 1 0 0 64
1 0 
0 
lpfilt 7 1 32767 1 1 3 1 0 1 64
1 32 
0 
lp1 1 1 10000000 -10000000 0.1 4 1 3 1 64
1 0 
0 
lot 2 2 8 0 0 2 1 0 1 64
1 ""
0 
locdir 2 2 8 0 0 2 1 0 1 64
1 ""
0 
loc_ 7 1 12 12 12 2 1 8201 0 64
1 0 
0 
longlist 2 2 8 0 0 2 1 256 1 64
1 ""
0 
lp 1 1 10000000 -10000000 0.1 4 1 3 1 64
1 -133.314819336 
0 
lpalg1 2 2 8 0 0 3 1 0 1 64
1 "lpfft"
0 
lpalg 2 2 8 0 0 3 1 0 1 64
1 "lpfft"
0 
lpext 7 1 1000000 0 1 3 1 0 1 64
1 1 
0 
lpext1 7 1 1000000 0 1 3 1 0 1 64
1 1 
0 
lpopt 2 2 8 0 0 3 1 0 1 64
1 "b"
0 
lpnupts 7 1 1000000 1 1 3 1 0 1 64
1 64 
0 
lpfilt1 7 1 32767 1 1 3 1 0 1 64
1 32 
0 
lpnupts1 7 1 1000000 1 1 3 1 0 1 64
1 64 
0 
lptrace 7 1 32767 0 1 3 1 0 1 64
1 0 
0 
lpprint 7 1 63 0 1 3 1 0 1 64
1 0 
0 
lpopt1 2 2 8 0 0 3 1 0 1 64
1 "b"
0 
lpprint1 7 1 63 0 1 3 1 0 1 64
1 0 
0 
lsfid 7 1 64000 -64000 1 3 1 0 0 64
1 0 
0 
lptrace1 7 1 32767 0 1 3 1 0 1 64
1 0 
0 
n1 2 2 6 0 0 4 1 3 1 64
1 ""
0 
math 2 2 1 0 0 3 1 3 1 64
1 "f"
3 "d" "f" "i" 
lvl 1 1 1000000000 -1000000000 0 4 1 1 1 64
1 0 
0 
lsfrq1 1 1 9.99999984307e+17 -9.99999984307e+17 0 3 1 0 0 64
1 0 
0 
macro 2 2 6 0 0 4 1 3 1 64
1 ""
0 
method 2 2 6 0 0 2 1 3 1 64
1 "z1z2"
0 
modules 2 2 8 0 0 2 1 1 1 64
1 ""
0 
nameprefix 2 2 8 0 0 2 1 9 1 64
1 "Ethylindanone"
0 
n3 2 2 6 0 0 4 1 3 1 64
1 ""
0 
n2 2 2 6 0 0 4 1 3 1 64
1 ""
0 
name 2 2 8 0 0 3 1 0 1 64
1 ""
0 
nHdumbo 1 1 10000000 -10000000 1 2 1 16384 1 64
1 1 
0 
notebook 2 2 8 0 0 2 1 0 1 64
1 ""
0 
newmodules 2 2 8 0 0 2 1 1 1 64
1 ""
0 
np 7 1 524288 32 2 2 1 11 1 64
1 1984 
0 
spin 1 1 25000 0 1 2 1 0 0 64
1 16 
0 
r1 1 1 1e+18 -1e+18 0 4 1 1 1 64
1 0 
0 
proc1 2 2 10 0 0 3 2 1 1 64
1 "ft"
0 
phfid 1 1 3600 -3600 0.1 3 1 0 0 64
1 0 
0 
pad 3 1 14 14 14 2 1 8194 1 64
1 0 
0 
operator_ 2 2 128 0 0 2 1 0 1 64
1 "nmruser9"
0 
ofHX 5 1 1000000000 -1000000000 0 2 1 0 1 64
1 0 
0 
obsSW 2 2 8 0 0 2 1 1 1 64
1 ""
0 
ofHdumbo 5 1 1000000000 -1000000000 0 2 1 16384 1 64
1 0 
0 
p1 6 1 13 13 13 2 1 8194 1 64
1 0 
0 
phHspinal 1 1 360 -360 0 2 1 0 1 64
1 0 
0 
parlabel 2 2 8 0 0 2 1 1 1 64
1 ""
0 
page 2 2 8 0 0 2 1 0 1 64
1 ""
0 
parversion 1 1 9.99999984307e+17 -9.99999984307e+17 0 2 1 0 1 64
1 5.1 
0 
phHtppm 1 1 360 -360 0 2 1 0 1 64
1 0 
0 
position1 2 2 8 0 0 3 1 0 1 64
1 ""
0 
pltmod 2 2 8 0 0 4 1 0 1 64
1 "off"
5 "off" "fixed" "full" "variable" "user" 
phfid1 1 1 3600 -3600 0.1 3 1 0 0 64
1 0 
0 
plocklist 2 2 8 0 0 2 1 1 1 64
1 ""
0 
pmode 2 2 8 0 0 3 1 0 1 64
1 "full"
0 
pltopt 4 2 4 0 0 2 1 0 1 64
1 "y"
0 
preacq 6 1 13 13 13 2 1 8192 0 64
1 0 
0 
pp 6 1 8190 0 1e-07 2 1 2 1 64
1 46.4000053406 
0 
position2 2 2 8 0 0 3 1 0 1 64
1 ""
0 
pplvl_cf 1 1 9.99999984307e+17 -9.99999984307e+17 0 2 1 0 1 64
1 1 
0 
pplvl 1 1 63 -16 1 2 1 0 1 64
1 55 
0 
prcopt 4 2 4 0 0 2 1 0 1 64
1 "y"
0 
priority 7 1 32768 0 1 2 1 0 1 64
1 5 
0 
prescan 2 2 8 0 0 3 1 256 1 64
11 "Not done"
"Not done"
"off"
"off"
"off"
"off"
"off"
"on"
"off"
""
""
0 
proc 2 2 10 0 0 3 1 1 1 64
1 "ft"
0 
pwX90 6 1 8192 0 0.0125 2 1 0 1 64
1 4 
0 
pwH90 6 1 8192 0 0.0125 2 1 0 1 64
1 4 
0 
pslabel 2 2 8 0 0 2 1 11 1 64
1 "tancpxdumbo"
0 
processid 1 1 9.99999984307e+17 -9.99999984307e+17 0 2 1 0 1 64
1 0 
0 
procdim 7 1 32767 0 0 3 1 0 1 64
1 0 
0 
protocols 2 2 8 0 0 3 1 0 1 64
1 ""
0 
pw 6 1 13 13 13 2 1 8194 1 64
1 5.99999904633 
0 
pw90 6 1 13 13 13 2 1 8194 1 64
1 0 
0 
pwHspinal 6 1 8192 0 0.0125 2 1 0 1 64
1 8 
0 
pwHdumbo 6 1 8192 0 0.0125 2 1 16384 1 64
1 48 
0 
pwHtppm 6 1 8192 0 0.0125 2 1 0 1 64
1 8 
0 
pwx 6 1 13 13 13 2 1 8192 1 64
1 15 
0 
pwZ90 6 1 8192 0 0.0125 2 1 0 1 64
1 4 
0 
pwY90 6 1 8192 0 0.0125 2 1 0 1 64
1 4 
0 
pwx2lvl_cf 1 1 9.99999984307e+17 -9.99999984307e+17 0 2 1 0 1 64
1 1 
0 
pwx2lvl 1 1 63 -16 1 2 1 0 1 64
1 55 
0 
pwx2 6 1 13 13 13 2 1 8192 1 64
1 15 
0 
pwxlvl_cf 1 1 9.99999984307e+17 -9.99999984307e+17 0 2 1 0 1 64
1 1 
0 
pwxlvl 1 1 63 -16 1 2 1 0 1 64
1 55 
0 
queue 2 2 8 0 0 2 1 0 1 64
1 "dayQ"
0 
rof2 6 1 13 13 13 2 1 8194 1 64
1 4 
0 
reffrq 1 1 9.99999984307e+17 -9.99999984307e+17 0 4 1 0 1 64
1 175.939402424 
0 
r6 1 1 1e+18 -1e+18 0 4 1 1 1 64
1 0 
0 
r3 1 1 1e+18 -1e+18 0 4 1 1 1 64
1 0 
0 
r2 1 1 1e+18 -1e+18 0 4 1 1 1 64
1 0 
0 
r4 1 1 1e+18 -1e+18 0 4 1 1 1 64
1 0 
0 
r5 1 1 1e+18 -1e+18 0 4 1 1 1 64
1 0 
0 
rd 6 1 8192 0 0.0125 2 1 0 1 64
1 4 
0 
r7 1 1 1e+18 -1e+18 0 4 1 1 1 64
1 0 
0 
rcvrs 4 2 4 0 0 2 1 1 1 64
1 "y"
2 "n" "y" 
ref1 5 1 1000000000 -1000000000 0 3 5 0 1 64
1 0 
0 
ref 5 1 1000000000 -1000000000 0 3 4 0 1 64
1 0 
0 
rfl 1 1 1000000000 -1000000000 0 4 1 1 1 64
1 8325.72389876 
0 
refpos 1 1 9.99999984307e+17 -9.99999984307e+17 0 4 1 0 1 64
1 0 
0 
reffrq1 1 1 9.99999984307e+17 -9.99999984307e+17 0 4 1 0 1 64
1 599.7266774 
0 
retentiontime_ 2 2 8 0 0 2 1 0 1 64
1 ""
0 
researchgroup 2 2 8 0 0 2 1 0 1 64
1 ""
0 
rfband 4 2 4 0 0 2 1 0 1 64
1 "cccc"
3 "c" "h" "l" 
rfp1 1 1 1000000000 -1000000000 0 4 1 1 1 64
1 0 
0 
rfl1 1 1 1000000000 -1000000000 0 4 1 1 1 64
1 0 
0 
rfp 1 1 1000000000 -1000000000 0 4 1 1 1 64
1 0 
0 
rof1 6 1 13 13 13 2 1 8194 1 64
1 2 
0 
sc2 1 1 3 3 3 4 1 8195 1 64
1 100 
0 
sb 1 1 1000 -1000 0.001 3 1 0 0 64
1 0 
0 
samplename 2 2 8 0 0 2 1 8 1 64
1 "Ethylindanone"
0 
rp1 1 1 10000000 -10000000 0.1 4 1 3 1 64
1 0 
0 
rp 1 1 10000000 -10000000 0.1 4 1 3 1 64
1 150.989532471 
0 
roff 5 1 1000000000 -1000000000 0 2 1 16384 1 64
1 0 
0 
sample 2 2 8 0 0 2 1 1 1 64
1 ""
0 
satfrq 5 1 1000000000 -1000000000 0 2 1 0 1 64
1 0 
0 
sampwt 1 1 9.99999984307e+17 -9.99999984307e+17 0 2 1 0 1 64
1 0 
0 
sampleowner 2 2 8 0 0 2 1 0 1 64
1 ""
0 
satdly 3 1 14 14 14 2 1 8192 1 64
1 0 
0 
satpwr 1 1 63 -16 1 2 1 0 1 64
1 0 
0 
satmode 4 2 4 0 0 2 1 0 1 64
1 "n"
0 
saveshapes 2 2 8 0 0 2 1 256 1 64
1 ""
0 
sbs 1 1 1000 -1000 0.001 3 1 1 0 64
1 0 
0 
sb1 1 1 1000 -1000 0.001 3 1 1 0 64
1 0 
0 
sbs1 1 1 1000 -1000 0.001 3 1 1 0 64
1 0 
0 
sc 1 1 1 1 1 4 1 8195 1 64
1 5 
0 
sfrq 1 1 1000000000 0 0 2 1 11 1 64
1 175.9560767 
0 
seqfil 2 2 8 0 0 2 1 11 1 64
1 "tancpxdumbo"
0 
scoutinfo 2 2 8 0 0 2 1 256 1 64
1 ""
0 
scans 2 2 8 0 0 3 1 0 1 64
1 ""
0 
sdirtmplt 2 2 8 0 0 2 1 0 1 64
1 ""
0 
sf1 1 1 9.99999984307e+17 -9.99999984307e+17 0 4 1 0 1 64
1 0 
0 
sf 1 1 8190 0 1e-07 4 1 3 1 64
1 0 
0 
sn 1 1 1e+18 -1e+18 0 3 1 1 1 64
1 50 
0 
shHX 4 2 4 0 0 2 1 0 1 64
1 "c"
0 
shims 2 2 8 0 0 2 1 0 1 64
1 ""
0 
sp 1 1 1000000000 -1000000000 0 4 1 3 1 64
1 -8325.72389876 
0 
solvent 2 2 6 0 0 2 1 11 1 64
1 "cdcl3"
0 
sp1 1 1 1000000000 -1000000000 0 4 1 3 1 64
1 649.999938965 
0 
werr 2 2 6 0 0 3 1 3 1 64
1 ""
0 
tof 5 1 7 7 7 2 1 8202 1 64
1 0 
0 
time_exp 2 2 8 0 0 2 1 0 1 64
1 ""
0 
studystatus 2 2 8 0 0 2 1 0 1 64
1 "Empty"
0 
strtext1 7 1 1000000 1 1 3 1 0 1 64
1 1 
0 
ss 7 1 32767 -32768 0 2 1 0 1 64
1 0 
0 
srate 5 1 1000000000 -1000000000 0 2 1 0 1 64
1 5000 
0 
sreffrq 1 1 9.99999984307e+17 -9.99999984307e+17 0 2 1 0 1 64
1 175.939402424 
0 
sspul 4 2 4 0 0 2 1 0 1 64
1 "n"
0 
strtext 7 1 1000000 1 1 3 1 0 1 64
1 1 
0 
study 2 2 8 0 0 3 1 0 1 64
1 ""
0 
strtlp1 7 1 1000000 1 1 3 1 0 1 64
1 2 
0 
strtlp 7 1 1000000 1 1 3 1 0 1 64
1 2 
0 
strtpar 2 2 8 0 0 2 1 0 1 64
1 ""
0 
studyid_ 2 2 8 0 0 2 1 0 1 64
1 "tmpstudy"
0 
studyowner 2 2 8 0 0 2 1 0 1 64
1 "nmruser4"
0 
tHX 6 1 50000 0 0.0125 2 1 0 1 64
1 1000 
0 
svftmplt 2 2 8 0 0 2 1 0 1 64
1 ""
0 
studytime 1 1 9.99999984307e+17 -9.99999984307e+17 0 2 1 0 1 64
1 0 
0 
svfopt 4 2 4 0 0 2 1 0 1 64
1 "y"
0 
sw 1 1 5 5 5 2 1 8203 1 64
1 50000 
0 
th 1 1 1000000000 0 0 4 1 1 1 64
1 68.2866668701 
0 
temp 1 1 200 -150 0.1 2 1 8 1 64
1 28 
0 
text_string 2 2 8 0 0 4 1 256 1 64
1 ""
0 
time_complete 2 2 8 0 0 4 1 0 1 64
1 ""
0 
tin 2 2 1 0 0 2 1 2 1 64
1 "n"
3 "n" "w" "y" 
time_saved 2 2 8 0 0 4 1 0 1 64
1 "20130103T165420"
0 
time_processed 2 2 8 0 0 3 1 0 1 64
1 ""
0 
time_plotted 2 2 8 0 0 3 1 0 1 64
1 ""
0 
time_run 2 2 8 0 0 2 1 0 1 64
1 ""
0 
time_submitted 2 2 8 0 0 2 1 0 1 64
1 ""
0 
tn 2 2 4 0 0 2 1 8 1 64
1 "C13"
0 
tlt 1 1 1000000000 -1000000000 0 4 1 1 1 64
1 0 
0 
tnshapes 2 2 8 0 0 2 1 256 1 64
3 ""
""
""
0 
tnref 2 2 8 0 0 4 1 1 1 64
1 ""
0 
toHX 2 2 8 0 0 2 1 16384 1 64
1 "obs"
0 
vp 7 1 500 -500 0.1 4 1 3 1 64
1 0 
0 
vf 1 1 1000000000 0 0 4 1 3 1 64
1 1442.5345459 
0 
trace 2 2 2 0 0 4 1 3 1 64
1 "f1"
2 "f1" "f2" 
tpwr 1 1 63 -37 0.5 2 1 2 1 64
1 54 
0 
tpwr_cf 1 1 9.99999984307e+17 -9.99999984307e+17 0 2 1 0 1 64
1 1 
0 
user 2 2 9 0 0 2 1 1 1 64
1 " 1-14-87"
0 
tunemethod 2 2 8 0 0 2 1 0 1 64
1 "n"
0 
userplotter 2 2 8 0 0 4 1 0 1 64
1 ""
0 
vloc_ 2 2 8 0 0 2 1 8 1 64
1 "C7"
0 
vjdialog 2 2 8 0 0 4 1 256 1 64
1 ""
0 
vjdialogarg 2 2 8 0 0 4 1 256 1 64
1 ""
0 
vo 1 1 500 -500 0 4 1 1 1 64
1 0 
0 
volume 1 1 9.99999984307e+17 -9.99999984307e+17 0 2 1 0 1 64
1 0 
0 
vtc 1 1 250 -100 0.1 2 1 2 1 64
1 30 
0 
vs 1 1 1000000000 1e-06 0 4 1 3 1 64
1 3200 
0 
vpfi 1 1 500 -500 0 4 1 0 1 64
1 0 
0 
vpf 1 1 500 -500 0 4 1 0 1 64
1 0 
0 
vrack_ 7 1 5 1 0 2 1 0 1 64
1 1 
0 
vs2d 1 1 1000000000 1e-06 0 4 1 3 1 64
1 200 
0 
vsproj 1 1 1000000000 1e-06 0 4 1 3 1 64
1 200 
0 
wc 1 1 2 2 2 4 1 8203 1 64
1 395 
0 
vzone_ 7 1 15 1 0 2 1 0 1 64
1 1 
0 
vtwait 3 1 14 14 14 2 1 8194 1 64
1 1 
0 
wbs 2 2 6 0 0 3 1 3 1 64
1 ""
0 
wdone 2 2 8 0 0 3 1 0 1 64
1 ""
0 
wc2 1 1 4 4 4 4 1 8195 1 64
1 300 
0 
wds 2 2 8 0 0 3 1 0 1 64
1 ""
0 
y1 7 1 19 19 19 2 1 8192 1 64
1 -3289 
0 
wtfile1 2 2 15 0 0 3 2 1 1 64
1 ""
0 
wp1 1 1 100000 0 0 4 1 3 1 64
1 62.5000114441 
0 
wnt 2 2 6 0 0 3 1 3 1 64
1 ""
0 
wf 1 1 8190 0 1e-07 4 1 3 1 64
1 0.01984 
0 
wexp 2 2 6 0 0 3 1 3 1 64
1 ""
0 
wf1 1 1 9.99999984307e+17 -9.99999984307e+17 0 4 1 0 1 64
1 1.30048000813 
0 
wp 1 1 5000000 0 0 4 1 11 1 64
1 50000 
0 
wshim 4 2 4 0 0 2 1 1 1 64
1 "n"
15 "e" "f" "g" "n" "s" "0" "1" "2" "3" "4" "5" "6" "7" "8" "9" 
wqinit 2 2 8 0 0 4 1 0 1 64
1 ""
0 
wrtp 2 2 8 0 0 2 1 16384 1 64
1 "reset_dumbo"
0 
wstart 2 2 8 0 0 3 1 0 1 64
1 ""
0 
wtfile 2 2 15 0 0 3 1 1 1 64
1 ""
0 
x3 7 1 19 19 19 2 1 8192 1 64
1 -4195 
0 
x1 7 1 19 19 19 2 1 8192 1 64
1 -2535 
0 
wtune 4 2 4 0 0 2 1 0 1 64
1 "n"
11 "s" "t" "e" "i" "n" "o" "v" "1" "2" "3" "4" 
x2y2 7 1 19 19 19 2 1 8192 1 64
1 -661 
0 
xz 7 1 19 19 19 2 1 8192 1 64
1 6181 
0 
x4 7 1 19 19 19 2 1 8192 1 64
1 0 
0 
xy 7 1 19 19 19 2 1 8192 1 64
1 2151 
0 
xz2 7 1 19 19 19 2 1 8192 1 64
1 14318 
0 
z4 7 1 19 19 19 2 1 8192 1 64
1 -17258 
0 
z2c 7 1 19 19 19 2 1 8192 1 64
1 196 
0 
yz2 7 1 19 19 19 2 1 8192 1 64
1 15374 
0 
y4 7 1 19 19 19 2 1 8192 1 64
1 0 
0 
y3 7 1 19 19 19 2 1 8192 1 64
1 -7558 
0 
yz 7 1 19 19 19 2 1 8192 1 64
1 -1655 
0 
z1c 7 1 19 19 19 2 1 8192 1 64
1 -1044 
0 
z1 7 1 19 19 19 2 1 8192 1 64
1 11963 
0 
z2 7 1 19 19 19 2 1 8192 1 64
1 1672 
0 
z3c 7 1 19 19 19 2 1 8192 1 64
1 0 
0 
z2xy 7 1 19 19 19 2 1 8192 1 64
1 -32767 
0 
z2x2y2 7 1 19 19 19 2 1 8192 1 64
1 -20572 
0 
z2x3 7 1 19 19 19 2 1 8192 1 64
1 0 
0 
z3 7 1 19 19 19 2 1 8192 1 64
1 -633 
0 
z2y3 7 1 19 19 19 2 1 8192 1 64
1 0 
0 
z3x3 7 1 19 19 19 2 1 8192 1 64
1 0 
0 
z3x2y2 7 1 19 19 19 2 1 8192 1 64
1 0 
0 
z3x 7 1 19 19 19 2 1 8192 1 64
1 -7514 
0 
z3y 7 1 19 19 19 2 1 8192 1 64
1 512 
0 
z3xy 7 1 19 19 19 2 1 8192 1 64
1 0 
0 
z3y3 7 1 19 19 19 2 1 8192 1 64
1 0 
0 
z7 7 1 19 19 19 2 1 8192 1 64
1 0 
0 
z4y 7 1 19 19 19 2 1 8192 1 64
1 756 
0 
z4x 7 1 19 19 19 2 1 8192 1 64
1 5311 
0 
z4c 7 1 19 19 19 2 1 8192 1 64
1 0 
0 
z4x2y2 7 1 19 19 19 2 1 8192 1 64
1 0 
0 
z4xy 7 1 19 19 19 2 1 8192 1 64
1 0 
0 
z5x 7 1 19 19 19 2 1 8192 1 64
1 0 
0 
z5 7 1 19 19 19 2 1 8192 1 64
1 12263 
0 
z6 7 1 19 19 19 2 1 8192 1 64
1 1800 
0 
z5y 7 1 19 19 19 2 1 8192 1 64
1 0 
0 
zx2y2 7 1 19 19 19 2 1 8192 1 64
1 2383 
0 
z8 7 1 19 19 19 2 1 8192 1 64
1 0 
0 
zoom 7 1 32767 0 0 4 1 0 1 64
1 0 
0 
zxy 7 1 19 19 19 2 1 8192 1 64
1 9039 
0 
zx3 7 1 19 19 19 2 1 8192 1 64
1 2425 
0 
zy3 7 1 19 19 19 2 1 8192 1 64
1 -10185 
0 
