lb 1 1 100000 -100000 0 3 1 1 0 64
1 5 
0 
dres2 7 1 360 1 0 2 1 0 1 64
1 9 
0 
celem 1 1 9.99999984307e+17 -9.99999984307e+17 0 2 1 0 1 64
1 1 
0 
PR_nN 1 1 9.99999984307e+17 -9.99999984307e+17 0 2 1 0 1 64
1 1 
0 
PR_angles1_40 1 1 9.99999984307e+17 -9.99999984307e+17 0 2 1 0 1 64
40 0 90 90 51.99 8.392 18.311 69.306 76.266 41.077 62.806 27.964 32.102 61.834 83.943 53.272 65.802 63.99 50.605 84.236 73.681 73.393 73.118 74.615 18.69 58.266 84.344 84.177 51.027 56.336 84.916 40.084 84.525 43.834 28.693 84.302 31.179 39.549 62.046 45.169 72.215 
0 
CSthr 1 1 100 1 0.1 3 1 0 1 64
1 2 
0 
CSlines 7 1 32767 0 0 2 1 0 1 64
1 4 
0 
CS_inf 4 2 4 0 0 3 1 0 1 64
1 "y"
0 
BPexpress_gui 7 1 32767 0 0 2 1 0 1 64
1 0 
0 
Archive2 2 2 8 0 0 2 1 0 1 64
1 ""
0 
Archive1 2 2 8 0 0 2 1 0 1 64
1 ""
0 
ACQtime 7 1 100000000 0 1 2 1 256 1 64
1 0 
0 
B0 1 1 9.99999984307e+17 -9.99999984307e+17 0 2 1 0 1 64
1 140964 
0 
CS_cln 4 2 4 0 0 3 1 0 1 64
1 "y"
0 
CS_dpars 4 2 4 0 0 3 1 0 1 64
1 "y"
0 
CSdnoise 4 2 4 0 0 3 1 0 1 64
1 "y"
0 
CSdensity 1 1 100 0 0 2 1 0 1 64
1 50 
0 
CS_se 4 2 4 0 0 3 1 0 1 64
1 "n"
0 
CSdensity2 1 1 100 0 0 2 1 0 1 64
1 50 
0 
CSdomain 7 1 32767 0 0 2 1 0 1 64
1 1 
0 
CSinp 2 2 8 0 0 2 1 0 1 64
1 ""
0 
CSseed 1 1 9.99999984307e+17 -9.99999984307e+17 0 2 1 0 1 64
1 169 
0 
CSprofile 2 2 8 0 0 2 1 256 1 64
3 ""
""
""
0 
CSniIndex 7 1 32767 0 0 2 1 256 1 64
1 0 
0 
CSni2Index 7 1 32767 0 0 2 1 256 1 64
1 0 
0 
CSpars 2 2 8 0 0 2 1 256 1 64
1 ""
0 
CSprosize 7 1 32767 0 0 2 1 256 1 64
3 0 0 0 
0 
CSreconmethod 2 2 8 0 0 2 1 0 1 64
1 "CLEAN"
0 
CSshowsch 4 2 4 0 0 2 1 0 1 64
1 "y"
0 
CSshowpro 4 2 4 0 0 2 1 0 1 64
1 "y"
0 
CSshape 2 2 8 0 0 2 1 0 1 64
1 "gexp"
0 
CSsp 7 1 32767 0 0 3 1 0 1 64
1 0 
0 
H1reffrq 1 1 9.99999984307e+17 -9.99999984307e+17 0 2 1 0 1 64
1 499.922475824 
0 
Gmap 2 2 8 0 0 2 1 1 1 64
1 "no"
0 
CSwp 7 1 32767 0 0 3 1 0 1 64
1 0 
0 
CStype 4 2 4 0 0 2 1 0 1 64
1 "a"
0 
CSwt 4 2 4 0 0 2 1 0 1 64
1 "n"
0 
Gmapname 2 2 8 0 0 2 1 1 1 64
1 ""
0 
PR_acos 1 1 9.99999984307e+17 -9.99999984307e+17 0 2 1 0 1 64
1 0 
0 
PFGflg 4 2 4 0 0 2 1 0 1 64
1 "n"
0 
MinSW 2 2 8 0 0 3 1 0 1 64
1 "off"
4 "off" "auto" "manual" "skip" 
IPrunid 2 2 8 0 0 2 1 0 1 64
1 ""
0 
PR_aN 1 1 9.99999984307e+17 -9.99999984307e+17 0 2 1 0 1 64
1 0 
0 
PR_angles1_12 1 1 9.99999984307e+17 -9.99999984307e+17 0 2 1 0 1 64
12 0 90 90 37.614 59.509 80.101 16.655 79.437 59.469 57.446 37.599 80.083 
0 
PR_angles1_10 1 1 9.99999984307e+17 -9.99999984307e+17 0 2 1 0 1 64
10 0 90 90 76.286 76.284 54.669 46.168 78.561 46.164 19.617 
0 
PR_angles1_100 1 1 9.99999984307e+17 -9.99999984307e+17 0 2 1 0 1 64
100 90 0 90 66.842 53.077 73.311 52.893 24.546 20.078 31.855 80.128 81.451 22.511 60.353 50.179 79.716 11.583 28.749 86.553 79.912 86.572 43.276 39.998 73.528 72.219 86.445 67.144 46.764 60.314 42.948 59.593 73.309 59.863 55.825 26.023 53.87 66.186 47.99 29.838 86.555 79.877 59.013 73.813 79.943 35.777 41.338 59.64 79.913 45.897 86.591 51.107 79.92 86.533 67.976 73.192 64.839 66.437 55.665 59.16 70.884 18.571 44.616 46.186 10.263 73.143 24.749 79.396 75.34 37.3 17.063 80.557 40.49 27.995 52.848 86.263 60.915 86.55 39.543 73.877 73.09 66.402 51.84 57.479 38.815 86.3 66.528 72.068 34.333 63.147 53.531 78.7 46.767 32.134 35.615 86.48 66.32 64.83 33.204 16.505 48.416 
0 
PR_angles1_30 1 1 9.99999984307e+17 -9.99999984307e+17 0 2 1 0 1 64
30 0 90 90 69.955 10.058 67.791 81.992 24.219 55.224 38.378 52.428 54.871 83.221 68.396 19.909 54.223 82.333 42.163 82.41 67.758 32.341 82.404 44.733 82.656 57.215 82.881 66.776 41.968 29.86 68.784 
0 
PR_angles1_20 1 1 9.99999984307e+17 -9.99999984307e+17 0 2 1 0 1 64
20 0 90 90 64.62 26.905 81.962 65.097 40.104 80.075 65.481 58.928 81.886 49.014 45.551 63.028 81.234 28.11 81.695 12.324 44.564 
0 
PR_cosCO 1 1 9.99999984307e+17 -9.99999984307e+17 0 2 1 0 1 64
1 0 
0 
PR_angles2_12 1 1 9.99999984307e+17 -9.99999984307e+17 0 2 1 0 1 64
12 90 0 90 55.342 33.379 18.448 78.304 46.023 77.673 53.379 77.189 74.676 
0 
PR_angles1_8 1 1 9.99999984307e+17 -9.99999984307e+17 0 2 1 0 1 64
8 0 90 90 74.032 74.396 44.131 25.905 67.12 
0 
PR_angles1_6 1 1 9.99999984307e+17 -9.99999984307e+17 0 2 1 0 1 64
6 0 90 90 69.49 69.457 29.728 
0 
PR_angles2_10 1 1 9.99999984307e+17 -9.99999984307e+17 0 2 1 0 1 64
10 90 0 90 76.253 19.614 54.769 78.593 46.125 46.078 76.268 
0 
PR_angles2_100 1 1 9.99999984307e+17 -9.99999984307e+17 0 2 1 0 1 64
100 90 90 0 30.927 41.561 51.485 52.074 86.506 70.19 63.932 53.426 83.997 79.761 58.27 72.192 75.765 78.996 73.627 41.024 23.386 56.502 46.929 60.253 79.835 72.696 18.26 58.287 86.355 34.225 72.513 44.951 30.345 39.138 35.809 66.246 86.316 79.071 43.71 79.981 78.643 38.29 79.047 58.909 30.801 73.053 66.068 51.407 61.416 48.914 48.712 39.09 45.798 25.748 86.332 24.257 27.633 51.029 65.262 31.082 65.752 73.835 79.311 53.326 85.737 37.191 71.604 16.676 86.736 79.607 86.586 10.606 51.327 62.254 46.305 71.208 86.296 33.38 86.427 16.493 44.277 23.902 79.141 71.997 56.358 11.194 37.227 20.725 67.029 65.178 58.543 68.411 59.106 86.529 54.606 64.103 43.999 71.949 58.816 79.546 65.534 
0 
PR_angles2_40 1 1 9.99999984307e+17 -9.99999984307e+17 0 2 1 0 1 64
40 90 0 90 73.112 83.983 84.174 84.902 76.151 53.472 39.555 74.698 58.442 50.553 8.396 41.262 28.842 73.634 61.841 84.205 63.832 39.908 51.812 27.82 72.3 32.272 56.129 18.242 51.093 84.341 69.119 73.423 31.024 84.31 66.021 43.636 84.552 62.887 61.982 45.364 18.769 
0 
PR_angles2_30 1 1 9.99999984307e+17 -9.99999984307e+17 0 2 1 0 1 64
30 90 0 90 21.459 83.936 56.526 83.941 83.419 69.305 83.16 83.161 43.533 9.609 31.38 71.511 55.775 46.29 69.302 58.78 43.535 58.775 33.878 46.287 21.46 33.876 71.52 83.422 56.522 70.023 70.03 
0 
PR_angles2_20 1 1 9.99999984307e+17 -9.99999984307e+17 0 2 1 0 1 64
20 90 0 90 81.582 81.612 28.364 51.367 67.013 64.041 35.982 67.056 46.655 51.295 81.842 28.34 12.452 63.964 80.973 80.949 46.589 
0 
PR_arrayname1 2 2 8 0 0 2 1 0 1 64
1 "PR_angles1_10"
0 
PR_angles2_6 1 1 9.99999984307e+17 -9.99999984307e+17 0 2 1 0 1 64
6 90 0 90 69.457 29.728 69.49 
0 
PR_angles2_8 1 1 9.99999984307e+17 -9.99999984307e+17 0 2 1 0 1 64
8 90 0 90 43.684 74.335 73.648 67.858 26.519 
0 
PR_arrayname2 2 2 8 0 0 2 1 0 1 64
1 "PR_angles2_10"
0 
PR_cosC 1 1 9.99999984307e+17 -9.99999984307e+17 0 2 1 0 1 64
1 0 
0 
PR_cosN 1 1 9.99999984307e+17 -9.99999984307e+17 0 2 1 0 1 64
1 1 
0 
PR_cosH 1 1 9.99999984307e+17 -9.99999984307e+17 0 2 1 0 1 64
1 0 
0 
PR_cosCa 1 1 9.99999984307e+17 -9.99999984307e+17 0 2 1 0 1 64
1 0 
0 
PR_cosHa 1 1 9.99999984307e+17 -9.99999984307e+17 0 2 1 0 1 64
1 0 
0 
PR_f_nam 2 2 8 0 0 2 1 0 1 64
1 ""
0 
PR_coscm2 1 1 9.99999984307e+17 -9.99999984307e+17 0 2 1 0 1 64
1 0 
0 
PR_coscm1 1 1 9.99999984307e+17 -9.99999984307e+17 0 2 1 0 1 64
1 0 
0 
PR_coshm1 1 1 9.99999984307e+17 -9.99999984307e+17 0 2 1 0 1 64
1 0 
0 
PR_impossible 4 2 4 0 0 2 1 0 1 64
1 "n"
2 "y" "n" 
PR_message 2 2 8 0 0 2 1 0 1 64
1 ""
0 
aig 2 2 2 0 0 4 1 1 1 64
1 "ai"
2 "nm" "ai" 
PR_skipPlanes 4 2 4 0 0 2 1 0 1 64
1 "n"
2 "y" "n" 
PR_niTilt 1 1 9.99999984307e+17 -9.99999984307e+17 0 2 1 0 1 64
1 8 
0 
PR_ni2 1 1 9.99999984307e+17 -9.99999984307e+17 0 2 1 0 1 64
1 0 
0 
PR_nTilts 1 1 9.99999984307e+17 -9.99999984307e+17 0 2 1 0 1 64
1 0 
0 
PR_niN 1 1 9.99999984307e+17 -9.99999984307e+17 0 2 1 0 1 64
1 8 
0 
PR_ni3 1 1 9.99999984307e+17 -9.99999984307e+17 0 2 1 0 1 64
1 0 
0 
PR_ntN 1 1 9.99999984307e+17 -9.99999984307e+17 0 2 1 0 1 64
1 4 
0 
PR_savedir 2 2 8 0 0 2 1 0 1 64
1 "/export/home/georgeg/montanaspecs/"
0 
acqdim 7 1 32767 0 0 2 1 0 1 64
1 1 
0 
PRvar2 2 2 8 0 0 2 1 0 1 64
1 "angle_H"
0 
PRvar1 2 2 8 0 0 2 1 0 1 64
1 "angle_C"
0 
SPARSE 4 2 4 0 0 2 1 0 1 64
1 "n"
0 
REQexp 2 2 8 0 0 4 1 256 1 64
2 ""
"ignore"
0 
acqcycles 1 1 9.99999984307e+17 -9.99999984307e+17 0 2 1 0 1 64
1 1 
0 
acqstatus 7 1 32767 0 0 2 1 0 1 64
2 101 0 
0 
acqpath 2 2 8 0 0 2 1 0 1 64
1 ""
0 
adir2tmplt 2 2 8 0 0 2 1 0 1 64
1 ""
0 
actionid 2 2 8 0 0 2 1 0 1 64
1 "null"
0 
adirtmplt 2 2 8 0 0 2 1 0 1 64
1 ""
0 
arraydim 7 1 32768 1 1 2 1 5 1 64
1 1 
0 
angle_H 1 1 9.99999984307e+17 -9.99999984307e+17 0 2 1 0 1 64
1 90 
0 
alock 2 2 8 0 0 2 1 0 1 64
1 "n"
5 "a" "n" "s" "u" "y" 
alfa 6 1 8192 -8192 0.1 2 1 2 1 64
1 5.5 
0 
angle_C 1 1 9.99999984307e+17 -9.99999984307e+17 0 2 1 0 1 64
1 90 
0 
apptype 2 2 8 0 0 2 1 1 1 64
1 "PR42_gChmqcnoesyNhsqc"
0 
ap 2 2 1023 0 0 4 1 6 1 64
1 "1:ACQUISITION H1:sfrq:3,at:3,np,sw:1,bs,ss,tpwr,compH:2,pw:1,pwHs,d1:3,tof:1,tofh:1,nt,ct,gain;1:SAMPLE:date,file,solvent,temp:1;1:C13 PULSES:dfrq:3,dof,dofcaco:1,pwClvl,compC:2,pwC:2;1(seqfil='PR42_gChmqcnoesyNhsqc'):PBOX:autocal,checkofs;1:DELAYS:tauch:4,taunh:4,mix:4;1:N15 PULSES:dfrq2:3,dof2,pwN:1,pwNlvl,dpwr2,dm2,dmm2,dmf2,dseq2;1:2D PARAMETERS 13C:d2(d2):6,sw1:1,ni,f1180,phase;2:F2  13C:d3(d3):6,sw2:1,ni2,phase2,f2180;2:F3 15N:d4(d4):6,sw3:1,ni3,phase3,f3180;2:GRADIENTS:mag_flg,gzcal(mag_flg):6,gstab:6,gzlvl1,gt1:4,gzlvl2,gzlvl3,gt3:4,gzlvl4,gt4:4,gzlvl5,gt5:4,gzlvl6,gt6:6,gzlvl7,gt7:6,gzlvl8,gt8:6,gzlvl9,gt9:6,gzlvl0,gt0:4;2:FLAGS ETC:dp,hs,il,,werr,wbs,wnt,wexp;2:PROCESSING:lb(lb):2,sb(sb):3,sbs(sb):3,gf(gf):3,gfs(gf):3,fn,math;2:2D PROCESSING:lb1(lb1):3,sb1(sb1):3,sbs1(sb1):3,gf1(gf1):3,gfs1(gf1):3,fn1;"
0 
array 2 2 256 0 0 2 1 1 1 64
1 ""
0 
archivedir 2 2 8 0 0 2 1 0 1 64
1 ""
0 
axisf 4 2 4 0 0 4 1 0 1 64
1 "s"
4 "m" "n" "s" "u" 
autocal 2 2 8 0 0 2 1 0 1 64
1 "y"
0 
at_ni 1 1 9.99999984307e+17 -9.99999984307e+17 0 2 1 0 1 64
1 0.001 
0 
at 1 1 14 14 14 2 1 8203 1 64
1 0.0851968 
0 
arrayelemts 1 1 9.99999984307e+17 -9.99999984307e+17 0 2 1 0 1 64
1 0 
0 
at_ni3 1 1 9.99999984307e+17 -9.99999984307e+17 0 2 1 0 1 64
1 0.001 
0 
at_ni2 1 1 9.99999984307e+17 -9.99999984307e+17 0 2 1 0 1 64
1 0.001 
0 
at_obs 1 1 9.99999984307e+17 -9.99999984307e+17 0 2 1 0 1 64
1 0.001 
0 
awc 1 1 1 -1 0.001 3 1 1 0 64
1 0 
0 
avwdir 2 2 8 0 0 3 1 0 1 64
1 ""
0 
awc2 1 1 1 -1 0.001 3 1 1 0 64
1 0 
0 
awc1 1 1 1 -1 0.001 3 1 1 0 64
1 0 
0 
axis 4 2 4 0 0 4 1 0 1 64
1 "ppd"
11 "c" "d" "1" "2" "3" "h" "k" "m" "n" "p" "u" 
cal 1 1 9.99999984307e+17 -9.99999984307e+17 0 2 1 0 1 64
1 4.2 
0 
bs 7 1 32767 0 1 2 1 0 0 64
1 8 
0 
boresize 1 1 9.99999984307e+17 -9.99999984307e+17 0 2 1 0 1 64
1 51 
0 
calN 1 1 9.99999984307e+17 -9.99999984307e+17 0 2 1 0 1 64
1 1 
0 
calH 1 1 9.99999984307e+17 -9.99999984307e+17 0 2 1 0 1 64
1 1 
0 
date 2 2 9 0 0 2 1 1 1 64
1 "Mar 13 2006"
0 
compC 1 1 9.99999984307e+17 -9.99999984307e+17 0 2 1 0 1 64
1 0.961 
0 
codecpwr 1 1 9.99999984307e+17 -9.99999984307e+17 0 2 1 0 1 64
1 30 
0 
codec 2 2 8 0 0 2 1 0 1 64
1 "y"
0 
cfrq 5 1 1000000000 -1000000000 0 2 1 0 1 64
1 150.84582744 
0 
cf 7 1 32767 0 1 3 1 1 0 64
1 1 
0 
checkofs 2 2 8 0 0 2 1 0 1 64
1 "y"
0 
codecpw 6 1 13 13 13 2 1 8192 1 64
1 40 
0 
codecshap 2 2 8 0 0 2 1 0 1 64
1 "codec"
0 
codecseq 2 2 8 0 0 2 1 0 1 64
1 "codec"
0 
codecres 1 1 9.99999984307e+17 -9.99999984307e+17 0 2 1 0 1 64
1 9 
0 
codmf 1 1 9.99999984307e+17 -9.99999984307e+17 0 2 1 0 1 64
1 25000 
0 
comment 2 2 8 0 0 3 1 0 1 64
1 ""
0 
cr2 1 1 9.99999984307e+17 -9.99999984307e+17 0 4 5 0 1 64
1 3460.32615787 
0 
console 2 2 8 0 0 2 1 0 1 64
1 "vnmrs"
0 
compN 1 1 9.99999984307e+17 -9.99999984307e+17 0 2 1 0 1 64
1 0.984 
0 
compH 1 1 9.99999984307e+17 -9.99999984307e+17 0 2 1 0 1 64
1 1.09 
0 
compD 1 1 9.99999984307e+17 -9.99999984307e+17 0 2 1 0 1 64
1 1 
0 
concentration 1 1 9.99e+17 -9.99e+17 0 2 1 0 1 64
1 0 
0 
cp 2 2 1 0 0 2 1 0 1 64
1 "y"
2 "y" "n" 
copwrf 1 1 9.99999984307e+17 -9.99999984307e+17 0 2 1 0 1 64
1 4095 
0 
copwr 1 1 9.99999984307e+17 -9.99999984307e+17 0 2 1 0 1 64
1 36 
0 
cores 1 1 9.99999984307e+17 -9.99999984307e+17 0 2 1 0 1 64
1 9 
0 
cr 1 1 1000000000 -1000000000 0 4 4 1 1 64
1 4314.15539825 
0 
cppauseflg 4 2 4 0 0 4 1 0 1 64
1 "n"
0 
cr1 1 1 1000000000 -1000000000 0 4 5 3 1 64
1 733.175143781 
0 
d1 3 1 14 14 14 2 1 8194 1 64
1 1 
0 
customflag 4 2 4 0 0 4 1 0 1 64
1 "n"
0 
ct 7 1 1000000000 0 1 2 1 6 1 64
1 0 
0 
cutoff 1 1 9.99999984307e+17 -9.99999984307e+17 0 4 1 0 0 64
1 200 
0 
d4 3 1 14 14 14 2 1 8192 1 64
1 0 
0 
d3 3 1 14 14 14 2 1 8194 1 64
1 0 
0 
d2 3 1 14 14 14 2 1 8194 1 64
1 0 
0 
dataProcessed 1 1 9.99999984307e+17 -9.99999984307e+17 0 3 1 0 1 64
1 0 
0 
dataID 2 2 8 0 0 2 1 0 1 64
1 ""
0 
dataid 2 2 8 0 0 2 1 0 1 64
1 ""
0 
displaymode 4 2 9.99999984307e+17 -9.99999984307e+17 0 4 1 0 1 64
1 "r"
6 "r" "i" "a" "e" "z" "s" 
dfrq2 1 1 1000000000 0 0 2 1 9 1 64
1 50.6634442 
0 
dec3wave 2 2 8 0 0 2 1 0 1 64
1 "g"
0 
dcrmv 4 2 9.99999984307e+17 -9.99999984307e+17 0 4 1 0 1 64
1 "n"
2 "y" "n" 
dcg 2 2 3 0 0 4 1 1 1 64
1 "cdc"
2 "dc" "cdc" 
datname 2 2 8 0 0 3 1 0 1 64
1 ""
0 
ddrtc 6 1 13 13 13 2 1 8192 1 64
1 5.5 
0 
ddrpm 2 2 8 0 0 2 1 0 1 64
1 "e"
0 
dec2wave 2 2 8 0 0 2 1 0 1 64
1 "g"
0 
delta2 1 1 9.99999984307e+17 -9.99999984307e+17 0 4 5 0 1 64
1 1598.37728195 
0 
delta 1 1 5000000 0 0 4 4 1 1 64
1 4971.94045985 
0 
decwave 2 2 8 0 0 2 1 0 1 64
1 "g"
0 
delta1 1 1 5000000 0 0 4 5 3 1 64
1 7829.50680272 
0 
density 1 1 9.99999984307e+17 -9.99999984307e+17 0 2 1 0 1 64
1 1 
0 
deltaf 1 1 100 0 0 4 1 0 1 64
1 0 
0 
dfrq 5 1 1000000000 -1000000000 0 2 1 8 1 64
1 125.7068544 
0 
dgs 2 2 1023 0 0 4 1 6 1 64
5 "1:AXIAL SHIMS:z1:0,z2:0,z3:0,z4:0,z5:0,z6:0,z7:0;"
"2:NON AXIAL SHIMS:x1:0,y1:0,xz:0,yz:0,xy:0,x2y2:0,x3:0,y3:0,xz2:0,yz2:0,zxy:0,zx2y2:0,z3x:0,z3y:0;"
"3:NON AXIAL SHIMS:z2x2y2:0,z2xy:0,zx3:0,zy3:0,z4x:0,z4y:0;"
"4:AUTOMATION:method,wshim,load,,spin:0,gain:0,alock,loc:0;"
"4:SPECIAL:temp;"
0 
dg1 2 2 8 0 0 4 1 0 1 64
1 "1:DISPLAY:sp:1,wp:1,sp1(ni):1,wp1(ni):1,sp2(ni2):1,wp2(ni2):1;1:FID:sf:3,wf:3,vf:0;1:FLAGS:aig*,dcg*,pmode*(ni),dmg*,dmg1*(ni),dmg2*(ni2);2:REFERENCING:rfl:1,rfp:1,cr:1,delta:1,,rfl1(ni):1,rfp1(ni):1,cr1(ni):1,delta1(ni):1,,rfl2(ni2):1,rfp2(ni2):1,cr2(ni2):1,delta2(ni2):1;3:CHART:sc:0,wc:0,sc2(ni):0,wc2(ni):0,,hzmm:2,vs:1,vp:1,th:1,ho:2,vo:2,axis,,pltmod,rplot;4(ni):DIMENSIONS:trace,plane(ni2);4:INTEGRAL:intmod,is:2,ins:3,io:0,,lvl:3,tlt:3;4(ni2):3D OPTIONS:fiddc3d,specdc3d,ptspec3d,ntype3d;"
0 
dg 2 2 1023 0 0 4 1 6 1 64
1 "1:ACQUISITION H1:sfrq:3,at:3,np:0,sw:1,bs(bx),ss,tpwr:0,compH:2,pw:1,pwHs:0,d1:3,tof:1,tofh:1,nt:0,ct:0,gain:0;2:H1 DIMENSION:d2(d2):6,sw1:1,ni,phase,mix:3,f1180,;2:C13 RF:dfrq:5,dof:0,dofcaco:1,pwClvl:0,compC:2,pwC:2;2(seqfil='PR42_gChmqcnoesyNhsqc'):PBOXPTIONS:autocal,checkofs;3:N15 RF:dfrq2:3,dof2:0,pwN:1,pwNlvl:0,compN:2,calN:2,,dpwr2:0,dm2,dmm2,dmf2;3:15N DIMENSION:d4(d4):6,sw3:1,ni3,phase3,f3180;4:SELECTION:mag_flg,gstab:6,gzcal(mag_flg):6,gt1:5,gzlvl1:0,gzlvl2:0;4:SAMPLE:date,solvent,temp:1,,;4:13C DIMENSION:d3(d3):6,sw2:1,ni2,phase2,f2180;"
0 
dfrq3 1 1 1000000000 0 0 2 1 9 1 64
1 76.7435773 
0 
dglp 2 2 8 0 0 4 1 7 1 64
1 "1(lpfilt):LP:lpalg,lpopt,lpfilt:0,lpnupts:0,strtlp:0,lpext:0,strtext:0,,proc,ni,celem;2(lpfilt1):LP 1:lpalg1,lpopt1,lpfilt1:0,lpnupts1:0,strtlp1:0,lpext1:0,strtext1:0,,proc1;3(lpfilt2):LP 2:lpalg2,lpopt2,lpfilt2:0,lpnupts2:0,strtlp2:0,lpext2:0,strtext2:0,,proc2;4:LP OUTPUT:lpprint(lpfilt):0,lptrace(lpfilt):0,lpprint1(lpfilt1):0,lptrace1(lpfilt1):0,lpprint2(lpfilt2):0,lptrace2(lpfilt2):0;"
0 
dg2 2 2 1023 0 0 4 1 7 1 64
1 "1:CHANNEL 2:dfrq:3,dn,dpwr:0,dof:1,dm,dmm,dseq,dres:1;2:CHANNEL 3:dfrq2:3,dn2,dpwr2:0,dof2:1,dm2,dmm2,dmf2:0,dseq2,dres2:1;3(dm3='nyn'):CHANNEL 4:dfrq3:3,dn3,dpwr3,dof3:1,dm3,dmm3,dmf3,dseq3,dres3:1;3:GRADIENTS:gzlvl1:0,gzlvl2:0,gt1:5,,gzlvl0:0,gt0:5,gzlvl3:0,gt3:5,gzlvl4:0,gt4:5,gzlvl5:0,gt5:5,gzlvl6:0,gt7:5,gzlvl7:0,gt8:5,gzlvl8:0,gt9:5,gzlvl9:0,,tauch:5,taunh:5;"
0 
dgp 2 2 8 0 0 4 1 0 1 64
1 "1:DOWNSAMPLE:downsamp,dscoef,dsfb,dslsfrq,filtfile;1:OVERSAMPLE:oversamp,oscoef,osfb,oslsfrq,osfilt,fsqd;1:CONDITIONAL:werr,wexp,wbs,wnt;2:WEIGHT:lb:3,sb:3,sbs(sb):3,gf:3,gfs(gf):3,awc:3,ssfilter,ssntaps,ssorder,sslsfrq:1;2:PROCESS:cf(nf),lsfid,phfid:1,lsfrq:1,proc,fn,rp:1,lp:1;3(ni):WEIGHT 1:lb1:3,sb1:3,sbs1(sb1):3,gf1:3,gfs1(gf1):3,awc1:3,wtfile1;3(ni):PROCESS 1:phfid1:1,lsfrq1:1,proc1,f1coef,fn1,rp1:1,lp1:1;4(ni2):WEIGHT 2:lb2:3,sb2:3,sbs2(sb2):3,gf2:3,gfs2(gf2):3,awc2:3,wtfile2;4(ni2):PROCESS 2:phfid2:1,lsfrq2:1,proc2,f2coef,fn2,rp2:1,lp2:1;"
0 
dgproc 2 2 8 0 0 4 1 0 1 64
1 "1:PROCESSING:lb:3,sb:3,sbs:3,gf:3,gfs2:3,awc2:3,wtfile,proc,fn:0;2:2D PROCESSING:lb1:3,sb1:3,sbs1:3,gf1:3,gfs1:3,awc1:3,wtfile1,proc1,fn1:0,f1coef;3:3D PROCESSING:lb2:3,sb2:3,sbs2(sb2):3,gf2:3,gfs2(gf2):3,awc2:3,wtfile2,proc2,fn2:0,f2coef;"
0 
dimY 2 2 8 0 0 2 1 0 1 64
1 "lro"
0 
dimX 2 2 8 0 0 2 1 0 1 64
1 "lpe"
0 
dhp 1 1 9 9 9 2 1 8192 0 64
1 40 
0 
dimension2 1 1 9.99999984307e+17 -9.99999984307e+17 0 2 1 0 1 64
1 16 
0 
dimension 2 2 8 0 0 2 1 0 1 64
1 ""
0 
dimZ 2 2 8 0 0 2 1 0 1 64
1 "lpe2"
0 
dimension1 1 1 9.99999984307e+17 -9.99999984307e+17 0 2 1 0 1 64
1 64 
0 
disCmd 2 2 8 0 0 4 1 0 1 64
1 "dconi('dpcon',20,1.3)"
0 
dimension3 1 1 9.99999984307e+17 -9.99999984307e+17 0 2 1 0 1 64
1 512 
0 
dn3ref 2 2 8 0 0 4 1 1 1 64
1 ""
0 
dmg1 2 2 8 0 0 4 1 0 1 64
1 ""
4 "" "av1" "ph1" "pwr1" 
dmf 7 1 11 11 11 2 1 8194 1 64
1 25000 
0 
dm 4 2 4 0 0 2 1 0 1 64
1 "nnn"
4 "a" "n" "s" "y" 
dlp 7 1 10 10 10 2 1 8194 0 64
1 10 
0 
dm2 4 2 4 0 0 2 1 0 1 64
1 "nny"
4 "a" "n" "s" "y" 
dm3 4 2 4 0 0 2 1 0 1 64
1 "nnn"
4 "a" "n" "s" "y" 
dmf3 7 1 2000000 1 0 2 1 2 1 64
1 1250 
0 
dmf2 7 1 100000 1 0 2 1 2 1 64
1 12903 
0 
dmg 2 2 2 0 0 4 1 3 1 64
1 "ph"
0 
dn2ref 2 2 8 0 0 4 1 1 1 64
1 ""
0 
dmm3 4 2 4 0 0 2 1 0 1 64
1 "cwc"
9 "c" "f" "g" "m" "p" "r" "u" "w" "x" 
dmm 4 2 4 0 0 2 1 0 1 64
1 "ccc"
9 "c" "f" "g" "m" "p" "r" "u" "w" "x" 
dmg2 2 2 8 0 0 2 1 0 1 64
1 ""
0 
dmm2 2 2 8 0 0 2 1 0 1 64
1 "ccp"
0 
dn2 2 2 8 0 0 2 1 8 1 64
1 "N15"
0 
dn 2 2 4 0 0 2 1 8 1 64
1 "C13"
0 
dn3 2 2 8 0 0 2 1 8 1 64
1 "H2"
0 
dn2shapes 2 2 8 0 0 2 1 256 1 64
3 ""
""
""
0 
dofcaco 1 1 9.99999984307e+17 -9.99999984307e+17 0 2 1 0 1 64
1 4421.1452368 
0 
dod 3 1 14 14 14 2 1 8194 1 64
1 0.00999999977648 
0 
dn4ref 2 2 8 0 0 4 1 1 1 64
1 ""
0 
dn3shapes 2 2 8 0 0 2 1 256 1 64
3 ""
""
""
0 
dnref 2 2 8 0 0 4 1 1 1 64
1 ""
0 
dnshapes 2 2 8 0 0 2 1 256 1 64
3 ""
""
""
0 
dof2 5 1 1000000000 -1000000000 0 2 1 8 1 64
1 1775 
0 
dof 5 1 8 8 8 2 1 8202 1 64
1 -10665.6 
0 
dof3 5 1 20 20 20 2 1 8202 1 64
1 2052 
0 
dpwr1 7 1 32767 0 0 2 1 0 1 64
1 41 
0 
dp 2 2 1 0 0 2 1 0 1 64
1 "y"
2 "y" "n" 
downsamp 7 1 999 1 1 3 1 1 0 64
1 0 
0 
dotflag 2 2 8 0 0 4 1 0 1 64
1 "n"
2 "n" "y" 
dpwr 1 1 9 9 9 2 1 8194 1 64
1 32 
0 
dpf_wc2 1 1 9.99999984307e+17 -9.99999984307e+17 0 4 1 0 1 64
1 155 
0 
dreffrq 1 1 9.99999984307e+17 -9.99999984307e+17 0 2 1 0 1 64
1 125.705271583 
0 
dpwr3 1 1 21 21 21 2 1 8194 1 64
1 34 
0 
dpwr2 1 1 18 18 18 2 1 8194 1 64
1 37 
0 
dreffrq3 1 1 9.99999984307e+17 -9.99999984307e+17 0 2 1 0 1 64
1 76.7411416189 
0 
dreffrq2 1 1 9.99999984307e+17 -9.99999984307e+17 0 2 1 0 1 64
1 50.6567045435 
0 
dres 7 1 360 1 0 2 1 0 1 64
1 90 
0 
gymax 1 1 9.99999984307e+17 -9.99999984307e+17 0 2 1 0 1 64
1 0 
0 
fn2 7 1 524288 64 -2 3 1 1 1 64
1 64 
0 
f1180 4 2 4 0 0 2 1 0 1 64
1 "n"
0 
dutyc 1 1 9.99999984307e+17 -9.99999984307e+17 0 2 1 0 1 64
1 0.1 
0 
dslsfrq 1 1 9.99999984307e+17 -9.99999984307e+17 0 3 1 1 0 64
1 0 
0 
dseq 2 2 8 0 0 2 1 0 1 64
1 "codec"
0 
dres3 7 1 360 1 0 2 1 0 1 64
1 90 
0 
dscoef 7 1 49999 3 2 3 1 1 1 64
1 251 
0 
dseq3 2 2 8 0 0 2 1 0 1 64
1 ""
0 
dseq2 2 2 8 0 0 2 1 0 1 64
1 "wurst40N"
0 
dsfb 1 1 9.99999984307e+17 -9.99999984307e+17 0 3 1 1 0 64
1 0 
0 
dss_wc 1 1 9.99999984307e+17 -9.99999984307e+17 0 4 1 0 1 64
1 237.5 
0 
dss_sc2 1 1 9.99999984307e+17 -9.99999984307e+17 0 4 1 0 1 64
1 0 
0 
dss_sc 1 1 9.99999984307e+17 -9.99999984307e+17 0 4 1 0 1 64
1 0 
0 
dss_wc2 1 1 9.99999984307e+17 -9.99999984307e+17 0 4 1 0 1 64
1 154.5 
0 
emessage 4 2 4 0 0 2 1 0 1 64
1 "n"
0 
emailaddr 2 2 8 0 0 4 1 0 1 64
1 ""
0 
eOptions 2 2 8 0 0 4 1 264 1 64
1 ""
0 
emailwhen 2 2 8 0 0 2 1 0 1 64
1 ""
0 
explist 2 2 8 0 0 2 1 256 1 64
1 ""
0 
execprocess 2 2 8 0 0 2 1 0 1 64
1 " return "
0 
empty_noise 1 1 9.99999984307e+17 -9.99999984307e+17 0 2 1 0 1 64
1 0 
0 
explabel 2 2 8 0 0 2 1 0 1 64
1 "PR42_gChmqcnoesyNhsqcA"
0 
exppath 2 2 8 0 0 2 1 0 1 64
1 "/export/home/georgeg/vnmrsys/exp100/acqfil"
0 
fad2 4 2 4 0 0 2 1 0 1 64
1 "y"
0 
f2180 4 2 4 0 0 2 1 0 1 64
1 "n"
0 
f1coef 2 2 8 0 0 3 1 1 1 64
1 "1 0 0 0 0 0 -1 0"
0 
f1SW 2 2 8 0 0 2 1 1 1 64
1 ""
0 
f3180 2 2 8 0 0 2 1 0 1 64
1 "n"
0 
f2coef 2 2 8 0 0 3 1 1 1 64
1 "1 0 0 0 0 0 -1 0"
0 
f2SW 2 2 8 0 0 2 1 1 1 64
1 ""
0 
fad1 4 2 4 0 0 2 1 0 1 64
1 "y"
0 
faculty 2 2 8 0 0 2 1 0 1 64
1 ""
0 
file 2 2 6 0 0 2 1 3 1 64
1 "/rpdnmr/applab/data/etishche/et_biopack_update/parlib_src//PR42_gChmqcnoesyNhsqcA.par"
0 
fidID 2 2 8 0 0 2 1 0 1 64
1 ""
0 
fdfdir 2 2 8 0 0 3 1 0 1 64
1 ""
0 
fb 7 1 6 6 6 2 1 8203 1 64
1 7000 
0 
fadflg 4 2 4 0 0 2 1 0 1 64
1 "n"
0 
fdffile 2 2 8 0 0 3 1 0 1 64
1 ""
0 
fiddc3d 4 2 4 0 0 3 1 0 1 64
1 "nnn"
0 
fidid 2 2 8 0 0 2 1 0 1 64
1 ""
0 
filtfile 2 2 8 0 0 2 1 0 1 64
1 ""
0 
filter 7 1 1000000000 0 1 2 1 2 1 64
1 54.0999984741 
0 
filename 2 2 8 0 0 2 1 1 1 64
1 ""
0 
fn 7 1 524288 64 -2 3 1 1 0 64
1 2048 
0 
fn1 7 1 524288 64 -2 3 1 1 1 64
1 256 
0 
gfs1 1 1 1000 -1000 0.001 3 1 1 0 64
1 0 
0 
gain 1 1 60 0 2 2 1 0 1 64
1 24 
0 
fpmult2 1 1 1000000000 0 0 3 1 0 1 64
1 0.5 
0 
fn_obs 7 1 32767 0 0 2 1 0 1 64
1 4096 
0 
fn_ni2 7 1 32767 0 0 2 1 0 1 64
1 512 
0 
fn_ni 7 1 32767 0 0 2 1 0 1 64
1 1024 
0 
fn_ni3 7 1 32767 0 0 2 1 0 1 64
1 256 
0 
fpmult 1 1 1000000000 0 0 3 1 0 1 64
1 0.5 
0 
fpmult1 1 1 1000000000 0 0 3 2 0 1 64
1 0.5 
0 
ftproc 1 1 9.99999984307e+17 -9.99999984307e+17 0 3 1 256 1 64
2 1 0 
0 
fsqd 4 2 4 0 0 2 1 0 1 64
1 "n"
0 
fzoom 7 1 32767 0 0 4 1 0 1 64
1 0 
0 
gf 1 1 100000 0 0 3 1 1 0 64
1 0.022 
0 
gap 1 1 9.99999984307e+17 -9.99999984307e+17 0 4 1 0 1 64
1 0 
0 
gain2 1 1 60 0 2 2 1 1 1 64
1 30 
0 
gcoil 2 2 8 0 0 2 1 9 1 64
1 "None"
0 
gf2 1 1 100000 0 0 3 1 1 0 64
1 0 
0 
gf1 1 1 100000 0 0 3 1 1 0 64
1 0.0155562773002 
0 
gfs 1 1 1000 -1000 0.001 3 1 1 0 64
1 0 
0 
gt4 3 1 14 14 14 2 1 8192 1 64
1 0.001 
0 
gt0 3 1 14 14 14 2 1 8192 1 64
1 0.0005 
0 
gmax 1 1 9.99999984307e+17 -9.99999984307e+17 0 2 1 0 1 64
1 0 
0 
gfs2 1 1 1000 -1000 0.001 3 1 1 0 64
1 0 
0 
gstab 3 1 14 14 14 2 1 8192 1 64
1 0.0003 
0 
gradalt 1 1 9.99999984307e+17 -9.99999984307e+17 0 2 1 0 1 64
1 1 
0 
gt1 3 1 14 14 14 2 1 8192 1 64
1 0.002 
0 
gt3 3 1 14 14 14 2 1 8192 1 64
1 0.0006 
0 
gt8 1 1 9.99999984307e+17 -9.99999984307e+17 0 2 1 0 1 64
1 0.0005 
0 
gt6 3 1 14 14 14 2 1 8192 1 64
1 0.0005 
0 
gt5 3 1 14 14 14 2 1 8192 1 64
1 0.001 
0 
gt7 1 1 9.99999984307e+17 -9.99999984307e+17 0 2 1 0 1 64
1 0.0009 
0 
gtotlimit 1 1 9.99999984307e+17 -9.99999984307e+17 0 2 1 0 1 64
1 95 
0 
gt9 1 1 9.99999984307e+17 -9.99999984307e+17 0 2 1 0 1 64
1 0.00047 
0 
gxmax 1 1 9.99999984307e+17 -9.99999984307e+17 0 2 1 0 1 64
1 0 
0 
gxppars 2 2 8 0 0 2 1 0 1 64
1 ""
0 
homo 2 2 8 0 0 2 1 8 1 64
1 "n"
2 "n" "y" 
gzmax 1 1 9.99999984307e+17 -9.99999984307e+17 0 2 1 0 1 64
1 0 
0 
gzlvl6 1 1 9.99999984307e+17 -9.99999984307e+17 0 2 1 0 1 64
1 5700 
0 
gzlvl2 1 1 32000 -32000 0 2 1 0 1 64
1 18180 
0 
gzlvl0 1 1 9.99999984307e+17 -9.99999984307e+17 0 2 1 0 1 64
1 8000 
0 
gzcal 1 1 9.99999984307e+17 -9.99999984307e+17 0 2 1 0 1 64
1 0.001774 
0 
gzlvl1 1 1 32000 -32000 0 2 1 0 1 64
1 18000 
0 
gzlvl4 1 1 9.99999984307e+17 -9.99999984307e+17 0 2 1 0 1 64
1 11700 
0 
gzlvl3 1 1 9.99999984307e+17 -9.99999984307e+17 0 2 1 0 1 64
1 7300 
0 
gzlvl5 1 1 9.99999984307e+17 -9.99999984307e+17 0 2 1 0 1 64
1 9700 
0 
gzlvl8 1 1 9.99999984307e+17 -9.99999984307e+17 0 2 1 0 1 64
1 5700 
0 
gzlvl7 1 1 9.99999984307e+17 -9.99999984307e+17 0 2 1 0 1 64
1 9700 
0 
gzlvl9 1 1 9.99999984307e+17 -9.99999984307e+17 0 2 1 0 1 64
1 6700 
0 
hdof 5 1 7 7 7 2 1 8194 1 64
1 0 
0 
gzwin 1 1 9.99999984307e+17 -9.99999984307e+17 0 2 1 0 1 64
1 0 
0 
gzsize 1 1 9.99999984307e+17 -9.99999984307e+17 0 2 1 0 1 64
1 0 
0 
hdfrqw 1 1 9.99999984307e+17 -9.99999984307e+17 0 2 1 256 0 64
1 10 
0 
hdfrqc 5 1 1000000000 -1000000000 0 2 1 256 0 64
1 0 
0 
hdmf 1 1 9.99999984307e+17 -9.99999984307e+17 0 2 1 0 1 64
1 1000 
0 
hdres 1 1 9.99999984307e+17 -9.99999984307e+17 0 2 1 0 1 64
1 0.9 
0 
hdpwr 7 1 49 -16 1 2 1 2 1 64
1 1 
0 
hdpsmode 4 2 4 0 0 2 1 0 1 64
1 "n"
0 
hdpwrf 1 1 9.99999984307e+17 -9.99999984307e+17 0 2 1 0 1 64
1 4095 
0 
hfrq 5 1 1000000000 -1000000000 0 2 1 0 1 64
1 599.904955248 
0 
hdwave 2 2 8 0 0 2 1 0 1 64
1 "SEDUCE1"
0 
hdseq 2 2 8 0 0 2 1 0 1 64
1 ""
0 
hdwshimlist 2 2 8 0 0 2 1 0 1 64
1 ""
0 
ho 1 1 500 -500 0 4 1 1 1 64
1 0 
0 
ins 3 1 8190 0 1e-07 4 1 3 1 64
1 1 
0 
hst 3 1 0.02 0 2.5e-08 2 1 2 1 64
1 0.00800000037998 
0 
homorof1 6 1 13 13 13 2 1 8192 1 64
1 2 
0 
homo3 4 2 4 0 0 2 1 0 1 64
1 "n"
2 "n" "y" 
homo2 4 2 4 0 0 2 1 0 1 64
1 "n"
2 "n" "y" 
homorof3 6 1 13 13 13 2 1 8192 1 64
1 2 
0 
homorof2 6 1 13 13 13 2 1 8192 1 64
1 2 
0 
hs 4 2 4 0 0 2 1 0 1 64
1 "n"
2 "n" "y" 
il 2 2 1 0 0 2 1 0 1 64
1 "n"
2 "y" "n" 
hzmm 1 1 1000000000 -1000000000 0 4 1 11 1 64
1 50.6072874494 
0 
ident 2 2 8 0 0 3 1 0 1 64
1 ""
0 
in 4 2 1 0 0 2 1 0 1 64
1 "n"
3 "n" "w" "y" 
index2 7 1 32767 0 0 3 1 7 1 64
1 0 
0 
investigator 2 2 8 0 0 2 1 0 1 64
1 ""
0 
insref 1 1 9.99999984307e+17 -9.99999984307e+17 0 4 1 0 1 64
1 1 
0 
ins2ref 1 1 9.99999984307e+17 -9.99999984307e+17 0 4 1 0 1 64
1 1 
0 
ins2 1 1 9.99999984307e+17 -9.99999984307e+17 0 4 1 0 1 64
1 1 
0 
intmod 2 2 8 0 0 4 1 0 1 64
1 "off"
3 "off" "partial" "full" 
intstd 2 2 8 0 0 2 1 0 1 64
1 ""
0 
iplanType 1 1 9.99999984307e+17 -9.99999984307e+17 0 4 1 0 1 64
1 0 
0 
iplanDefaultType 1 1 9.99999984307e+17 -9.99999984307e+17 0 4 1 0 1 64
1 0 
0 
io 1 1 500 -500 0.1 4 1 1 1 64
1 48.5981284588 
0 
jch 5 1 1000000000 -1000000000 0 2 1 0 1 64
1 143 
0 
is 1 1 1000000000 1e-06 0 4 1 3 1 64
1 1.2194156894 
0 
iswt 1 1 9.99999984307e+17 -9.99999984307e+17 0 2 1 0 1 64
1 0 
0 
layout 2 2 8 0 0 4 1 0 1 64
1 "PR42_gChmqcnoesyNhsqcA"
0 
satpwr 1 1 1e+18 -1e+18 0 2 1 0 1 64
1 -6 
0 
phase3 7 1 4 0 1 2 1 0 1 64
1 1 
0 
math 2 2 1 0 0 3 1 3 1 64
1 "f"
3 "d" "f" "i" 
lpprint1 7 1 63 0 1 3 1 0 1 64
1 0 
0 
lp2 1 1 3600 -3600 0.1 4 1 3 1 64
1 0 
0 
llamp 1 1 1000000000 0 0 4 1 0 0 64
22 0.00014342443319 0.00015805986186 0.000155893620104 0.000143068828038 9.80560216703e-05 0.000247148098424 0.000115748611279 0.00021719103097 0.000294588360703 0.000209454883588 0.000243093993049 0.000100878074591 0.000163626493304 0.000276182516245 9.63944839896e-05 0.000209003395867 0.000212154525798 8.81309242686e-05 0.000169054997968 0.000176181143615 0.000132884364575 0.000143727578688 
0 
liamp 1 1 1000000000 0 0 4 1 0 0 64
2 0 0.12097389251 
0 
lb2 1 1 100000 -100000 0 3 1 1 0 64
1 1 
0 
lb1 1 1 100000 -100000 0 3 1 1 0 64
1 0.318309992552 
0 
lifrq 1 1 1000000000 -1000000000 0 4 1 0 0 64
1 0 
0 
linearpred 2 2 8 0 0 2 1 0 1 64
1 "dglp"
0 
load 2 2 4 0 0 2 1 3 1 64
1 "n"
2 "y" "n" 
llfrq 1 1 1000000000 -1000000000 0 4 1 0 0 64
22 4488.83002471 4483.9466152 4481.01656949 4477.10984188 4323.77078316 3533.63512389 3500.4279392 3465.2673907 3451.59384407 3429.1301603 3407.64315845 3382.24942898 3316.8117415 3283.60455681 3267.97764636 3256.25746353 3244.5372807 3224.02696074 3199.60991317 3195.70318556 3188.86641225 2758.14969316 
0 
lllabel 2 2 8 0 0 3 1 0 1 64
1 ""
0 
lp 1 1 3600 -3600 0.1 4 1 3 1 64
1 0 
0 
longlist 2 2 8 0 0 2 1 256 1 64
1 ""
0 
locdir 2 2 8 0 0 2 1 0 1 64
1 ""
0 
lot 2 2 8 0 0 2 1 0 1 64
1 ""
0 
lp1 1 1 3600 -3600 0.1 4 1 3 1 64
1 0 
0 
lpext2 7 1 1000000 0 1 3 1 0 1 64
1 19 
0 
lpe3 1 1 9.99999984307e+17 -9.99999984307e+17 0 2 1 0 1 64
1 0 
0 
lpe 1 1 9.99999984307e+17 -9.99999984307e+17 0 2 1 0 1 64
1 0 
0 
lpalg1 2 2 8 0 0 3 1 0 1 64
1 "lpfft"
0 
lpalg 2 2 8 0 0 3 1 0 1 64
1 "lpfft"
0 
lpalg2 2 2 8 0 0 3 1 0 1 64
1 "lpfft"
0 
lpe2 1 1 9.99999984307e+17 -9.99999984307e+17 0 2 1 0 1 64
1 0 
0 
lpext1 7 1 1000000 0 1 3 1 0 1 64
1 96 
0 
lpext 7 1 1000000 0 1 3 1 0 1 64
1 1 
0 
lpnupts1 7 1 1000000 1 1 3 1 0 1 64
1 32 
0 
lpfilt2 7 1 32767 1 1 3 1 0 1 64
1 5 
0 
lpfilt1 7 1 32767 1 1 3 1 0 1 64
1 8 
0 
lpfilt 7 1 32767 1 1 3 1 0 1 64
1 32 
0 
lpnupts 7 1 1000000 1 1 3 1 0 1 64
1 64 
0 
lpopt 2 2 8 0 0 3 1 0 1 64
1 "b"
0 
lpnupts2 7 1 1000000 1 1 3 1 0 1 64
1 13 
0 
lpopt2 2 2 8 0 0 3 1 0 1 64
1 "f"
0 
lpopt1 2 2 8 0 0 3 1 0 1 64
1 "f"
0 
lpprint 7 1 63 0 1 3 1 0 1 64
1 0 
0 
lsfrq1 1 1 9.99999984307e+17 -9.99999984307e+17 0 3 1 0 0 64
1 301.7312968 
0 
lsfid 7 1 64000 -64000 1 3 1 0 0 64
1 0 
0 
lptrace1 7 1 32767 0 1 3 1 0 1 64
1 0 
0 
lpprint2 7 1 63 0 1 3 1 0 1 64
1 0 
0 
lptrace 7 1 32767 0 1 3 1 0 1 64
1 0 
0 
lptrace2 7 1 32767 0 1 3 1 0 1 64
1 0 
0 
lro 1 1 9.99999984307e+17 -9.99999984307e+17 0 2 1 0 1 64
1 0 
0 
lsfrq 1 1 9.99999984307e+17 -9.99999984307e+17 0 3 1 0 0 64
1 0 
0 
lsfid2 7 1 64000 -64000 1 3 1 0 0 64
1 0 
0 
macro 2 2 6 0 0 4 1 3 1 64
1 ""
0 
lvl 1 1 1000000000 -1000000000 0 4 1 1 1 64
1 0 
0 
lsfrq2 1 1 9.99999984307e+17 -9.99999984307e+17 0 3 1 0 0 64
1 0 
0 
mag_flg 4 2 4 0 0 2 1 0 1 64
1 "n"
0 
osfb 1 1 100000 0 0 2 1 1 0 64
1 0 
0 
ni3 7 1 32767 0 1 2 1 0 1 64
1 1 
0 
n3 2 2 6 0 0 4 1 3 1 64
1 "PRvar1"
0 
mix 1 1 9.99999984307e+17 -9.99999984307e+17 0 2 1 0 1 64
1 0.175 
0 
method 2 2 6 0 0 2 1 3 1 64
1 "z1z2"
0 
maxrelaxT 3 1 14 14 14 2 1 8192 1 64
1 0 
0 
mfslp 4 2 4 0 0 2 1 0 1 64
1 "n"
0 
n1 2 2 6 0 0 4 1 3 1 64
1 ""
0 
modules 2 2 8 0 0 2 1 1 1 64
1 " par2D par3D"
0 
n2 2 2 6 0 0 4 1 3 1 64
1 "n"
0 
nfrq 5 1 1000000000 -1000000000 0 2 1 0 1 64
1 60.7879323844 
0 
nameprefix 2 2 8 0 0 2 1 9 1 64
1 ""
0 
name 2 2 8 0 0 3 1 0 1 64
1 ""
0 
newmodules 2 2 8 0 0 2 1 1 1 64
1 ""
0 
ni 7 1 32767 0 0 2 1 0 1 64
1 1 
0 
ni2 7 1 32767 0 1 2 1 0 1 64
1 1 
0 
ntype3d 4 2 4 0 0 3 1 0 1 64
1 "nn"
0 
np 7 1 524288 32 2 2 1 11 1 64
1 2048 
0 
notebook 2 2 8 0 0 2 1 0 1 64
1 ""
0 
nt 7 1 1000000000 1 1 2 1 2 1 64
1 4 
0 
ns 1 1 9.99999984307e+17 -9.99999984307e+17 0 2 1 0 1 64
1 0 
0 
operator_ 2 2 8 0 0 2 1 0 1 64
1 "et"
0 
nuc_obs 2 2 8 0 0 2 1 0 1 64
1 "N/A!"
0 
nuc_ni2 2 2 8 0 0 2 1 0 1 64
1 "N/A!"
0 
nuc_ni 2 2 8 0 0 2 1 0 1 64
1 "N/A!"
0 
nuc_ni3 2 2 8 0 0 2 1 0 1 64
1 "CO"
0 
obsSW 2 2 8 0 0 2 1 1 1 64
1 ""
0 
orient 2 2 8 0 0 2 1 0 1 64
1 "trans"
0 
oscoef 7 1 49999 3 2 2 1 1 1 64
1 247 
0 
pad 3 1 14 14 14 2 1 8194 1 64
1 0.5 
0 
oslsfrq 1 1 9.99999984307e+17 -9.99999984307e+17 0 2 1 1 0 64
1 0 
0 
osfilt 2 2 8 0 0 2 1 0 1 64
1 "a"
5 "a" "A" "b" "B" "" 
p1 6 1 13 13 13 2 1 8192 1 64
1 0 
0 
oversamp 7 1 68 0 1 2 1 9 1 64
1 1 
0 
path3d 2 2 8 0 0 4 1 0 1 64
1 "/export/home/vnmrj/vnmrsys/exp7/datadir3d"
0 
paramChanged 1 1 9.99999984307e+17 -9.99999984307e+17 0 2 1 0 1 64
1 0 
0 
page 2 2 8 0 0 2 1 0 1 64
1 ""
0 
parver 2 2 8 0 0 2 1 0 1 64
1 "VnmrJ VERSION 4.2 REVISION devel"
0 
parlabel 2 2 8 0 0 2 1 5 1 64
1 ""
0 
parversion 1 1 9.99999984307e+17 -9.99999984307e+17 0 2 1 4 1 64
1 5.1 
0 
phase 1 1 1e+18 -1e+18 0 2 1 0 1 64
1 1 
0 
phase2 7 1 4 0 1 2 1 0 1 64
1 1 
0 
pw 6 1 13 13 13 2 1 8194 1 64
1 4.7 
0 
position1 2 2 8 0 0 3 1 0 1 64
1 ""
0 
plane 2 2 8 0 0 4 1 0 1 64
1 "f1f3"
6 "f1f3" "f3f1" "f2f3" "f3f2" "f1f2" "f2f1" 
phi7cal 1 1 360 0 0 2 1 0 0 64
1 0 
0 
phfid2 1 1 3600 -3600 0.1 3 1 0 0 64
1 0 
0 
phfid1 1 1 3600 -3600 0.1 3 1 0 0 64
1 0 
0 
phfid 1 1 3600 -3600 0.1 3 1 0 0 64
1 0 
0 
phi 1 1 9.99999984307e+17 -9.99999984307e+17 0 2 1 0 1 64
1 0 
0 
pipeQ1 2 2 8 0 0 3 1 0 1 64
2 "0"
"0"
0 
pipeGLB 2 2 8 0 0 3 1 0 1 64
2 "4"
"4"
0 
pipeELB 2 2 8 0 0 3 1 0 1 64
2 "0"
"0"
0 
pipeGOFF 2 2 8 0 0 3 1 0 1 64
2 "0"
"0"
0 
pipeistCMult 2 2 8 0 0 3 1 0 1 64
1 "0.3"
0 
pipeQ3 2 2 8 0 0 3 1 0 1 64
2 "0"
"0"
0 
pipeQ2 2 2 8 0 0 3 1 0 1 64
2 "0"
"0"
0 
pipeistMaxRes 2 2 8 0 0 3 1 0 1 64
1 "1"
0 
pipeistIter 2 2 8 0 0 3 1 0 1 64
1 "1024"
0 
pipeistTMult 2 2 8 0 0 3 1 0 1 64
1 "0.7"
0 
pos1 1 1 9.99999984307e+17 -9.99999984307e+17 0 2 1 0 1 64
1 0 
0 
pltmod 2 2 8 0 0 4 1 0 1 64
1 "off"
5 "off" "fixed" "full" "variable" "user" 
plotoption 2 2 8 0 0 4 1 0 1 64
1 ""
0 
plocklist 2 2 8 0 0 2 1 1 1 64
1 ""
0 
plt2Darg 2 2 8 0 0 4 1 272 1 64
8 "both"
"20"
"1.3"
"f2"
"f1"
""
""
""
0 
pmode 2 2 8 0 0 3 1 0 1 64
1 "full"
0 
pltopt 4 2 4 0 0 2 1 0 1 64
1 "y"
0 
pos3 1 1 9.99999984307e+17 -9.99999984307e+17 0 2 1 0 1 64
1 0 
0 
pos2 1 1 9.99999984307e+17 -9.99999984307e+17 0 2 1 0 1 64
1 0 
0 
posY 2 2 8 0 0 2 1 0 1 64
1 "pro"
0 
posX 2 2 8 0 0 2 1 0 1 64
1 "ppe"
0 
posZ 2 2 8 0 0 2 1 0 1 64
1 "pss0"
0 
proc 2 2 10 0 0 3 1 1 1 64
1 "ft"
0 
preacq 6 1 13 13 13 2 1 8192 0 64
1 0 
0 
pplvl 1 1 9 9 9 2 1 8192 1 64
1 55 
0 
ppe 1 1 9.99999984307e+17 -9.99999984307e+17 0 2 1 0 1 64
1 0 
0 
position2 2 2 8 0 0 3 1 0 1 64
1 ""
0 
pp 6 1 13 13 13 2 1 8192 1 64
1 15 
0 
ppe2 1 1 9.99999984307e+17 -9.99999984307e+17 0 2 1 0 1 64
1 0 
0 
pplvl_cf 1 1 9.99999984307e+17 -9.99999984307e+17 0 2 1 0 1 64
1 1 
0 
prcopt 4 2 4 0 0 2 1 0 1 64
1 "y"
0 
prescribed 2 2 8 0 0 2 1 0 1 64
1 "n"
0 
prescan 2 2 8 0 0 3 1 256 1 64
11 "Not done"
"Not done"
"off"
"off"
"off"
"off"
"off"
"on"
"on"
""
""
0 
pro 1 1 9.99999984307e+17 -9.99999984307e+17 0 2 1 0 1 64
1 0 
0 
priority 7 1 32768 0 1 2 1 0 1 64
1 5 
0 
processing 2 2 8 0 0 2 1 0 1 64
1 "dgp"
0 
procdim 7 1 32767 0 0 3 1 0 1 64
1 0 
0 
proc_ni 2 2 8 0 0 2 1 0 1 64
1 "BPexpress_setup_proc('ni')"
0 
proc2 2 2 8 0 0 3 1 1 1 64
1 "ft"
0 
proc1 2 2 10 0 0 3 2 1 1 64
1 "ft"
0 
proc_3d 2 2 8 0 0 2 1 0 1 64
1 "BPexpress_setup_proc('3d')"
0 
proc_nus_cmd 2 2 8 0 0 2 1 0 1 64
1 "BPexpress_setup_proc('nus')"
0 
proc_ni2 2 2 8 0 0 2 1 0 1 64
1 "BPexpress_setup_proc('ni2')"
0 
proc_obs 2 2 8 0 0 2 1 0 1 64
1 "BPexpress_setup_proc('obs')"
0 
processID 1 1 9.99999984307e+17 -9.99999984307e+17 0 2 1 0 1 64
1 0 
0 
processid 1 1 9.99999984307e+17 -9.99999984307e+17 0 2 1 0 1 64
1 0 
0 
pslabel 2 2 8 0 0 2 1 11 1 64
1 "PR42_gChmqcnoesyNhsqcA"
0 
psi 1 1 9.99999984307e+17 -9.99999984307e+17 0 2 1 0 1 64
1 0 
0 
protocols 2 2 8 0 0 3 1 0 1 64
1 ""
0 
pss0 1 1 9.99999984307e+17 -9.99999984307e+17 0 4 1 0 1 64
1 0 
0 
pss 1 1 9.99999984307e+17 -9.99999984307e+17 0 2 1 0 1 64
1 0 
0 
ptspec3d 4 2 4 0 0 3 1 0 1 64
1 "nnn"
0 
reffrq1 1 1 9.99999984307e+17 -9.99999984307e+17 0 4 1 0 1 64
1 150.8676808 
0 
pwCd 6 1 13 13 13 2 1 8192 1 64
1 250 
0 
pwC6 6 1 13 13 13 2 1 8192 1 64
1 89.2 
0 
pwC3 6 1 13 13 13 2 1 8192 1 64
1 48.6 
0 
pw90 6 1 13 13 13 2 1 8194 1 64
1 4.7 
0 
pw200 6 1 13 13 13 2 1 8192 1 64
1 1000 
0 
pwC 6 1 13 13 13 2 1 8192 1 64
1 12 
0 
pwC4 6 1 13 13 13 2 1 8192 1 64
1 48.6 
0 
pwC3a 6 1 13 13 13 2 1 8192 1 64
1 48.6 
0 
pwC5 6 1 13 13 13 2 1 8192 1 64
1 89.2 
0 
pwC8a 6 1 13 13 13 2 1 8192 1 64
1 80.8 
0 
pwC7a 6 1 13 13 13 2 1 8192 1 64
1 80.8 
0 
pwC7 6 1 13 13 13 2 1 8192 1 64
1 80.8 
0 
pwC8 6 1 13 13 13 2 1 8192 1 64
1 80.8 
0 
pwC9a 6 1 13 13 13 2 1 8192 1 64
1 80.8 
0 
pwC9 6 1 13 13 13 2 1 8192 1 64
1 80.8 
0 
r3 1 1 1e+18 -1e+18 0 4 1 1 1 64
1 0 
0 
pwx2 6 1 13 13 13 2 1 8192 1 64
1 15 
0 
pwNlvl 1 1 63 -37 0.5 2 1 2 1 64
1 61 
0 
pwHs 6 1 13 13 13 2 1 8192 1 64
1 1420 
0 
pwClvl 1 1 63 -37 0.5 2 1 2 1 64
1 62 
0 
pwN 6 1 13 13 13 2 1 8192 1 64
1 30 
0 
pwx 6 1 13 13 13 2 1 8192 1 64
1 15 
0 
pwsl 6 1 13 13 13 2 1 8192 1 64
1 40 
0 
pwxlvl 1 1 9 9 9 2 1 8192 1 64
1 55 
0 
pwx2lvl_cf 1 1 9.99999984307e+17 -9.99999984307e+17 0 2 1 0 1 64
1 1 
0 
pwx2lvl 1 1 18 18 18 2 1 8192 1 64
1 55 
0 
r1 1 1 1e+18 -1e+18 0 4 1 1 1 64
1 0 
0 
pwxlvl_cf 1 1 9.99999984307e+17 -9.99999984307e+17 0 2 1 0 1 64
1 1 
0 
r2 1 1 1e+18 -1e+18 0 4 1 1 1 64
1 0 
0 
ref 5 1 1000000000 -1000000000 0 3 1 0 1 64
1 0 
0 
r7 1 1 1e+18 -1e+18 0 4 1 1 1 64
1 32 
0 
r5 1 1 1e+18 -1e+18 0 4 1 1 1 64
1 0 
0 
r4 1 1 1e+18 -1e+18 0 4 1 1 1 64
1 0 
0 
r6 1 1 1e+18 -1e+18 0 4 1 1 1 64
1 0 
0 
radialShift 1 1 9.99999984307e+17 -9.99999984307e+17 0 4 1 0 1 64
1 0 
0 
radialAngles 1 1 9.99999984307e+17 -9.99999984307e+17 0 4 1 0 1 64
1 0 
0 
rcvrs 4 2 4 0 0 2 1 1 1 64
1 "y"
2 "n" "y" 
ref_pw90 1 1 9.99999984307e+17 -9.99999984307e+17 0 2 1 0 1 64
1 5.12 
0 
ref1 5 1 1000000000 -1000000000 0 3 1 0 1 64
1 0 
0 
ref_pwr 1 1 9.99999984307e+17 -9.99999984307e+17 0 2 1 0 1 64
1 60 
0 
reffrq 1 1 9.99999984307e+17 -9.99999984307e+17 0 4 1 0 1 64
1 599.374095576 
0 
rfp2 1 1 9.99999984307e+17 -9.99999984307e+17 0 4 1 0 1 64
1 0 
0 
rfband 4 2 4 0 0 2 1 0 1 64
1 "cccc"
3 "c" "h" "l" 
refpos1 1 1 9.99999984307e+17 -9.99999984307e+17 0 4 1 0 1 64
1 0 
0 
refpos 1 1 9.99999984307e+17 -9.99999984307e+17 0 4 1 0 1 64
1 0 
0 
reffrq2 1 1 9.99999984307e+17 -9.99999984307e+17 0 4 1 0 1 64
1 60.7931787 
0 
refsource1 2 2 8 0 0 4 1 0 1 64
1 "sfrq"
0 
refpos2 1 1 9.99999984307e+17 -9.99999984307e+17 0 4 1 0 0 64
1 0 
0 
researchgroup 2 2 8 0 0 2 1 0 1 64
1 ""
0 
refsource2 2 2 8 0 0 4 1 0 1 64
1 "sfrq"
0 
retentiontime_ 2 2 8 0 0 2 1 0 1 64
1 ""
0 
rfl3 1 1 9.99999984307e+17 -9.99999984307e+17 0 2 1 0 1 64
1 750.00468753 
0 
rfl1 1 1 1000000000 -1000000000 0 4 1 1 1 64
1 1219.2058086 
0 
rfl 1 1 1000000000 -1000000000 0 4 1 1 1 64
1 3233.69136854 
0 
rfl2 1 1 9.99999984307e+17 -9.99999984307e+17 0 4 1 0 1 64
1 934.941564593 
0 
rfp 1 1 1000000000 -1000000000 0 4 1 1 1 64
1 0 
0 
rfp1 1 1 1000000000 -1000000000 0 4 1 1 1 64
1 0 
0 
sample 2 2 8 0 0 2 1 1 1 64
1 ""
0 
rp1 1 1 3600 -3600 0.1 4 1 3 1 64
1 0 
0 
rof2 6 1 8192 0 0.1 2 1 2 1 64
1 28 
0 
rfp3 1 1 9.99999984307e+17 -9.99999984307e+17 0 2 1 0 1 64
1 6945.89394105 
0 
rof1 6 1 13 13 13 2 1 8194 1 64
1 10 
0 
rp 1 1 3600 -3600 0.1 4 1 3 1 64
1 67.0346803789 
0 
s1 2 2 8 0 0 2 1 0 1 64
1 "10"
0 
rp2 1 1 3600 -3600 0.1 4 1 3 1 64
1 0 
0 
sa 7 1 10000000 0 0 3 1 1 0 64
1 1024 
0 
sas 7 1 10000000 0 0 3 1 1 0 64
1 0 
0 
sampleowner 2 2 8 0 0 2 1 0 1 64
1 ""
0 
samplename 2 2 8 0 0 2 1 8 1 64
1 ""
0 
sample_noise 1 1 9.99999984307e+17 -9.99999984307e+17 0 2 1 0 1 64
1 0 
0 
sampwt 1 1 9.99999984307e+17 -9.99999984307e+17 0 2 1 0 1 64
1 0 
0 
sampling 2 2 8 0 0 2 1 0 1 64
1 "s"
0 
satfrq 5 1 1000000000 -1000000000 0 2 1 0 1 64
1 -219.2 
0 
satdly 1 1 1e+18 -1e+18 0 2 1 0 1 64
1 1 
0 
satmode 4 2 4 0 0 2 1 0 1 64
1 "yn"
0 
satpos 1 1 9.99999984307e+17 -9.99999984307e+17 0 2 1 0 1 64
1 0 
0 
timeTN 3 1 14 14 14 2 1 8192 1 64
1 0.014 
0 
strtext1 7 1 1000000 1 1 3 1 0 1 64
1 33 
0 
sfrq 1 1 1000000000 0 0 2 1 11 1 64
1 499.9247544 
0 
sbs2 1 1 1000 -1000 0.001 3 1 1 1 64
1 -0.00299999999993 
0 
sb2 1 1 1000 -1000 0.001 3 1 1 1 64
1 0.00300000000004 
0 
sb 1 1 1000 -1000 0.001 3 1 0 1 64
1 -0.085 
0 
satthk 1 1 9.99999984307e+17 -9.99999984307e+17 0 2 1 0 1 64
1 0 
0 
saveshapes 2 2 8 0 0 2 1 256 1 64
1 ""
0 
sb1 1 1 1000 -1000 0.001 3 1 1 1 64
1 -0.016 
0 
sbs 1 1 1000 -1000 0.001 3 1 1 1 64
1 -0.085 
0 
sbs1 1 1 1000 -1000 0.001 3 1 1 1 64
1 -0.016 
0 
sequence 2 2 8 0 0 2 1 0 1 64
1 "dg2"
0 
scans 2 2 8 0 0 3 1 0 1 64
1 ""
0 
sc2 1 1 3 3 3 4 1 8195 1 64
1 0 
0 
sc 1 1 1 1 1 4 1 8195 1 64
1 3.125 
0 
sdirtmplt 2 2 8 0 0 2 1 0 1 64
1 ""
0 
scoutinfo 2 2 8 0 0 2 1 256 1 64
1 ""
0 
seqfil 2 2 8 0 0 2 1 11 1 64
1 "PR42_gChmqcnoesyNhsqcA"
0 
sf1 1 1 9.99999984307e+17 -9.99999984307e+17 0 4 1 0 1 64
1 0 
0 
sf 1 1 8190 0 1e-07 4 1 3 1 64
1 0 
0 
setup_nus_cmd 2 2 8 0 0 2 1 0 1 64
1 "BPexpress_setup_nus"
0 
sf2 1 1 9.99999984307e+17 -9.99999984307e+17 0 4 1 0 1 64
1 0 
0 
spin 1 1 39 0 1 2 1 0 0 64
1 0 
0 
sp 1 1 1000000000 -1000000000 0 4 1 3 1 64
1 -3233.69136854 
0 
sn 1 1 1e+18 -1e+18 0 3 1 1 1 64
1 0 
0 
shims 2 2 8 0 0 2 1 0 1 64
1 ""
0 
solvent 2 2 6 0 0 2 1 11 1 64
1 "D2O"
0 
sorient 2 2 8 0 0 2 1 0 1 64
1 "trans"
0 
sp2 1 1 9.99999984307e+17 -9.99999984307e+17 0 4 1 0 1 64
1 -934.941564593 
0 
sp1 1 1 1000000000 -1000000000 0 4 1 3 1 64
1 -1172.0942041 
0 
specdc3d 4 2 4 0 0 3 1 0 1 64
1 "nnn"
0 
sphi 1 1 9.99999984307e+17 -9.99999984307e+17 0 2 1 0 1 64
1 0 
0 
sslsfrq 1 1 9.99999984307e+17 -9.99999984307e+17 0 3 1 0 1 64
1 0 
0 
ss 7 1 32767 -32768 0 2 1 0 1 64
1 2 
0 
srate 7 1 32767 0 1 2 1 0 1 64
1 25 
0 
spsi 1 1 9.99999984307e+17 -9.99999984307e+17 0 2 1 0 1 64
1 0 
0 
sreffrq 1 1 9.99999984307e+17 -9.99999984307e+17 0 2 1 0 1 64
1 499.922475824 
0 
ssfilter 1 1 50000 10 0.1 3 1 0 1 64
1 200 
0 
ssorder 7 1 20 1 1 3 1 0 0 64
1 7 
0 
ssntaps 7 1 2500 0 1 3 1 0 1 64
1 200 
0 
stheta 1 1 9.99999984307e+17 -9.99999984307e+17 0 2 1 0 1 64
1 0 
0 
sspul 4 2 4 0 0 2 1 0 1 64
1 "n"
0 
strtext 7 1 1000000 1 1 3 1 0 1 64
1 1 
0 
sw3 1 1 5000000 1 -1.25e-08 2 6 0 1 64
1 2199.97800022 
0 
studystatus 2 2 8 0 0 2 1 0 1 64
1 ""
0 
strtlp2 7 1 1000000 1 1 3 1 0 1 64
1 13 
0 
strtlp 7 1 1000000 1 1 3 1 0 1 64
1 2 
0 
strtext2 7 1 1000000 1 1 3 1 0 1 64
1 14 
0 
strtlp1 7 1 1000000 1 1 3 1 0 1 64
1 32 
0 
study 2 2 8 0 0 3 1 0 1 64
1 ""
0 
strtpar 2 2 8 0 0 2 1 0 1 64
1 ""
0 
studyowner 2 2 8 0 0 2 1 0 1 64
1 "et"
0 
sw 1 1 5 5 5 2 4 8203 1 64
1 12019.2307692 
0 
svfopt 4 2 4 0 0 2 1 0 1 64
1 "y"
0 
svftmplt 2 2 8 0 0 2 1 0 1 64
1 ""
0 
sw2 1 1 5000000 1 -2.5e-08 2 1 0 1 64
1 2100 
0 
sw1 1 1 1e+18 -1e+18 0 2 4 0 1 64
1 8000 
0 
taunh 1 1 9.99999984307e+17 -9.99999984307e+17 0 2 1 0 1 64
1 0.0023 
0 
tauCH 3 1 14 14 14 2 1 8192 1 64
1 0.0017 
0 
swH 1 1 9.99999984307e+17 -9.99999984307e+17 0 2 4 0 1 64
1 1799.66032933 
0 
swC 1 1 9.99999984307e+17 -9.99999984307e+17 0 2 5 0 1 64
1 3771.11118 
0 
swN 1 1 9.99999984307e+17 -9.99999984307e+17 0 2 6 0 1 64
1 1822.692246 
0 
tauch 1 1 9.99999984307e+17 -9.99999984307e+17 0 2 1 0 1 64
1 0.0033 
0 
tauNH 3 1 14 14 14 2 1 8192 1 64
1 0.0024 
0 
th 1 1 1000000000 0 0 4 1 1 1 64
1 1 
0 
temp 1 1 200 -150 0.1 2 1 8 1 64
1 25 
0 
text_string 2 2 8 0 0 4 1 256 1 64
1 ""
0 
theta 1 1 9.99999984307e+17 -9.99999984307e+17 0 2 1 0 1 64
1 0 
0 
th2d 1 1 1 1e-18 0 4 1 17 1 64
1 0.8 
0 
thk 1 1 9.99999984307e+17 -9.99999984307e+17 0 2 1 0 1 64
1 0 
0 
wf1 1 1 9.99999984307e+17 -9.99999984307e+17 0 4 1 0 1 64
1 0.021226192795 
0 
vpfi 1 1 500 -500 0 4 1 0 1 64
1 0 
0 
tpwrsf_t 1 1 9.99999984307e+17 -9.99999984307e+17 0 2 1 0 1 64
1 2569 
0 
tof 5 1 7 7 7 2 1 8202 1 64
1 -221 
0 
time_submitted 2 2 8 0 0 2 1 0 1 64
1 "20060313T094046"
0 
time_processed 2 2 8 0 0 3 1 0 1 64
1 "20060313T094058"
0 
time_exp 2 2 8 0 0 2 1 0 1 64
1 ""
0 
time_complete 2 2 8 0 0 2 1 0 1 64
1 "20060313T094058"
0 
time_plotted 2 2 8 0 0 3 1 0 1 64
1 ""
0 
time_run 2 2 8 0 0 2 1 0 1 64
1 "20060313T094047"
0 
time_saved 2 2 8 0 0 2 1 0 1 64
1 "20140403T165007"
0 
tlt 1 1 1000000000 -1000000000 0 4 1 1 1 64
1 0 
0 
time_svfdate 2 2 8 0 0 2 1 0 1 64
1 "20060313T094046"
0 
time_submitted_local 2 2 8 0 0 2 1 0 1 64
1 "20060313T094046X09AMMonMar"
0 
tin 2 2 1 0 0 2 1 2 1 64
1 "n"
3 "n" "w" "y" 
tnref 2 2 8 0 0 4 1 1 1 64
1 ""
0 
tn 2 2 4 0 0 2 1 8 1 64
1 "H1"
0 
tnshapes 2 2 8 0 0 2 1 256 1 64
3 ""
""
""
0 
tpwrsf_d 1 1 9.99999984307e+17 -9.99999984307e+17 0 2 1 0 1 64
1 2599 
0 
tofh 5 1 1000000000 -1000000000 0 2 1 0 1 64
1 -1252.56660593 
0 
tofali 1 1 9.99999984307e+17 -9.99999984307e+17 0 2 1 0 1 64
1 -1180.81884231 
0 
tpwr_cf 1 1 9.99999984307e+17 -9.99999984307e+17 0 2 1 0 1 64
1 1 
0 
tpwr 1 1 63 -37 0.5 2 1 2 1 64
1 60 
0 
tpwrsf_a 1 1 9.99999984307e+17 -9.99999984307e+17 0 2 1 0 1 64
1 2400 
0 
tpwrsf_i 1 1 9.99999984307e+17 -9.99999984307e+17 0 2 1 0 1 64
1 1999 
0 
tpwrsf_n 1 1 9.99999984307e+17 -9.99999984307e+17 0 2 1 0 1 64
1 2029 
0 
vf 1 1 1000000000 0 0 4 1 3 1 64
1 29121214405.2 
0 
trace 2 2 2 0 0 4 1 3 1 64
1 "f2"
3 "f1" "f2" "f3" 
tpwrsl 1 1 9.99999984307e+17 -9.99999984307e+17 0 2 1 0 1 64
1 46 
0 
tpwrsf_u 1 1 9.99999984307e+17 -9.99999984307e+17 0 2 1 0 1 64
1 1799 
0 
tunemethod 2 2 8 0 0 2 1 0 1 64
1 "lohi"
0 
trise 1 1 9.99999984307e+17 -9.99999984307e+17 0 2 1 0 1 64
1 1e-05 
0 
userplotter 2 2 8 0 0 4 1 0 1 64
1 ""
0 
username 2 2 8 0 0 2 1 0 1 64
1 "georgeg"
0 
userprocess 2 2 8 0 0 2 1 0 1 64
1 "return"
0 
vox2 1 1 9.99999984307e+17 -9.99999984307e+17 0 2 1 0 1 64
1 0 
0 
volnv2 7 1 32767 0 0 2 1 0 1 64
1 0 
0 
vjdialogarg 2 2 8 0 0 4 1 256 1 64
1 ""
0 
vjdialog 2 2 8 0 0 4 1 256 1 64
1 ""
0 
vo 1 1 500 -500 0 4 1 1 1 64
1 90 
0 
vorient 2 2 8 0 0 2 1 0 1 64
1 "trans"
0 
volume 1 1 9.99999984307e+17 -9.99999984307e+17 0 2 1 0 1 64
1 0 
0 
vox1 1 1 9.99999984307e+17 -9.99999984307e+17 0 2 1 0 1 64
1 0 
0 
vp 7 1 500 -500 0.1 4 1 3 1 64
1 10 
0 
vox3 1 1 9.99999984307e+17 -9.99999984307e+17 0 2 1 0 1 64
1 0 
0 
vpf 1 1 500 -500 0 4 1 0 1 64
1 0 
0 
vtheta 1 1 9.99999984307e+17 -9.99999984307e+17 0 2 1 0 1 64
1 0 
0 
vs2d 1 1 1000000000 1e-06 0 4 1 3 1 64
1 3472.22229983 
0 
vpsi 1 1 9.99999984307e+17 -9.99999984307e+17 0 2 1 0 1 64
1 0 
0 
vphi 1 1 9.99999984307e+17 -9.99999984307e+17 0 2 1 0 1 64
1 0 
0 
vs 1 1 1000000000 1e-06 0 4 1 3 1 64
1 151578.626534 
0 
vtc 1 1 255 0 1 2 1 2 1 64
1 25 
0 
vsproj 1 1 1000000000 1e-06 0 4 1 3 1 64
1 7802.74911595 
0 
wc2 1 1 4 4 4 4 1 8195 1 64
1 154.5 
0 
wbs 2 2 6 0 0 3 1 3 1 64
1 ""
0 
vtwait 3 1 14 14 14 2 1 8194 1 64
1 10 
0 
wc 1 1 2 2 2 4 1 8203 1 64
1 237.5 
0 
werr 2 2 6 0 0 3 1 3 1 64
1 "return"
0 
wdone 2 2 8 0 0 3 1 0 1 64
1 "acqdone"
0 
wds 2 2 8 0 0 3 1 0 1 64
1 ""
0 
wexp 2 2 6 0 0 3 1 3 1 64
1 ""
0 
wf 1 1 8190 0 1e-07 4 1 3 1 64
1 0.0851968 
0 
z2xy 7 1 19 19 19 2 1 8192 1 64
1 2544 
0 
xy 7 1 19 19 19 2 1 8192 1 64
1 -1064 
0 
wtfile 2 2 15 0 0 3 1 1 1 64
1 ""
0 
wp1 1 1 100000 0 0 4 1 3 1 64
1 12013.4591475 
0 
wnt 2 2 6 0 0 3 1 3 1 64
1 ""
0 
wf2 1 1 9.99999984307e+17 -9.99999984307e+17 0 4 1 0 1 64
1 0.0658334619143 
0 
wp 1 1 5000000 0 0 4 1 11 1 64
1 12019.2307692 
0 
wrtp 2 2 8 0 0 3 1 0 1 64
1 ""
0 
wp2 1 1 9.99999984307e+17 -9.99999984307e+17 0 4 1 0 1 64
1 1944.3 
0 
wqinit 2 2 8 0 0 4 1 0 1 64
1 ""
0 
wshim 4 2 4 0 0 2 1 1 1 64
1 "n"
15 "e" "f" "g" "n" "s" "0" "1" "2" "3" "4" "5" "6" "7" "8" "9" 
wstart 2 2 8 0 0 3 1 0 1 64
1 ""
0 
x2y2 7 1 19 19 19 2 1 8192 1 64
1 2915 
0 
wtfile2 2 2 8 0 0 3 1 1 1 64
1 ""
0 
wtfile1 2 2 15 0 0 3 2 1 1 64
1 ""
0 
x1 7 1 19 19 19 2 1 8192 1 64
1 -3557 
0 
wtune 4 2 4 0 0 2 1 0 1 64
1 "n"
11 "s" "t" "e" "i" "n" "o" "v" "1" "2" "3" "4" 
x4 7 1 19 19 19 2 1 8192 1 64
1 0 
0 
x3 7 1 19 19 19 2 1 8192 1 64
1 -3988 
0 
xdiag 1 1 1e+18 0 0 4 1 17 1 64
1 0 
0 
yz2 7 1 19 19 19 2 1 8192 1 64
1 -4552 
0 
y3 7 1 19 19 19 2 1 8192 1 64
1 -5274 
0 
xz2 7 1 19 19 19 2 1 8192 1 64
1 3227 
0 
xz 7 1 19 19 19 2 1 8192 1 64
1 -507 
0 
y1 7 1 19 19 19 2 1 8192 1 64
1 817 
0 
yz 7 1 19 19 19 2 1 8192 1 64
1 631 
0 
y4 7 1 19 19 19 2 1 8192 1 64
1 0 
0 
z2 7 1 19 19 19 2 1 8192 1 64
1 1322 
0 
z1 7 1 19 19 19 2 1 8192 1 64
1 9286 
0 
z1c 7 1 19 19 19 2 1 8192 1 64
1 -1044 
0 
z2x2y2 7 1 19 19 19 2 1 8192 1 64
1 546 
0 
z2c 7 1 19 19 19 2 1 8192 1 64
1 196 
0 
z2x3 7 1 19 19 19 2 1 8192 1 64
1 0 
0 
z4c 7 1 19 19 19 2 1 8192 1 64
1 0 
0 
z3xy 7 1 19 19 19 2 1 8192 1 64
1 0 
0 
z3c 7 1 19 19 19 2 1 8192 1 64
1 0 
0 
z3 7 1 19 19 19 2 1 8192 1 64
1 -508 
0 
z2y3 7 1 19 19 19 2 1 8192 1 64
1 0 
0 
z3x2y2 7 1 19 19 19 2 1 8192 1 64
1 0 
0 
z3x 7 1 19 19 19 2 1 8192 1 64
1 -1646 
0 
z3x3 7 1 19 19 19 2 1 8192 1 64
1 0 
0 
z3y3 7 1 19 19 19 2 1 8192 1 64
1 0 
0 
z3y 7 1 19 19 19 2 1 8192 1 64
1 -64 
0 
z4 7 1 19 19 19 2 1 8192 1 64
1 3981 
0 
z5x 7 1 19 19 19 2 1 8192 1 64
1 0 
0 
z4y 7 1 19 19 19 2 1 8192 1 64
1 -802 
0 
z4x2y2 7 1 19 19 19 2 1 8192 1 64
1 0 
0 
z4x 7 1 19 19 19 2 1 8192 1 64
1 88 
0 
z4xy 7 1 19 19 19 2 1 8192 1 64
1 0 
0 
z5 7 1 19 19 19 2 1 8192 1 64
1 5959 
0 
z8 7 1 19 19 19 2 1 8192 1 64
1 0 
0 
z6 7 1 19 19 19 2 1 8192 1 64
1 10042 
0 
z5y 7 1 19 19 19 2 1 8192 1 64
1 0 
0 
z7 7 1 19 19 19 2 1 8192 1 64
1 5546 
0 
zx3 7 1 19 19 19 2 1 8192 1 64
1 -2108 
0 
zx2y2 7 1 19 19 19 2 1 8192 1 64
1 -1564 
0 
zoom 7 1 32767 0 0 4 1 0 1 64
1 0 
0 
zxy 7 1 19 19 19 2 1 8192 1 64
1 -3453 
0 
zy3 7 1 19 19 19 2 1 8192 1 64
1 1290 
0 
