gro 1 1 1000 -1000 0 2 1 0 1 64
1 8.95878683725 
0 
dn2 2 2 8 0 0 2 1 8 1 64
1 ""
0 
decpat 2 2 0 0 0 2 1 0 1 64
1 ""
0 
chessfrq 5 1 8 8 8 2 1 8192 1 64
1 0 
0 
array 2 2 256 0 0 2 1 1 1 64
1 "nt"
0 
aipFidMenu 2 2 8 0 0 2 1 0 1 64
1 "off"
0 
age 1 1 9.9e+17 0 0.001 3 1 0 1 64
1 0 
0 
acqdim 7 1 32767 0 0 2 1 0 1 64
1 3 
0 
H1reffrq 1 1 9.99999984307e+17 -9.99999984307e+17 0 2 1 0 1 64
1 399.415439188 
0 
B0 1 1 1000000 -1000000 0 2 1 0 1 64
1 93809.9739611 
0 
acqcycles 1 1 9.99999984307e+17 -9.99999984307e+17 0 2 1 0 1 64
1 93 
0 
RMScurrentlimit 1 1 9.99999984307e+17 -9.99999984307e+17 0 2 1 0 1 64
1 15 
0 
acqtype 2 2 0 0 0 2 1 1 1 64
1 ""
0 
acqstatus 7 1 32767 0 0 2 1 256 1 64
2 0 0 
0 
acqpath 2 2 8 0 0 2 1 0 1 64
1 ""
0 
adir2tmplt 2 2 8 0 0 2 1 0 1 64
1 ""
0 
actionid 2 2 8 0 0 4 1 0 1 64
1 "n015"
0 
adirtmplt 2 2 8 0 0 2 1 0 1 64
1 ""
0 
aipFDFMenu 2 2 8 0 0 2 1 0 1 64
1 "off"
0 
aipDir 2 2 8 0 0 2 1 0 1 64
1 ""
0 
aig 2 2 2 0 0 4 1 1 1 64
1 "ai"
2 "nm" "ai" 
aipFDF 2 2 8 0 0 2 1 0 1 64
1 ""
0 
aipFid 2 2 8 0 0 2 1 0 1 64
1 ""
0 
aipFDFtosq 2 2 8 0 0 2 1 0 1 64
1 ""
0 
alfa 6 1 8190 10 0.0125 2 1 2 1 64
1 20 
0 
aipStudy 2 2 8 0 0 2 1 0 1 64
1 ""
0 
aipRunTime 2 2 8 0 0 2 1 0 1 64
1 "dicom"
0 
aipPTag 2 2 8 0 0 2 1 0 1 64
1 "n"
0 
aipFormat 2 2 8 0 0 2 1 0 1 64
1 ""
0 
aipPath 2 2 8 0 0 2 1 0 1 64
1 ""
0 
aipScale 1 1 9.99999984307e+17 -9.99999984307e+17 0 3 1 0 1 64
1 1 
0 
aipScanMenu 2 2 8 0 0 2 1 0 1 64
1 "fdf"
0 
aipStudyMenu 2 2 8 0 0 2 1 0 1 64
1 "off"
0 
aipSubdir 2 2 8 0 0 2 1 0 1 64
1 ""
0 
anatomy 2 2 8 0 0 2 1 0 1 64
1 ""
0 
alock 2 2 8 0 0 2 1 0 1 64
1 "n"
5 "a" "n" "s" "u" "y" 
allvolumes 2 2 8 0 0 2 1 0 1 64
1 "y"
0 
alpha 1 1 9.99999984307e+17 -9.99999984307e+17 0 2 1 0 1 64
1 5 
0 
apptype 2 2 0 0 0 2 1 1 1 64
1 "im2Dcsi"
0 
ap 2 2 1023 0 0 4 1 6 1 64
1 "1:SAMPLE:date,solvent,file;1:ACQUISITION:sfrq:3,tn:2,at:3,np:0,sw:1,fb:0,bs(bs):0,ss(ss):0,tpwr(tpwr):0,pw:1,p1(p1):1,d1:3,d2(d2):3,tof:1,nt:0,ct:0,alock,gain:0;1:FLAGS:il,in,dp,hs;1(ni):2D ACQUISITION:sw1:1,ni:0,phase:0;1(ni2):3D ACQUISITION:d3:0,sw2:1,ni2:0,phase2:0;1:DISPLAY:sp:1,wp:1,vs:0,sc:0,wc:0,hzmm:2,is:2,rfl:1,rfp:1,th:0,ins:3,aig*,dcg*,dmg*;1(ni):2D DISPLAY:sp1:1,wp1:1,sc2:0,wc2:0,rfl1:1,rfp1:1;2:DEC. & VT:dfrq:3,dn,dpwr:0,dof:1,dm,dmm,dmf,dseq,dres:1,homo,temp(temp):1;2(numrfch > 2):DEC2:dfrq2:3,dn2,dpwr2:0,dof2:1,dm2,dmm2,dmf2:0,dseq2,dres2:1;2:PROCESSING:cf(nf):0,lb(lb):2,sb(sb):3,sbs(sb):3,gf(gf):3,gfs(gf):3,awc(awc):3,lsfid(lsfid):0,phfid(phfid):1,wtfile,proc,fn:0,math,,werr,wexp,wbs,wnt;2(ni):2D PROCESSING:lb1(lb1):3,sb1(sb1):3,sbs1(sb1):3,gf1(gf1):3,gfs1(gf1):3,awc1(awc1):3,wtfile1,proc1,fn1:0;2(ni2):3D PROCESSING:lb2(lb2):2,sb2(sb2):3,sbs2(sb2):3,gf2(gf2):3,gfs2(gf2):3,awc2(awc2):3,wtfile2,proc2,fn2:0;"
0 
archivedir 2 2 8 0 0 2 1 0 1 64
1 ""
0 
awc1 1 1 10000 -10000 1e-06 3 1 1 0 64
1 0 
0 
arraystart 7 1 32767 0 0 2 1 0 1 64
1 1 
0 
arraydodc 4 2 4 0 0 2 1 0 1 64
1 "n"
0 
arraydelta 7 1 32767 0 0 2 1 0 1 64
1 1 
0 
arraySave 2 2 8 0 0 2 1 0 1 64
1 "nt,specnt"
0 
arraydim 7 1 32768 1 1 2 1 5 1 64
1 93 
0 
arrayelemts 1 1 9.99999984307e+17 -9.99999984307e+17 0 2 1 0 1 64
1 1 
0 
arraydscale 4 2 4 0 0 2 1 0 1 64
1 "n"
0 
arrayflip 4 2 4 0 0 2 1 0 1 64
1 "n"
0 
at 1 1 14 14 14 2 1 8203 1 64
1 0.1277952 
0 
arraystop 7 1 32767 0 0 2 1 0 1 64
1 15 
0 
avwdir 2 2 8 0 0 3 1 0 1 64
1 ""
0 
autooffset 4 2 4 0 0 2 1 0 1 64
1 "n"
0 
awc 1 1 10000 -10000 1e-06 3 1 1 0 64
1 0 
0 
bigsig 4 2 0 0 0 2 1 0 1 64
1 ""
0 
axis 4 2 4 0 0 4 1 0 1 64
1 "p"
11 "c" "d" "1" "2" "3" "h" "k" "m" "n" "p" "u" 
awc3 1 1 10000 -10000 1e-06 3 1 1 1 64
1 0 
0 
awc2 1 1 1 -1 0.001 3 1 1 1 64
1 0 
0 
b0delay 6 1 13 13 13 2 1 8192 1 64
1 0 
0 
axisf 4 2 4 0 0 4 1 0 1 64
1 "s"
4 "m" "n" "s" "u" 
b1max 1 1 9.99999984307e+17 -9.99999984307e+17 0 2 1 0 1 64
1 3848.48950932 
0 
bs 7 1 32767 0 1 2 1 0 1 64
1 16 
0 
bistro 4 2 4 0 0 2 1 0 1 64
1 "n"
0 
birthday 2 2 8 0 0 3 1 0 1 64
4 ""
""
""
""
0 
boresize 1 1 9.99999984307e+17 -9.99999984307e+17 0 2 1 0 1 64
1 5.5 
0 
celem 1 1 9.99999984307e+17 -9.99999984307e+17 0 2 1 0 1 64
1 0 
0 
bvalue 1 1 9.99999984307e+17 -9.99999984307e+17 0 3 1 0 1 64
1 0 
0 
cf 7 1 32767 0 1 3 1 1 1 64
1 1 
0 
d3 3 1 14 14 14 2 1 8194 1 64
1 0 
0 
crf 1 1 9.99999984307e+17 -9.99999984307e+17 0 4 1 0 1 64
1 0 
0 
cp 2 2 1 0 0 2 1 0 1 64
1 "y"
2 "y" "n" 
console 2 2 8 0 0 2 1 0 1 64
1 "vnmrs"
0 
comment 2 2 8 0 0 3 1 0 1 64
1 ""
0 
cr1 1 1 1000000000 -1000000000 0 4 1 3 1 64
1 686.897408144 
0 
cr 1 1 1000000000 -1000000000 0 4 1 1 1 64
1 1897.22503239 
0 
cppauseflg 4 2 4 0 0 4 1 0 1 64
1 "n"
0 
cr2 1 1 9.99999984307e+17 -9.99999984307e+17 0 4 1 0 1 64
1 0 
0 
d1 3 1 14 14 14 2 1 8192 1 64
1 0.002 
0 
customflag 4 2 4 0 0 2 1 0 1 64
1 "n"
0 
ct 7 1 1000000000 0 1 2 1 6 1 64
1 0 
0 
crush 4 2 4 0 0 2 1 0 1 64
1 "n"
0 
currentlimit 1 1 9.99999984307e+17 -9.99999984307e+17 0 2 1 0 1 64
1 100 
0 
cutoff 1 1 9.99999984307e+17 -9.99999984307e+17 0 4 1 0 0 64
1 200 
0 
d1end 3 1 14 14 14 2 1 8192 1 64
1 0 
0 
d1array 3 1 14 14 14 3 1 8192 1 64
1 0 
0 
d2 3 1 14 14 14 2 1 8192 1 64
1 0 
0 
d1start 3 1 14 14 14 2 1 8192 1 64
1 0 
0 
dcg 2 2 3 0 0 4 1 1 1 64
1 "cdc"
2 "dc" "cdc" 
dataProcessed 1 1 9.99999984307e+17 -9.99999984307e+17 0 3 1 0 1 64
1 0 
0 
d5 3 1 14 14 14 2 1 8192 1 64
1 0 
0 
d4 3 1 14 14 14 2 1 8192 1 64
1 0 
0 
date 2 2 9 0 0 2 1 1 1 64
1 "Feb  3 2011"
0 
dataid 2 2 8 0 0 2 1 0 1 64
1 ""
0 
datname 2 2 8 0 0 3 1 0 1 64
1 ""
0 
dconi 2 2 8 0 0 2 1 0 1 64
1 "dcon,gray,linear"
0 
dcrmv 2 2 8 0 0 4 1 0 1 64
1 "y"
0 
dgslice 2 2 0 0 0 4 1 0 1 64
4 "1:SLICE PARAMETERS:ns:0,ne:0,thk:3,pro:3,ppe:3;"
"2:SLICE POSITION:[pss];"
"3:VOXEL POSITION:[pos1],,[pos2],,[pos3];"
"4:VOXEL SIZE:[vox1],,[vox2],,[vox3];"
0 
deltaf 1 1 100 0 0 4 1 0 1 64
1 0.00182826969943 
0 
decpat5 2 2 0 0 0 2 1 0 1 64
1 ""
0 
decpat3 2 2 0 0 0 2 1 0 1 64
1 ""
0 
decpat1 2 2 0 0 0 2 1 0 1 64
1 ""
0 
decpat2 2 2 0 0 0 2 1 0 1 64
1 ""
0 
decpat4 2 2 0 0 0 2 1 0 1 64
1 ""
0 
delta1 1 1 5000000 0 0 4 1 3 1 64
1 343.636242988 
0 
delta 1 1 5000000 0 0 4 1 1 1 64
1 566.963578292 
0 
delta2 1 1 9.99999984307e+17 -9.99999984307e+17 0 4 1 0 1 64
1 0 
0 
dgfov 2 2 0 0 0 4 1 0 1 64
8 "1:FIELD OF VIEW:lro:3,lpe:3,lpe2:3,lpe3:3,fovunit,;"
"1:FOV POSITION:pro:3,ppe:3,pss:3,;"
"1:FOV BANDWIDTHS:sw:1,sw1:1,sw2:1,sw3:1;"
"2:FOV ORIENTATION:orient,psi:1,phi:1,theta:1,;"
"2:VOXEL ORIENTATION:vorient,vpsi:1,vphi:1,vtheta:1;"
"3:VOXEL POSITION:pos1:3,pos2:3,pos3:3,;"
"3:VOXEL SIZE:vox1:3,vox2:3,vox3:3,thkunit,;"
"4:ACQ CONTROL:seqcon,nD:0,ni:0,nf:0,cf:0,,ne:0,ns:0,,np:0,nv:0,nv2:0,nv3:0;"
0 
dg 2 2 1023 0 0 4 1 6 1 64
1 "1:ACQUISITION:sfrq:3,tn,at:3,np:0,sw:1,sw1:1,pw:1,pwpi:1,d1:3,dt:3,te:3,tpe:6,tof:1,nt:0,ct:0,tpwr,tpwr2,gain,;2:SAMPLE:date,file,;2:DECOUPLING:dn,dof:1,dm,dmm,dmf,dpwr;3:GRADIENTS:gpe1,gpe2,gpe3,siaxes,alpha,gpepat,;3:PULSE PATTERNS:pwpat,pwpipat,;3:PROCESSING:cf(nf):0,lb(lb):2,sb(sb):3,sbs(sb):3,gf(gf):3,gfs(gf):3,awc(awc):3,lsfid(lsfid):0,phfid(phfid):1,fn:0,math;4:ROI:nsteps1,nsteps2,nsteps3,lpe1:1,lpe2:1,lpe3:1,table,;4:FLAGS:seflag,fuleko,il,dp;4:SPECIAL:priority:0,ticks:0;"
0 
dfrq2 1 1 1000000000 0 0 2 1 9 1 64
1 0 
0 
dfrq 5 1 1000000000 -1000000000 0 2 1 8 1 64
1 100.4421082 
0 
dfrq3 1 1 1000000000 0 0 2 1 9 1 64
1 0 
0 
dfrq4 1 1 1000000000 0 0 2 1 9 1 64
1 0 
0 
dg2 2 2 8 0 0 4 1 4 1 64
6 "1:1st DECOUPLING:dfrq:3,dn,dpwr:0,dof:1,dm,dmm,dmf:0,dseq,dres:1,homo;"
"2(numrfch>2):2nd DECOUPLING:dfrq2:3,dn2,dpwr2:0,dof2:1,dm2,dmm2,dmf2:0,dseq2,dres2:1,homo2;"
"2(numrfch>3):3rd DECOUPLING:dfrq3:3,dn3,dpwr3:0,dof3:1,dseq3,dres3:1,homo3;"
"3(ni2):3D ACQUISITION:d3:3,sw2:1,ni2:0,phase2:0;"
"3(ni2):3D DISPLAY:rp2:1,lp2:1;"
"4(ni2):3D PROCESSING:lb2:3,sb2:3,sbs2(sb2):3,gf2:3,gfs2(gf2):3,awc2:3,wtfile2,proc2,fn2:0;"
0 
dg1 2 2 8 0 0 4 1 0 1 64
1 "1:DISPLAY:sp:1,wp:1,sp1(ni):1,wp1(ni):1,sp2(ni2):1,wp2(ni2):1;1:FID:sf:3,wf:3,vf:0;1:FLAGS:aig*,dcg*,pmode*(ni),dmg*,dmg1*(ni),dmg2*(ni2);2:REFERENCING:rfl:1,rfp:1,cr:1,delta:1,,rfl1(ni):1,rfp1(ni):1,cr1(ni):1,delta1(ni):1,,rfl2(ni2):1,rfp2(ni2):1,cr2(ni2):1,delta2(ni2):1;3:CHART:sc:0,wc:0,sc2(ni):0,wc2(ni):0,,hzmm:2,vs:1,vp:1,th:1,ho:2,vo:2,axis,,pltmod,rplot;4(ni):DIMENSIONS:trace,plane(ni2);4:INTEGRAL:intmod,is:2,ins:3,io:0,,lvl:3,tlt:3;4(ni2):3D OPTIONS:fiddc3d,specdc3d,ptspec3d,ntype3d;"
0 
dgdelay 2 2 0 0 0 4 1 0 1 64
5 "1:SEQUENCE:at:3,tr:3,te:3,ti:3,tm:3,;"
"1:PHASE ENCODING:tpe:3,tpe2:3,tpe3:3;"
"2:GENERAL:d1:3,d2:3,d3:3,d4:3,d5:3,,tau:3,tau1:3,tau2:3;"
"3:CARDIAC GATING:ticks:0,hold:3,;"
"3:SPECIAL:tdelta:3,tDELTA:3,tdiff:3,tflow:3,tspoil:3;"
0 
dgs 2 2 1023 0 0 4 1 6 1 64
4 "1:AXIAL SHIMS:z1c:0,z2c:0;"
"2:NON AXIAL SHIMS:x1:0,y1:0,xz:0,yz:0,xy:0,x2y2:0;"
"4:AUTOMATION:method,wshim,load,,spin:0,gain:0,alock,loc:0;"
"4:SPECIAL:temp;"
0 
dgproc 2 2 0 0 0 4 1 0 1 64
6 "1:1D FFT:np:0,fn:0,;"
"1:2D FFT:nv:0,ni:0,nf:0,fn1:0,;"
"1:CURRENT IMAGE:slice:0,echo:0,element:0;"
"2:1D APODIZATION:lb:3,gf:3,gfs:3,sb:3,sbs:3,awc:3;"
"3:2D APODIZATION:lb1:3,gf1:3,gfs1:3,sb1:3,sbs1:3,awc2:3;"
"4:ACQ PROCESSING:werr,wexp,wnt,wbs;"
0 
dggrad 2 2 0 0 0 4 1 0 1 64
8 "1:COIL CALIBRATION:gcoil,gmax:3,trise:5,gradunit,boresize:1,B0:0,;"
"1:VOXEL SELECTION:gvox1:3,gvox2:3,gvox3:3;"
"2:READ OUT:gro:3,gror:3,;"
"2:PHASE ENCODE:gpe:3,gpe2:3,gpe3:3,gpemult:3,;"
"2:SLICE SELECT:gss:3,gss2:3,gss3:3,gssr:3;"
"3:GENERAL:g0:3,g1:3,g2:3,g3:3,g4:3,g5:3,,gx:3,gy:3,gz:3;"
"4:SPECIAL:gdiff:3,gflow:3,gspoil:3,gcrush:3,gtrim:3;"
"4:PATTERNS:gropat,gpepat,gsspat;"
0 
dgpulse 2 2 0 0 0 4 1 0 1 64
9 "1:OBS PULSE LENGTHS:p1:1,p2:1,p3:1,p4:1,p5:1,pw:1,pi:1,psat:1;"
"1:OBS PULSE PATTERNS:p1pat,p2pat,p3pat,p4pat,p5pat,pwpat,pipat,satpat;"
"2:OBS PULSE POWERS:tpwr1:0,tpwr2:0,tpwr3:0,tpwr4:0,tpwr5:0,tpwr,tpwri,tpwrsat:0;"
"2:OBS FREQUENCIES:tn,sfrq:3,tof:1,resto:1,wsfrq:1,satfrq:1;"
"2:OBS CALIBRATION:rfcoil;"
"3:DEC FREQUENCIES:dn,dfrq:3,dof:1;"
"3:DEC CONTROL:dm,dmm,dmf;"
"3:DEC POWERS:dpwr1:0,dpwr2:0,dpwr3:0,dpwr4:0,dpwr5:0,dpwr:0;"
"4:DEC PULSE PATTERNS:decpat,decpat1,decpat2,decpat3,decpat4,decpat5;"
0 
dgseq 2 2 0 0 0 4 1 0 1 64
8 "1:SEQUENCE NAME:seqfil,pslabel,;"
"1:SEQUENCE TYPE:nD:0,exptype,;"
"1:LOOP CONTROL:seqcon,acqtype;"
"2:ACTIVE PULSES:[plist],;"
"2:ACTIVE PATTERNS:[patlist];"
"3:ACTIVE POWERS:[pwrlist],;"
"3:FLIP ANGLES:[fliplist];"
"4:CONJUGATE GRAD:[sslist];"
0 
dmf 7 1 11 11 11 2 1 8194 1 64
1 200 
0 
dimZ 2 2 8 0 0 2 1 0 1 64
1 "lpe3"
0 
dimX 2 2 8 0 0 2 1 0 1 64
1 "lpe"
0 
dhp 1 1 9 9 9 2 1 8192 0 64
1 20 
0 
dgtarg 2 2 0 0 0 4 1 0 1 64
8 "1:VOXEL POSITION:t_pos1:3,t_pos2:3,t_pos3:3,;"
"1:VOXEL SIZE:t_vox1:3,t_vox2:3,t_vox3:3,;"
"1:VOXEL ORIENT:t_vpsi:1,t_vphi:1,t_vtheta:1,;"
"1:ARRAY STRING:t_array;"
"2:FIELD OF VIEW:t_lro:3,t_lpe:3,t_lpe2:3,t_lpe3:3,;"
"2:FOV POSITION:t_pro:3,t_ppe:3,t_ppe2:3,t_ppe3:3,;"
"2:ORIENTATION:t_psi:1,t_phi:1,t_theta:1;"
"3:SLICE POSITION:t_ns:0,t_thk:1,t_gap:1,,[t_pss];"
0 
diff 4 2 4 0 0 2 1 0 1 64
1 "n"
0 
dimY 2 2 8 0 0 2 1 0 1 64
1 "lpe2"
0 
dlp2 1 1 9.99999984307e+17 -9.99999984307e+17 0 2 1 0 1 64
1 0 
0 
dlp 7 1 10 10 10 2 1 8194 0 64
1 20 
0 
displaymode 4 2 9.99999984307e+17 -9.99999984307e+17 0 4 1 0 1 64
1 "af"
0 
disCmd 2 2 8 0 0 2 1 0 1 64
1 "go"
0 
dlp1 1 1 9.99999984307e+17 -9.99999984307e+17 0 2 1 0 1 64
1 5.4 
0 
dm 4 2 4 0 0 2 1 0 1 64
1 "nnn"
4 "a" "n" "s" "y" 
dlp3 1 1 9.99999984307e+17 -9.99999984307e+17 0 2 1 0 1 64
1 5.4 
0 
dm3 4 2 4 0 0 2 1 0 1 64
1 "n"
4 "a" "n" "s" "y" 
dm2 4 2 4 0 0 2 1 0 1 64
1 "n"
4 "a" "n" "s" "y" 
dm4 4 2 4 0 0 2 1 0 1 64
1 "n"
4 "a" "n" "s" "y" 
dmg1 2 2 8 0 0 4 1 0 1 64
1 "av1"
4 "" "av1" "ph1" "pwr1" 
dmf3 7 1 2000000 1 0 2 1 2 1 64
1 200 
0 
dmf2 7 1 2000000 1 0 2 1 2 1 64
1 200 
0 
dmg 2 2 2 0 0 4 1 3 1 64
1 "ph"
0 
dmf4 7 1 2000000 1 0 2 1 2 1 64
1 200 
0 
dmm2 4 2 4 0 0 2 1 0 1 64
1 "c"
9 "c" "f" "g" "m" "p" "r" "u" "w" "x" 
dmm 4 2 4 0 0 2 1 0 1 64
1 "c"
9 "c" "f" "g" "m" "p" "r" "u" "w" "x" 
dmm4 4 2 4 0 0 2 1 0 1 64
1 "c"
5 "c" "f" "n" "p" "w" 
dmm3 4 2 4 0 0 2 1 0 1 64
1 "c"
9 "c" "f" "g" "m" "p" "r" "u" "w" "x" 
dn 2 2 4 0 0 2 1 8 1 64
1 "C13"
0 
flipir 1 1 9.99999984307e+17 -9.99999984307e+17 0 2 1 0 1 64
1 0 
0 
dres2 7 1 360 1 0 2 1 0 1 64
1 1 
0 
dpwr3 1 1 79 0 1 2 1 0 1 64
1 0 
0 
dphi 1 1 1000000 -1000000 0 2 1 0 1 64
1 0 
0 
dof4 5 1 22 22 22 2 1 8202 1 64
1 0 
0 
dof 5 1 8 8 8 2 1 8202 1 64
1 0 
0 
dn4 2 2 8 0 0 2 1 8 1 64
1 ""
0 
dn3 2 2 8 0 0 2 1 8 1 64
1 ""
0 
dod 3 1 14 14 14 2 1 8194 1 64
1 0.00999999977648 
0 
dof2 5 1 16 16 16 2 1 8202 1 64
1 0 
0 
dof3 5 1 20 20 20 2 1 8202 1 64
1 0 
0 
dotflag 2 2 8 0 0 4 1 0 1 64
1 "n"
2 "n" "y" 
dorient 2 2 0 0 0 2 1 0 1 64
1 ""
5 "trans" "sag" "cor" "oblique" "orient" 
dp 2 2 1 0 0 2 1 0 1 64
1 "y"
2 "y" "n" 
dpwr1 1 1 79 0 1 2 1 0 1 64
1 0 
0 
dpwr 1 1 9 9 9 2 1 8192 1 64
1 30 
0 
dpsi 1 1 1000000 -1000000 0 2 1 0 1 64
1 0 
0 
dpwr2 1 1 79 0 1 2 1 0 1 64
1 1 
0 
dreffrq 1 1 9.99999984307e+17 -9.99999984307e+17 0 2 1 0 1 64
1 100.433092067 
0 
dpwr5 1 1 79 0 1 2 1 0 1 64
1 0 
0 
dpwr4 1 1 79 0 1 2 1 0 1 64
1 0 
0 
dreffrq3 1 1 9.99999984307e+17 -9.99999984307e+17 0 2 1 0 1 64
1 0 
0 
dreffrq2 1 1 9.99999984307e+17 -9.99999984307e+17 0 2 1 0 1 64
1 0 
0 
dres 7 1 360 1 0 2 1 0 1 64
1 1 
0 
dreffrq4 1 1 9.99999984307e+17 -9.99999984307e+17 0 2 1 0 1 64
1 0 
0 
execprocess 2 2 8 0 0 4 1 0 1 64
1 "im2Dcsi('proc')"
0 
endvol 1 1 9.99999984307e+17 -9.99999984307e+17 0 2 1 0 1 64
1 1 
0 
dseq4 2 2 8 0 0 2 1 0 1 64
1 ""
0 
dseq 2 2 8 0 0 2 1 0 1 64
1 ""
0 
dres4 7 1 360 1 0 2 1 0 1 64
1 1 
0 
dres3 7 1 360 1 0 2 1 0 1 64
1 1 
0 
dsSelect 7 1 32767 0 0 4 1 0 1 64
1 1 
0 
dseq2 2 2 8 0 0 2 1 0 1 64
1 ""
0 
dseq3 2 2 8 0 0 2 1 0 1 64
1 ""
0 
ec 7 1 32767 0 0 3 1 0 1 64
1 1 
0 
dtheta 1 1 1000000 -1000000 0 2 1 0 1 64
1 0 
0 
dt 3 1 14 14 14 2 1 8192 1 64
1 4e-06 
0 
editText 7 1 32767 0 0 3 1 0 1 64
1 0 
0 
echo 7 1 32767 0 0 3 1 0 1 64
1 1 
0 
element 7 1 32767 0 0 3 1 0 1 64
1 1 
0 
execplot 2 2 8 0 0 4 1 0 1 64
1 ""
0 
eqnoise 2 2 8 0 0 2 1 0 1 64
1 "n"
0 
execprep 2 2 8 0 0 4 1 0 1 64
1 "im2Dcsi('prep')"
0 
execprescan 2 2 8 0 0 4 1 0 1 64
1 "im2Dcsi('prescan')"
0 
fb 7 1 6 6 6 2 1 8203 1 64
1 1000 
0 
exptype 2 2 0 0 0 2 1 1 1 64
1 ""
0 
exppath 2 2 8 0 0 2 1 0 1 64
1 "/home/lana/vnmrsys/exp1/acqfil"
0 
execsetup 2 2 8 0 0 4 1 0 1 64
1 "im2Dcsi('prep')"
0 
f1coef 2 2 8 0 0 3 1 1 1 64
1 "1 0 0 -1"
0 
f2coef 2 2 8 0 0 3 1 1 1 64
1 "1 0 0 -1"
0 
fidid 2 2 8 0 0 2 1 0 1 64
1 ""
0 
fdffile 2 2 8 0 0 3 1 0 1 64
1 ""
0 
fdfdir 2 2 8 0 0 3 1 0 1 64
1 ""
0 
fiddc3d 4 2 4 0 0 3 1 0 1 64
1 "nnn"
0 
flip1 1 1 9.99999984307e+17 -9.99999984307e+17 0 2 1 0 1 64
1 90 
0 
filter 7 1 1000000000 0 1 2 1 2 1 64
1 54.0999984741 
0 
file 2 2 6 0 0 2 1 3 1 64
1 "exp"
0 
fliparray 1 1 9.99999984307e+17 -9.99999984307e+17 0 3 1 0 1 64
15 0.6 0.7 0.8 0.9 1 1.1 1.2 1.3 1.4 1.5 1.6 1.7 1.8 1.9 2 
0 
flip2 1 1 9.99999984307e+17 -9.99999984307e+17 0 2 1 0 1 64
1 180 
0 
flipfsat 1 1 9.99999984307e+17 -9.99999984307e+17 0 2 1 0 1 64
1 0 
0 
g4 1 1 1000 -1000 0 2 1 0 1 64
1 0 
0 
fovtitle 2 2 0 0 0 4 1 3 1 64
1 ""
0 
fn1 7 1 524288 64 -2 3 1 1 1 64
1 128 
0 
flipsat 1 1 9.99999984307e+17 -9.99999984307e+17 0 2 1 0 1 64
1 90 
0 
fliplist 1 1 1000000 -1000000 0 3 1 0 1 64
3 90 180 90 
0 
flipmt 1 1 9.99999984307e+17 -9.99999984307e+17 0 2 1 0 1 64
1 0 
0 
fn 7 1 524288 64 -2 3 1 1 0 64
1 1024 
0 
flipws 1 1 9.99999984307e+17 -9.99999984307e+17 0 2 1 0 1 64
1 90 
0 
fovcon 1 1 1000000 -1000000 0 2 1 0 1 64
1 0 
0 
fn2 7 1 524288 64 -2 3 1 1 1 64
1 128 
0 
fsatfrq 1 1 9.99999984307e+17 -9.99999984307e+17 0 2 1 0 1 64
1 0 
0 
fpmult2 1 1 1000000000 0 0 3 1 0 0 64
1 0 
0 
fpmult 1 1 1000000000 0 0 3 1 0 0 64
1 1 
0 
fovunit 2 2 0 0 0 2 1 8 1 64
1 ""
0 
fpmult1 1 1 1000000000 0 0 3 2 0 0 64
1 0.5 
0 
fsat 4 2 4 0 0 2 1 0 1 64
1 "n"
0 
g0 1 1 1000 -1000 0 2 1 0 1 64
1 0 
0 
ftproc 1 1 9.99999984307e+17 -9.99999984307e+17 0 3 1 256 1 64
2 1 85 
0 
fsatpat 2 2 8 0 0 2 1 0 1 64
1 "sinc"
0 
fulecho 4 2 4 0 0 2 1 0 1 64
1 "n"
0 
fuleko 4 2 4 0 0 2 1 0 1 64
1 "n"
0 
g2 1 1 1000 -1000 0 2 1 0 1 64
1 0 
0 
g1 1 1 1000 -1000 0 2 1 0 1 64
1 0 
0 
g3 1 1 1000 -1000 0 2 1 0 1 64
1 0 
0 
gmax 1 1 1000 -1000 0 2 1 0 1 64
1 100 
0 
gf1 1 1 10000 -10000 1e-06 3 1 1 0 64
1 0.1 
0 
gcrushfs 1 1 9.99999984307e+17 -9.99999984307e+17 0 2 1 0 1 64
1 0 
0 
gcoil 2 2 8 0 0 2 1 9 1 64
1 "88_55_HD_S"
0 
gain 1 1 60 0 2 2 1 0 1 64
1 2 
0 
g5 1 1 1000 -1000 0 2 1 0 1 64
1 0 
0 
gap 1 1 9.99999984307e+17 -9.99999984307e+17 0 2 1 0 1 64
1 0 
0 
gcrush 1 1 1000 -1000 0 2 1 0 1 64
1 3 
0 
gdiff 1 1 1000 -1000 0 2 1 0 1 64
1 0 
0 
gcrushsat 1 1 9.99999984307e+17 -9.99999984307e+17 0 2 1 0 1 64
1 2 
0 
gcrushmt 1 1 9.99999984307e+17 -9.99999984307e+17 0 2 1 0 1 64
1 0 
0 
gcrushws 1 1 9.99999984307e+17 -9.99999984307e+17 0 2 1 0 1 64
1 5 
0 
gf 1 1 10000 -10000 1e-06 3 1 1 0 64
1 0.10000000149 
0 
gender 2 2 8 0 0 3 1 0 1 64
1 ""
0 
gfs 1 1 10000 -10000 1e-06 3 1 1 0 64
1 0 
0 
gf3 1 1 10000 -10000 1e-06 3 1 1 1 64
1 0.1 
0 
gf2 1 1 100000 0 0 3 1 1 0 64
1 0.1 
0 
gflow 1 1 1000 -1000 0 2 1 0 1 64
1 0 
0 
gfs2 1 1 1000 -1000 0.001 3 1 1 1 64
1 0 
0 
gfs1 1 1 10000 -10000 1e-06 3 1 1 0 64
1 0 
0 
glim 1 1 100 0 0 2 1 0 1 64
1 20 
0 
gfs3 1 1 10000 -10000 1e-06 3 1 1 1 64
1 0 
0 
glimpe 1 1 9.99999984307e+17 -9.99999984307e+17 0 2 1 0 1 64
1 50 
0 
gpemult 1 1 1 0 0 2 1 0 1 64
1 0 
0 
gpat3 2 2 0 0 0 2 1 0 1 64
1 ""
0 
gpat 2 2 0 0 0 2 1 0 1 64
1 ""
0 
go_id 2 2 8 0 0 2 1 7 1 64
1 "exp1.lana.pandora_1296756187_371811"
0 
go_Options 2 2 8 0 0 2 1 7 1 64
2 "go"
"check"
0 
gpat1 2 2 0 0 0 2 1 0 1 64
1 ""
0 
gpat2 2 2 0 0 0 2 1 0 1 64
1 ""
0 
gpe2 1 1 1000 -1000 0 2 1 0 1 64
1 1.46791988021 
0 
gpe 1 1 1000 -1000 0 2 1 0 1 64
1 0 
0 
gpe1 1 1 9.99999984307e+17 -9.99999984307e+17 0 2 1 0 1 64
1 1.46791988021 
0 
gpe3incr 1 1 9.99999984307e+17 -9.99999984307e+17 0 2 1 0 1 64
1 0 
0 
gpe3 1 1 1000 -1000 0 2 1 0 1 64
1 0 
0 
gpeincr 1 1 9.99999984307e+17 -9.99999984307e+17 0 2 1 0 1 64
1 0 
0 
gradtitle 2 2 0 0 0 4 1 3 1 64
1 ""
0 
gradcon 1 1 1000 -1000 0 2 1 0 1 64
1 0 
0 
gper 1 1 9.99999984307e+17 -9.99999984307e+17 0 2 1 0 1 64
1 0 
0 
gpepat 2 2 0 0 0 2 1 0 1 64
1 "square"
0 
gpropdelay 6 1 13 13 13 2 1 8192 1 64
1 20 
0 
gradstepsz 1 1 9.99999984307e+17 -9.99999984307e+17 0 2 1 0 1 64
1 32767 
0 
grayctr 1 1 64 0 1 4 1 3 1 64
1 39 
0 
gradunit 2 2 0 0 0 2 1 8 1 64
1 ""
0 
graysl 1 1 100 -100 0.01 4 1 3 1 64
1 0.84 
0 
r7 1 1 1e+17 -1e+17 0 3 1 0 1 64
1 0 
0 
n2 2 2 0 0 0 3 1 0 1 64
1 "psg_pulse"
0 
intmod 2 2 8 0 0 4 1 0 1 64
1 "off"
3 "off" "partial" "full" 
gy 1 1 1000 -1000 0 2 1 0 1 64
1 0 
0 
gvox1 1 1 1000 -1000 0 2 1 0 1 64
1 0 
0 
gsspat 2 2 0 0 0 2 1 0 1 64
1 ""
0 
gss 1 1 1000 -1000 0 2 1 0 1 64
1 0.695207592 
0 
gror 1 1 1000 -1000 0 2 1 0 1 64
1 0 
0 
gropat 2 2 0 0 0 2 1 0 1 64
1 ""
0 
gspoil 1 1 1000 -1000 0 2 1 0 1 64
1 4 
0 
gssf 1 1 9.99999984307e+17 -9.99999984307e+17 0 2 1 0 1 64
1 1 
0 
gss2 1 1 9.99999984307e+17 -9.99999984307e+17 0 2 1 0 1 64
1 0.4782754932 
0 
gssi 1 1 9.99999984307e+17 -9.99999984307e+17 0 2 1 0 1 64
1 0 
0 
gssr 1 1 1000 -1000 0 2 1 0 1 64
1 11.7721818904 
0 
gtrim 1 1 1000 -1000 0 2 1 0 1 64
1 0 
0 
gx 1 1 1000 -1000 0 2 1 0 1 64
1 0 
0 
gvox3 1 1 1000 -1000 0 2 1 0 1 64
1 0 
0 
gvox2 1 1 1000 -1000 0 2 1 0 1 64
1 0 
0 
gxdelay 6 1 13 13 13 2 1 8192 1 64
1 18 
0 
gxcal 1 1 9.99999984307e+17 -9.99999984307e+17 0 2 1 0 1 64
1 1 
0 
gxmax 1 1 9.99999984307e+17 -9.99999984307e+17 0 2 1 0 1 64
1 100 
0 
hst 3 1 0.02 0 2.5e-08 2 1 2 1 64
1 0.00800000037998 
0 
height 1 1 9.9e+17 0 0.001 3 1 0 1 64
1 0 
0 
gzmax 1 1 9.99999984307e+17 -9.99999984307e+17 0 2 1 0 1 64
1 100 
0 
gymax 1 1 9.99999984307e+17 -9.99999984307e+17 0 2 1 0 1 64
1 100 
0 
gydelay 6 1 13 13 13 2 1 8192 1 64
1 17 
0 
gz 1 1 1000 -1000 0 2 1 0 1 64
1 0 
0 
gzdelay 6 1 13 13 13 2 1 8192 1 64
1 10 
0 
hdpwr 7 1 49 -16 1 2 1 2 1 64
1 1 
0 
hdof 5 1 7 7 7 2 1 8194 1 64
1 0 
0 
homo 2 2 8 0 0 2 1 8 1 64
1 "n"
2 "n" "y" 
hold 3 1 14 14 14 2 1 8192 1 64
1 0 
0 
ho 1 1 500 -500 0 4 1 1 1 64
1 -5.00612244898 
0 
homo3 4 2 4 0 0 2 1 0 1 64
1 "n"
2 "n" "y" 
homo2 4 2 4 0 0 2 1 0 1 64
1 "n"
2 "n" "y" 
hs 4 2 4 0 0 2 1 0 1 64
1 "nn"
2 "n" "y" 
homo4 4 2 4 0 0 2 1 0 1 64
1 "n"
2 "n" "y" 
imprep 4 2 4 0 0 2 1 0 1 64
1 "n"
0 
il 2 2 1 0 0 2 1 0 1 64
1 "n"
2 "y" "n" 
hzmm 1 1 1000000000 -1000000000 0 4 1 11 1 64
1 39.9609375 
0 
ident 2 2 8 0 0 3 1 0 1 64
1 ""
0 
imPH 2 2 8 0 0 2 1 0 1 64
1 "n"
0 
imIR 2 2 8 0 0 2 1 0 1 64
1 "n"
0 
imIM 2 2 8 0 0 2 1 0 1 64
1 "n"
0 
imMG 2 2 8 0 0 2 1 0 1 64
1 "n"
0 
imRE 2 2 8 0 0 2 1 0 1 64
1 "n"
0 
imRF 2 2 8 0 0 2 1 0 1 64
1 "n"
0 
ins2 1 1 9.99999984307e+17 -9.99999984307e+17 0 4 1 0 1 64
1 100 
0 
ins 3 1 8190 0 1e-07 4 1 3 1 64
1 100 
0 
in 4 2 1 0 0 2 1 0 1 64
1 "n"
3 "n" "w" "y" 
insref 1 1 9.99999984307e+17 -9.99999984307e+17 0 4 1 0 0 64
1 1 
0 
ins2ref 1 1 9.99999984307e+17 -9.99999984307e+17 0 4 1 0 0 64
1 1 
0 
lp 1 1 1000000 -1000000 0 3 1 3 1 64
1 0 
0 
junk 0 2 9.99999984307e+17 -9.99999984307e+17 0 2 1 0 1 64
1 ""
0 
iplanDefaultType 1 1 9.99999984307e+17 -9.99999984307e+17 0 2 1 0 1 64
1 5 
0 
iplanDefaultSize 1 1 9.99999984307e+17 -9.99999984307e+17 0 2 1 0 1 64
1 5 
0 
io 1 1 500 -500 0.1 4 1 1 1 64
1 20 
0 
investigator 2 2 8 0 0 2 1 0 1 64
1 ""
0 
iplanDefaultNs 1 1 9.99999984307e+17 -9.99999984307e+17 0 2 1 0 1 64
1 5 
0 
iplanDefaultThk 1 1 9.99999984307e+17 -9.99999984307e+17 0 2 1 0 1 64
1 4 
0 
iplanType 1 1 9.99999984307e+17 -9.99999984307e+17 0 2 1 0 1 64
1 5 
0 
iplanDefaultVoxSize 1 1 9.99999984307e+17 -9.99999984307e+17 0 2 1 0 1 64
1 10 
0 
iplanMarking 1 1 9.99999984307e+17 -9.99999984307e+17 0 4 1 0 1 64
1 0 
0 
is 1 1 1000000000 1e-06 0 4 1 3 1 64
1 500 
0 
ir 4 2 0 0 0 2 1 0 1 64
1 ""
0 
liamp 1 1 1000000000 0 0 4 1 0 0 64
1 0 
0 
lb2 1 1 100000 -100000 0 3 1 1 0 64
1 0 
0 
lb 1 1 10000 -10000 1e-06 3 1 1 1 64
1 5 
0 
layout 2 2 8 0 0 4 1 0 1 64
1 "csi3d"
0 
lb1 1 1 10000 -10000 1e-06 3 1 1 0 64
1 0 
0 
lb3 1 1 10000 -10000 1e-06 3 1 1 1 64
1 0 
0 
lcpeak_ 7 1 32767 0 0 2 1 32768 1 64
1 0 
0 
llfrq 1 1 1000000000 -1000000000 0 4 1 0 0 64
1 0 
0 
llamp 1 1 1000000000 0 0 4 1 0 0 64
1 0 
0 
lifrq 1 1 1000000000 -1000000000 0 4 1 0 0 64
1 0 
0 
lockgain_ 1 1 48 0 1 2 1 65552 1 64
1 36 
0 
loc_ 7 1 12 12 12 2 1 8201 0 64
1 0 
0 
load 2 2 4 0 0 2 1 3 1 64
1 "n"
2 "y" "n" 
lockfreq_ 5 1 160 0 1e-07 2 1 9 1 64
1 61.3127 
0 
lockphase_ 1 1 360 0 1 2 1 65552 1 64
1 1 
0 
lockpower_ 1 1 68 0 1 2 1 65552 1 64
1 31 
0 
math 2 2 1 0 0 3 1 3 1 64
1 "f"
3 "d" "f" "i" 
lsfid2 7 1 64000 -64000 1 3 1 0 0 64
1 0 
0 
lpe2 1 1 1000000 -1000000 0 2 1 0 1 64
1 5 
0 
lp2 1 1 3600 -3600 0.1 4 1 3 1 64
1 0 
0 
lp1 1 1 1000000 -1000000 0 3 1 3 1 64
1 0 
0 
lpe 1 1 1000000 -1000000 0 2 1 0 1 64
1 5 
0 
lpe1 1 1 9.99999984307e+17 -9.99999984307e+17 0 2 1 0 1 64
1 5.4 
0 
lro 1 1 1000000 -1000000 0 2 1 0 1 64
1 0 
0 
lpe3 1 1 1000000 -1000000 0 2 1 0 1 64
1 50 
0 
lsfid 7 1 64000 -64000 1 3 1 0 0 64
1 0 
0 
lsfrq2 1 1 9.99999984307e+17 -9.99999984307e+17 0 3 1 0 0 64
1 0 
0 
lsfrq1 1 1 9.99999984307e+17 -9.99999984307e+17 0 3 1 0 0 64
1 0 
0 
lsfrq 1 1 9.99999984307e+17 -9.99999984307e+17 0 3 1 0 0 64
1 0 
0 
lvl 1 1 1000000000 -1000000000 0 4 1 1 1 64
1 0 
0 
lss 1 1 1000000 -1000000 0 2 1 0 1 64
1 0 
0 
macro 2 2 6 0 0 3 1 3 1 64
1 ""
0 
mpss 1 1 9.99999984307e+17 -9.99999984307e+17 0 2 1 256 1 64
1 0 
0 
mlpe2 1 1 9.99999984307e+17 -9.99999984307e+17 0 4 1 0 1 64
1 0 
0 
mintm 4 2 4 0 0 2 1 0 1 64
1 "n"
0 
method 2 2 6 0 0 2 1 3 1 64
1 "/vnmr/shimmethods/z1z2"
0 
mcoil 1 1 9.99999984307e+17 -9.99999984307e+17 0 4 1 0 1 64
1 1 
0 
minte 4 2 4 0 0 2 1 0 1 64
1 "y"
0 
mintr 4 2 4 0 0 2 1 0 1 64
1 "n"
0 
mlpe 1 1 9.99999984307e+17 -9.99999984307e+17 0 4 1 0 1 64
1 0 
0 
mphi 2 2 8 0 0 4 1 0 1 64
1 ""
0 
mlro 1 1 9.99999984307e+17 -9.99999984307e+17 0 4 1 0 1 64
1 0 
0 
modules 2 2 8 0 0 2 1 1 1 64
1 ""
0 
mpro 1 1 9.99999984307e+17 -9.99999984307e+17 0 2 1 256 1 64
1 0 
0 
mppe 1 1 9.99999984307e+17 -9.99999984307e+17 0 2 1 256 1 64
1 0 
0 
mpsi 2 2 8 0 0 4 1 0 1 64
1 ""
0 
mt 4 2 0 0 0 2 1 0 1 64
1 ""
0 
mrgain 1 1 60 0 2 2 1 256 0 64
1 0 
0 
mrfb 1 1 256000 1000 1000 2 1 256 0 64
1 0 
0 
mstack 1 1 9.99999984307e+17 -9.99999984307e+17 0 4 1 0 1 64
1 0 
0 
mtpat 2 2 0 0 0 2 1 0 1 64
1 ""
0 
mtheta 2 2 8 0 0 4 1 0 1 64
1 ""
0 
mtfrq 5 1 8 8 8 2 1 8192 1 64
1 0 
0 
mthk 1 1 9.99999984307e+17 -9.99999984307e+17 0 4 1 0 1 64
1 0 
0 
mtpwr 1 1 79 0 1 2 1 0 1 64
1 0 
0 
n1 2 2 0 0 0 3 1 0 1 64
1 "/home/vnmr1/vnmrsys/psglib/xab.c"
0 
phfid2 1 1 3600 -3600 0.1 3 1 0 0 64
1 0 
0 
ntype3d 4 2 4 0 0 3 1 0 1 64
1 "nn"
0 
nifticyclebak 7 1 32767 0 0 2 1 0 1 64
1 1 
0 
ni2 7 1 32767 0 1 2 1 0 1 64
1 1 
0 
ne 1 1 1000000 0 1 2 1 9 1 64
1 1 
0 
nD 1 1 1000000 0 1 2 1 1 1 64
1 3 
0 
n3 2 2 0 0 0 3 1 0 1 64
1 "dgpulse"
0 
name 2 2 8 0 0 3 1 0 1 64
1 ""
0 
n_loop 7 1 32767 0 0 2 1 0 1 64
1 6 
0 
nblocks 7 1 32767 0 0 2 1 0 1 64
1 1 
0 
nfmod 7 1 32767 0 0 2 1 0 1 64
1 1 
0 
nf 1 1 1000000 0 1 2 1 1 1 64
1 1 
0 
ni 1 1 1000000 0 1 2 1 1 1 64
1 1 
0 
niftiauto 2 2 8 0 0 2 1 0 1 64
1 "y"
0 
nifti 2 2 8 0 0 2 1 0 1 64
1 "n"
0 
ni3 7 1 32767 0 0 2 1 0 1 64
1 1 
0 
nifticycle 7 1 32767 0 0 2 1 0 1 64
1 1 
0 
niftivols 7 1 32767 0 0 2 1 0 1 64
1 1 
0 
niftipage 2 2 8 0 0 2 1 0 1 64
1 "n"
0 
niftifiles 7 1 32767 0 0 2 1 0 1 64
1 1 
0 
niftifile 2 2 8 0 0 2 1 0 1 64
1 ""
0 
niftitime 2 2 8 0 0 2 1 0 1 64
1 "n"
0 
niftit 1 1 9.99999984307e+17 -9.99999984307e+17 0 2 1 0 1 64
1 1 
0 
niftitslice 1 1 9.99999984307e+17 -9.99999984307e+17 0 2 1 0 1 64
1 0 
0 
niftitoffset 1 1 9.99999984307e+17 -9.99999984307e+17 0 2 1 0 1 64
1 0 
0 
np 7 1 524288 32 2 2 1 11 1 64
1 1024 
0 
niiPH 2 2 8 0 0 2 1 0 1 64
1 "n"
0 
niiIR 2 2 8 0 0 2 1 0 1 64
1 "n"
0 
niiIM 2 2 8 0 0 2 1 0 1 64
1 "n"
0 
niiMG 2 2 8 0 0 2 1 0 1 64
1 "n"
0 
notebook 2 2 8 0 0 2 1 0 1 64
1 ""
0 
niiRE 2 2 8 0 0 2 1 0 1 64
1 "n"
0 
nsteps2 7 1 32767 0 0 2 1 0 1 64
1 13 
0 
nsteps1 7 1 32767 0 0 2 1 0 1 64
1 13 
0 
ns 1 1 1000000 0 1 2 1 9 1 64
1 1 
0 
nt 7 1 1000000000 1 1 2 1 2 1 64
93 1 1 1 1 1 1 1 1 1 1 1 1 1 1 1 1 1 1 2 1 1 1 2 2 2 1 1 1 2 1 1 1 1 1 1 1 1 1 1 1 2 2 2 1 1 2 2 2 1 1 2 2 2 1 1 1 1 1 1 1 1 1 1 1 2 1 1 1 2 2 2 1 1 1 2 1 1 1 1 1 1 1 1 1 1 1 1 1 1 1 1 1 1 
0 
nsteps3 7 1 32767 0 0 2 1 0 1 64
1 5 
0 
ntopt 7 1 32767 0 0 2 1 0 1 64
1 0 
0 
ntmult 7 1 32767 0 0 2 1 0 1 64
1 1 
0 
p1 6 1 13 13 13 2 1 8192 1 64
1 2000 
0 
nv3 1 1 1000000 0 1 2 1 9 1 64
1 5 
0 
nv2 1 1 1000000 0 1 2 1 9 1 64
1 7 
0 
nv 1 1 1000000 0 1 2 1 9 1 64
1 7 
0 
orient 2 2 0 0 0 2 1 8 1 64
1 "trans"
14 "trans" "sag" "cor" "oblique" "3orthogonal" "xyz" "xzy" "yxz" "yzx" "zxy" "zyx" "sag90" "cor90" "trans90" 
nv_2 1 1 9.99999984307e+17 -9.99999984307e+17 0 2 1 0 1 64
1 0 
0 
nv_1 1 1 9.99999984307e+17 -9.99999984307e+17 0 2 1 0 1 64
1 0 
0 
operator_ 2 2 128 0 0 2 1 4 1 64
1 "lana"
0 
orient2 2 2 0 0 0 2 1 0 1 64
1 ""
0 
pad 3 1 14 14 14 2 1 8194 1 64
1 0.5 
0 
p4 6 1 13 13 13 2 1 8192 1 64
1 0 
0 
p2 6 1 13 13 13 2 1 8192 1 64
1 2000 
0 
p1pat 2 2 0 0 0 2 1 0 1 64
1 "sinc"
0 
p3 6 1 13 13 13 2 1 8192 1 64
1 0 
0 
p2pat 2 2 0 0 0 2 1 0 1 64
1 "sinc"
0 
p3pat 2 2 0 0 0 2 1 0 1 64
1 ""
0 
p5 6 1 13 13 13 2 1 8192 1 64
1 0 
0 
p4pat 2 2 0 0 0 2 1 0 1 64
1 ""
0 
p5pat 2 2 0 0 0 2 1 0 1 64
1 ""
0 
patlist 2 2 0 0 0 3 1 0 1 64
3 "p1pat"
"p2pat"
"satpat"
0 
parversion 1 1 9.99999984307e+17 -9.99999984307e+17 0 2 1 4 1 64
1 5.1 
0 
paramChanged 1 1 9.99999984307e+17 -9.99999984307e+17 0 2 1 0 1 64
1 0 
0 
page 2 2 8 0 0 2 1 0 1 64
1 ""
0 
parstyle_ 2 2 8 0 0 4 1 0 1 64
1 "ppa"
0 
path3d 2 2 8 0 0 4 1 0 1 64
1 "/export/home/vnmr1/vnmrsys/exp3/datadir3d"
0 
phase2 7 1 4 0 1 2 1 0 1 64
1 0 
0 
pfsat 6 1 13 13 13 2 1 8192 1 64
1 1000 
0 
petable 2 2 0 0 0 2 1 1 1 64
1 "tablepe7_5_93"
0 
phase 7 1 4 0 1 2 1 0 1 64
1 0 
0 
phfid 1 1 3600 -3600 0.1 3 1 0 0 64
1 0 
0 
phfid1 1 1 3600 -3600 0.1 3 1 0 0 64
1 0 
0 
priority 7 1 32768 0 1 2 1 0 1 64
1 5 
0 
pos1 1 1 1000000 -1000000 0 2 1 0 1 64
1 0 
0 
pipat 2 2 0 0 0 2 1 0 1 64
1 ""
0 
pi 6 1 13 13 13 2 1 8192 1 64
1 0 
0 
phi 1 1 1000000 -1000000 0 2 1 8 1 64
1 0 
0 
phi2 1 1 1000000 -1000000 0 2 1 0 1 64
1 0 
0 
pilot 4 2 0 0 0 2 1 0 1 64
1 "y"
0 
pltmod 2 2 8 0 0 4 1 0 1 64
1 "off"
5 "off" "fixed" "full" "variable" "user" 
plane 2 2 8 0 0 4 1 0 1 64
1 "f1f3"
6 "f1f3" "f3f1" "f2f3" "f3f2" "f1f2" "f2f1" 
planSs 1 1 9.99999984307e+17 -9.99999984307e+17 0 4 1 0 1 64
1 1 
0 
pkpick_ 2 2 8 0 0 4 1 0 1 64
1 ""
0 
planValue 2 2 8 0 0 2 1 0 1 64
1 "standard getCurrentStacks"
0 
plist 2 2 0 0 0 3 1 0 1 64
3 "p1"
"p2"
"psat"
0 
pmode 2 2 8 0 0 3 1 0 1 64
1 "partial"
0 
pmt 6 1 13 13 13 2 1 8192 1 64
1 0 
0 
ppe 1 1 1000000 -1000000 0 2 1 0 1 64
1 0 
0 
posX 2 2 8 0 0 2 1 0 1 64
1 "ppe"
0 
pos3 1 1 1000000 -1000000 0 2 1 0 1 64
1 -0.139598801732 
0 
pos2 1 1 1000000 -1000000 0 2 1 0 1 64
1 0.140845239162 
0 
position1 2 2 8 0 0 3 1 0 1 64
1 ""
0 
posY 2 2 8 0 0 2 1 0 1 64
1 "ppe2"
0 
posZ 2 2 8 0 0 2 1 0 1 64
1 "pss0"
0 
position2 2 2 8 0 0 3 1 0 1 64
1 ""
0 
preacq 6 1 13 13 13 2 1 8192 0 64
1 0 
0 
ppe3 1 1 1000000 -1000000 0 2 1 0 1 64
1 0 
0 
ppe2 1 1 1000000 -1000000 0 2 1 0 1 64
1 -4.34022684459e-09 
0 
prescribed 2 2 8 0 0 2 1 0 1 64
1 "y"
0 
prescan 2 2 8 0 0 3 1 0 1 64
8 ""
"Not Done"
"Complete"
"Not done"
"null"
"init"
""
""
0 
presig 2 2 8 0 0 2 1 0 1 64
1 "h"
3 "h" "l" "n" 
psi2 1 1 1000000 -1000000 0 2 1 0 1 64
1 0 
0 
procdim 7 1 32767 0 0 3 1 0 1 64
1 1 
0 
proc 2 2 10 0 0 3 1 1 1 64
1 "ft"
3 "ft" "rft" "lp" 
probe 2 2 8 0 0 2 1 0 1 64
1 ""
0 
pro 1 1 1000000 -1000000 0 2 1 0 1 64
1 0 
0 
probe_ 2 2 8 0 0 2 1 8 1 64
1 ""
0 
proc2 2 2 8 0 0 3 1 1 1 64
1 "ft"
0 
proc1 2 2 10 0 0 3 2 1 1 64
1 "ft"
3 "ft" "rft" "lp" 
proccmd 2 2 8 0 0 3 1 7 1 64
1 "wft"
0 
protocols 2 2 8 0 0 3 1 0 1 64
1 ""
0 
profile 2 2 8 0 0 2 1 0 1 64
1 "yyy"
0 
processid 1 1 9.99999984307e+17 -9.99999984307e+17 0 2 1 0 1 64
1 0 
0 
profile_ovs 4 2 4 0 0 2 1 0 1 64
1 "n"
0 
profile_combo 4 2 4 0 0 2 1 0 1 64
1 "n"
0 
profile_vox 4 2 4 0 0 2 1 0 1 64
1 "n"
0 
psat 6 1 20000 0 0.0125 2 1 0 1 64
1 19999.9875 
0 
psi 1 1 1000000 -1000000 0 2 1 8 1 64
1 0 
0 
r1 1 1 1e+17 -1e+17 0 3 1 0 1 64
1 46.2352941176 
0 
pw 6 1 13 13 13 2 1 8192 1 64
1 500 
0 
pss 1 1 1000000 -1000000 0 2 1 8 1 64
1 -0.139598801732 
0 
pslabel 2 2 8 0 0 2 1 11 1 64
1 "csi3d"
0 
ptspec3d 4 2 4 0 0 3 1 0 1 64
1 "nnn"
0 
pss0 1 1 9.99999984307e+17 -9.99999984307e+17 0 2 1 0 1 64
1 -0.139598801732 
0 
pwpipat 2 2 8 0 0 2 1 0 1 64
1 "hard"
0 
pwpat 2 2 0 0 0 2 1 0 1 64
1 "hard"
0 
pw90 6 1 13 13 13 2 1 8194 1 64
1 19.9999866486 
0 
pwpi 6 1 13 13 13 2 1 8192 1 64
1 500 
0 
pwrlist 2 2 0 0 0 3 1 0 1 64
3 "tpwr1"
"tpwr2"
"satpwr"
0 
pws 6 1 40000 0 0 2 1 0 0 64
1 29800 
0 
r5 1 1 1e+17 -1e+17 0 3 1 0 1 64
1 0 
0 
r3 1 1 1e+17 -1e+17 0 3 1 0 1 64
1 0 
0 
r2 1 1 1e+17 -1e+17 0 3 1 0 1 64
1 0 
0 
r4 1 1 1e+17 -1e+17 0 3 1 0 1 64
1 0 
0 
r6 1 1 1e+17 -1e+17 0 3 1 0 1 64
1 0 
0 
t_thk 1 1 1000000 -1000000 0 3 1 0 1 64
1 0 
0 
sfrq 1 1 1000000000 0 0 2 1 11 1 64
1 399.4157963 
0 
rp1 1 1 3600 -3600 0.1 4 1 3 1 64
1 0 
0 
rfband 4 2 4 0 0 2 1 0 1 64
1 "ccccc"
3 "c" "h" "l" 
reffrq1 1 1 9.99999984307e+17 -9.99999984307e+17 0 4 1 0 1 64
1 399.8859602 
0 
rcvrs 4 2 4 0 0 2 1 1 1 64
1 "y"
2 "n" "y" 
rawMG 2 2 8 0 0 2 1 0 1 64
1 "n"
0 
radialShift 1 1 9.99999984307e+17 -9.99999984307e+17 0 4 1 0 1 64
1 0 
0 
radialAngles 1 1 9.99999984307e+17 -9.99999984307e+17 0 4 1 0 1 64
1 361 
0 
rawIM 2 2 8 0 0 2 1 0 1 64
1 "n"
0 
raw 2 2 8 0 0 2 1 0 1 64
1 ""
0 
rawIR 2 2 8 0 0 2 1 0 1 64
1 "n"
0 
rawRE 2 2 8 0 0 2 1 0 1 64
1 "n"
0 
rawPH 2 2 8 0 0 2 1 0 1 64
1 "n"
0 
rcrush 3 1 14 14 14 2 1 8192 1 64
1 0 
0 
rc 7 1 32767 0 0 3 1 0 1 64
1 1 
0 
rcvrout 2 2 8 0 0 2 1 0 1 64
1 ""
0 
recon 2 2 8 0 0 2 1 0 1 64
1 ""
0 
rcvrwt 1 1 9.99999984307e+17 -9.99999984307e+17 0 2 1 256 1 64
1 1 
0 
ref1 5 1 1000000000 -1000000000 0 3 1 0 1 64
1 0 
0 
ref 5 1 1000000000 -1000000000 0 3 5 0 1 64
1 0 
0 
reffrq 1 1 9.99999984307e+17 -9.99999984307e+17 0 4 1 0 1 64
1 399.4139382 
0 
refpos1 1 1 9.99999984307e+17 -9.99999984307e+17 0 4 1 0 0 64
1 0 
0 
reffrq2 1 1 9.99999984307e+17 -9.99999984307e+17 0 4 1 0 1 64
1 399.8859602 
0 
refpos 1 1 9.99999984307e+17 -9.99999984307e+17 0 4 1 0 1 64
1 -180664.51143 
0 
refsource2 2 2 8 0 0 4 1 0 1 64
1 "sfrq"
0 
refsource1 2 2 8 0 0 4 1 0 1 64
1 "sfrq"
0 
refpos2 1 1 9.99999984307e+17 -9.99999984307e+17 0 4 1 0 0 64
1 0 
0 
resto 5 1 8 8 8 2 1 8192 1 64
1 357.1 
0 
refval 1 1 9.99999984307e+17 -9.99999984307e+17 0 2 1 0 1 64
1 4.75 
0 
restol 1 1 9.99999984307e+17 -9.99999984307e+17 0 2 1 0 1 64
1 -39.1 
0 
rgro 3 1 14 14 14 2 1 8192 1 64
1 0 
0 
rfp1 1 1 1000000000 -1000000000 0 4 1 1 1 64
1 0 
0 
rfl2 1 1 9.99999984307e+17 -9.99999984307e+17 0 4 1 0 1 64
1 0 
0 
rfl 1 1 1000000000 -1000000000 0 4 1 1 1 64
1 2042.33022836 
0 
rfcoil 2 2 8 0 0 2 1 0 1 64
1 "main"
0 
rfl1 1 1 1000000000 -1000000000 0 4 1 1 1 64
1 0 
0 
rfloffset 1 1 9.99999984307e+17 -9.99999984307e+17 0 2 1 0 1 64
1 -39.1 
0 
rfladjust 1 1 9.99999984307e+17 -9.99999984307e+17 0 2 1 0 1 64
1 0 
0 
rfp 1 1 1000000000 -1000000000 0 4 1 1 1 64
1 1897.22503239 
0 
rfspoil 4 2 0 0 0 2 1 0 1 64
1 "n"
0 
rfp2 1 1 9.99999984307e+17 -9.99999984307e+17 0 4 1 0 1 64
1 0 
0 
rgpe 3 1 14 14 14 2 1 8192 1 64
1 0 
0 
rof1 6 1 13 13 13 2 1 8194 1 64
1 9.9999961853 
0 
rgss2 3 1 14 14 14 2 1 8192 1 64
1 0 
0 
rgss 3 1 14 14 14 2 1 8192 1 64
1 0 
0 
rgror 3 1 14 14 14 2 1 8192 1 64
1 0 
0 
rgssi 3 1 14 14 14 2 1 8192 1 64
1 0 
0 
roff 1 1 9.99999984307e+17 -9.99999984307e+17 0 2 1 0 1 64
1 0 
0 
rof2 6 1 8190 25 0.0125 2 1 2 1 64
1 25 
0 
rollout 7 1 32767 0 0 2 1 0 1 64
1 1 
0 
roffadjust 1 1 9.99999984307e+17 -9.99999984307e+17 0 2 1 0 1 64
1 0 
0 
rp 1 1 3600 -3600 0.1 4 1 3 1 64
1 -148.92688759 
0 
sb3 1 1 10000 -10000 1e-06 3 1 1 1 64
1 0 
0 
satpwr 1 1 63 -16 1 2 1 0 1 64
1 8 
0 
sar 1 1 9.99999984307e+17 -9.99999984307e+17 0 2 1 256 1 64
2 0 0 
0 
sample 2 2 8 0 0 2 1 1 1 64
1 ""
0 
rp2 1 1 3600 -3600 0.1 4 1 3 1 64
1 0 
0 
samplename 2 2 8 0 0 2 1 0 1 64
1 ""
0 
satoffset 1 1 9.99999984307e+17 -9.99999984307e+17 0 2 1 0 1 64
1 2000 
0 
satfrq 5 1 8 8 8 2 1 8192 1 64
1 3182 
0 
sat 4 2 4 0 0 2 1 0 1 64
1 "n"
0 
satpat 2 2 0 0 0 2 1 0 1 64
1 "invpat.8"
0 
satorient 2 2 8 0 0 2 1 0 1 64
1 "cor"
0 
satpos 1 1 9.99999984307e+17 -9.99999984307e+17 0 2 1 0 1 64
1 0 
0 
sb 1 1 10000 -10000 1e-06 3 1 1 0 64
1 0.00632786471397 
0 
satthk 1 1 9.99999984307e+17 -9.99999984307e+17 0 2 1 0 1 64
1 4 
0 
satpwrf 7 1 4096 0 1 2 1 0 1 64
1 4096 
0 
saveglobal_ 2 2 8 0 0 3 1 0 1 64
19 "probe"
"lcpeak"
"loc"
"lockpower"
"lockgain"
"lockphase"
"lockfreq"
"z0"
"lkof"
"vloc"
"vrack"
"vzone"
"vproto"
"pkpick"
"parstyle"
"operator"
"studyid"
"systemname"
"probetype"
0 
sb1 1 1 10000 -10000 1e-06 3 1 1 0 64
1 0 
0 
sb2 1 1 1000 -1000 0.001 3 1 1 0 64
1 0 
0 
scoutpaths 2 2 8 0 0 2 1 0 1 64
1 "/home/lana/vnmrsys/data/s_2011010402/scout_20110202_01.img"
0 
sc2 1 1 3 3 3 4 1 8195 1 64
1 0 
0 
sbs3 1 1 10000 -10000 1e-06 3 1 1 1 64
1 0 
0 
sbs1 1 1 10000 -10000 1e-06 3 1 1 1 64
1 -0.00678407540545 
0 
sbs 1 1 10000 -10000 1e-06 3 1 1 0 64
1 0.00184796657413 
0 
sbs2 1 1 1000 -1000 0.001 3 1 1 1 64
1 0 
0 
sc 1 1 1 1 1 4 1 8195 1 64
1 0 
0 
scoutnodes 2 2 8 0 0 2 1 0 1 64
1 ""
0 
scans 2 2 8 0 0 3 1 0 1 64
1 ""
0 
scantime 2 2 8 0 0 2 1 0 1 64
1 "0.9s"
0 
scoutpath 2 2 8 0 0 2 1 0 1 64
1 ""
0 
seqcon 2 2 0 0 0 2 1 9 1 64
1 "nnsss"
0 
sdirtmplt 2 2 8 0 0 2 1 0 1 64
1 ""
0 
seflag 4 2 4 0 0 2 1 0 1 64
1 "n"
0 
sf 1 1 8190 0 1e-07 4 1 3 1 64
1 0 
0 
seqfil 2 2 8 0 0 2 1 11 1 64
1 "csi3d"
0 
sf2 1 1 9.99999984307e+17 -9.99999984307e+17 0 4 1 0 1 64
1 0 
0 
sf1 1 1 9.99999984307e+17 -9.99999984307e+17 0 4 1 0 1 64
1 0 
0 
sslist 2 2 0 0 0 3 1 0 1 64
3 "gss"
"gss"
"n"
0 
sn 1 1 1e+18 -1e+18 0 3 1 1 1 64
1 0 
0 
showcontent 2 2 8 0 0 2 1 0 1 64
1 "s"
0 
shims 2 2 8 0 0 2 1 0 1 64
1 ""
0 
sglarray 7 1 32767 0 0 2 1 0 1 64
1 0 
0 
sglabort 7 1 32767 0 0 2 1 0 1 64
1 2 
0 
sglpower 1 1 9.99999984307e+17 -9.99999984307e+17 0 2 1 0 1 64
1 1 
0 
sgldisplay 7 1 32767 0 0 2 1 0 1 64
1 0 
0 
shimpanel 7 1 32767 0 0 2 1 0 1 64
1 1 
0 
show_adv 7 1 32767 0 0 2 1 0 1 64
1 1 
0 
showOptions 7 1 32767 0 0 4 1 0 1 64
1 0 
0 
show_rf 7 1 32767 0 0 2 1 0 1 64
1 0 
0 
show_grad 7 1 32767 0 0 2 1 0 1 64
1 0 
0 
showarray 2 2 8 0 0 2 1 0 1 64
1 "horiz"
0 
shownumx 1 1 9.99999984307e+17 -9.99999984307e+17 0 2 1 0 1 64
1 0 
0 
shownumstyle 2 2 8 0 0 2 1 0 1 64
1 "auto"
0 
shownumbers 2 2 8 0 0 2 1 0 1 64
1 "n"
0 
slice 1 1 1000000 0 1 3 1 1 1 64
1 0 
0 
siaxes 2 2 8 0 0 2 1 0 1 64
1 "zxy"
0 
shownumy 1 1 9.99999984307e+17 -9.99999984307e+17 0 2 1 0 1 64
1 0 
0 
sl 7 1 32767 0 0 3 1 0 1 64
1 1 
0 
sliceorder 7 1 32767 0 0 4 1 0 1 64
1 0 
0 
slices 2 2 8 0 0 3 1 0 1 64
1 "single"
0 
spinecho 4 2 4 0 0 2 1 0 1 64
1 "n"
2 "y" "n" 
specdc3d 4 2 4 0 0 3 1 0 1 64
1 "nnn"
0 
sorient 2 2 0 0 0 2 1 0 1 64
1 "trans"
0 
solvent 2 2 6 0 0 2 1 11 1 64
1 "none"
0 
sp1 1 1 1000000000 -1000000000 0 4 1 3 1 64
1 0 
0 
sp 1 1 5000000 -5000000 0 4 1 3 1 64
1 -137.280175938 
0 
sp2 1 1 9.99999984307e+17 -9.99999984307e+17 0 4 1 0 1 64
1 0 
0 
specsw 1 1 9.99999984307e+17 -9.99999984307e+17 0 2 1 0 1 64
1 4000 
0 
specrfl 1 1 9.99999984307e+17 -9.99999984307e+17 0 2 1 0 1 64
1 2042.33022836 
0 
specnp 1 1 9.99999984307e+17 -9.99999984307e+17 0 2 1 0 1 64
1 4096 
0 
sphi 1 1 1000000 -1000000 0 2 1 0 1 64
1 0 
0 
specwsrf 4 2 4 0 0 2 1 0 1 64
1 "n"
0 
spin 1 1 39 0 1 2 1 0 0 64
1 0 
0 
spsi 1 1 1000000 -1000000 0 2 1 0 1 64
1 0 
0 
spostitle 2 2 0 0 0 4 1 3 1 64
1 ""
0 
spoil 4 2 4 0 0 2 1 0 1 64
1 "n"
0 
ss 7 1 1000000000 -1000000000 1 2 1 2 1 64
1 2 
0 
sreffrq 1 1 9.99999984307e+17 -9.99999984307e+17 0 2 1 0 1 64
1 399.415439188 
0 
ss_o 7 1 32767 0 0 2 1 0 1 64
1 0 
0 
ssc 1 1 1000000 0 1 2 1 1 1 64
1 0 
0 
t_lpe3 1 1 1000000 -1000000 0 3 1 0 1 64
1 0 
0 
tDELTA 3 1 14 14 14 2 1 8192 1 64
1 0 
0 
sw1 1 1 9.99999984307e+17 -9.99999984307e+17 0 2 1 0 1 64
1 31250 
0 
study 2 2 8 0 0 3 1 0 1 64
1 ""
0 
stheta 1 1 1000000 -1000000 0 2 1 0 1 64
1 0 
0 
startvol 1 1 9.99999984307e+17 -9.99999984307e+17 0 2 1 0 1 64
1 1 
0 
svftmplt 2 2 8 0 0 2 1 0 1 64
1 ""
0 
studyid_ 2 2 8 0 0 2 1 0 1 64
1 "s_2011010402"
0 
sw 1 1 5 5 5 2 1 8203 1 64
1 4006.41025641 
0 
sw2 1 1 9.99999984307e+17 -9.99999984307e+17 0 2 1 0 1 64
1 3803.00437346 
0 
sw3 1 1 2000000 0 0 2 1 0 1 64
1 0 
0 
t_lpe 1 1 1000000 -1000000 0 3 1 0 1 64
1 0 
0 
t_gap 1 1 1000000 -1000000 0 3 1 0 1 64
1 0 
0 
t_array 2 2 0 0 0 3 1 1 1 64
1 ""
0 
t_lpe2 1 1 1000000 -1000000 0 3 1 0 1 64
1 0 
0 
t_pos3 1 1 1000000 -1000000 0 3 1 0 1 64
1 0 
0 
t_phi 1 1 1000000 -1000000 0 3 1 0 1 64
1 0 
0 
t_mark 1 1 1000000 -1000000 0 3 1 0 1 64
1 0 
0 
t_lro 1 1 1000000 -1000000 0 3 1 0 1 64
1 0 
0 
t_ns 1 1 1000000 0 1 3 1 1 1 64
1 1 
0 
t_pos1 1 1 1000000 -1000000 0 3 1 0 1 64
1 0 
0 
t_pos2 1 1 1000000 -1000000 0 3 1 0 1 64
1 0 
0 
t_pro 1 1 1000000 -1000000 0 3 1 0 1 64
1 0 
0 
t_ppe2 1 1 1000000 -1000000 0 3 1 0 1 64
1 0 
0 
t_ppe 1 1 1000000 -1000000 0 3 1 0 1 64
1 0 
0 
t_ppe3 1 1 1000000 -1000000 0 3 1 0 1 64
1 0 
0 
t_pss 1 1 1000000 -1000000 0 3 1 0 1 64
1 0 
0 
t_psi 1 1 1000000 -1000000 0 3 1 0 1 64
1 0 
0 
t_theta 1 1 1000000 -1000000 0 3 1 0 1 64
1 0 
0 
vtheta 1 1 1000000 -1000000 0 2 1 0 1 64
1 0 
0 
tpwr 1 1 17 17 17 2 1 8192 1 64
1 45 
0 
thktitle 2 2 0 0 0 4 1 3 1 64
1 ""
0 
tau3 3 1 14 14 14 2 1 8192 1 64
1 0 
0 
tacq 1 1 9.99999984307e+17 -9.99999984307e+17 0 2 1 0 1 64
1 0 
0 
t_vphi 1 1 1000000 -1000000 0 3 1 0 1 64
1 0 
0 
t_vox2 1 1 1000000 -1000000 0 3 1 0 1 64
1 0 
0 
t_vox1 1 1 1000000 -1000000 0 3 1 0 1 64
1 0 
0 
t_vox3 1 1 1000000 -1000000 0 3 1 0 1 64
1 0 
0 
t_vtheta 1 1 1000000 -1000000 0 3 1 0 1 64
1 0 
0 
t_vpsi 1 1 1000000 -1000000 0 3 1 0 1 64
1 0 
0 
table 2 2 8 0 0 2 1 0 1 64
1 "sft4t112.tab"
0 
tau1 3 1 14 14 14 2 1 8192 1 64
1 0 
0 
tau 3 1 14 14 14 2 1 8192 1 64
1 0 
0 
tau2 3 1 14 14 14 2 1 8192 1 64
1 0 
0 
temp 1 1 200 -150 0.1 2 1 8 0 64
1 30 
0 
tcrushsat 3 1 14 14 14 2 1 8192 1 64
1 0.002 
0 
tcrushfs 3 1 14 14 14 2 1 8192 1 64
1 0 
0 
tcrush 3 1 14 14 14 2 1 8192 1 64
1 0.004 
0 
tcrushmt 3 1 14 14 14 2 1 8192 1 64
1 0 
0 
tdelta 3 1 14 14 14 2 1 8192 1 64
1 0 
0 
tcrushws 3 1 14 14 14 2 1 8192 1 64
1 0.004 
0 
te 3 1 14 14 14 2 1 8192 1 64
1 0.005 
0 
theta 1 1 1000000 -1000000 0 2 1 8 1 64
1 0 
0 
th 1 1 1000000000 0 0 4 1 1 1 64
1 0 
0 
terms3 7 1 32767 0 0 2 1 0 1 64
1 3 
0 
terms1 7 1 32767 0 0 2 1 0 1 64
1 4 
0 
tflow 3 1 14 14 14 2 1 8192 1 64
1 0 
0 
th2d 1 1 1 1e-18 0 4 1 17 1 64
1 0.8 
0 
thk 1 1 1000000 -1000000 0 2 1 0 1 64
1 50 
0 
theta2 1 1 1000000 -1000000 0 2 1 0 1 64
1 0 
0 
thkcon 1 1 1000000 -1000000 0 2 1 0 1 64
1 0 
0 
tin 2 2 1 0 0 2 1 2 1 64
1 "n"
3 "n" "w" "y" 
time_plotted 2 2 8 0 0 3 1 0 1 64
1 ""
0 
ticks 1 1 1000000 0 1 2 1 1 1 64
1 0 
0 
ti 3 1 14 14 14 2 1 8192 1 64
1 0 
0 
thkunit 2 2 0 0 0 2 1 8 1 64
1 ""
0 
time_complete 2 2 8 0 0 4 1 0 1 64
1 "20110203T110309"
0 
time_exp 2 2 8 0 0 2 1 0 1 64
1 ""
0 
time_saved 2 2 8 0 0 4 1 0 1 64
1 "20110203T110346"
0 
time_run 2 2 8 0 0 2 1 0 1 64
1 "20110203T110307"
0 
time_processed 2 2 8 0 0 3 1 0 1 64
1 "20110203T110309"
0 
time_submitted_local 2 2 8 0 0 2 1 0 1 64
1 "20110203T110307X11AMThuFeb"
0 
time_submitted 2 2 8 0 0 2 1 0 1 64
1 "20110203T110307"
0 
time_svfdate 2 2 8 0 0 2 1 0 1 64
1 "20110203T110307"
0 
tof 5 1 7 7 7 2 1 8202 1 64
1 357.1 
0 
tm 3 1 14 14 14 2 1 8192 1 64
1 0 
0 
tlt 1 1 1000000000 -1000000000 0 4 1 1 1 64
1 0 
0 
tn 2 2 4 0 0 2 1 8 1 64
1 "H1"
0 
tpe 3 1 14 14 14 2 1 8192 1 64
1 3.2e-05 
0 
tof_delta 5 1 1000000000 -1000000000 0 2 1 0 1 64
1 12.3 
0 
tpe2 3 1 14 14 14 2 1 8192 1 64
1 0.00026295 
0 
tpe3 3 1 14 14 14 2 1 8192 1 64
1 0 
0 
verbose 4 2 0 0 0 2 1 0 1 64
1 "n"
0 
tpwri 1 1 79 0 1 2 1 0 1 64
1 0 
0 
tpwr4 1 1 79 0 1 2 1 0 1 64
1 0 
0 
tpwr2 1 1 79 0 1 2 1 0 1 64
1 45 
0 
tpwr1 1 1 79 0 1 2 1 0 1 64
1 45 
0 
tpwr1f 7 1 32767 0 0 2 1 0 1 64
1 4000 
0 
tpwr3 1 1 79 0 1 2 1 0 1 64
1 0 
0 
tpwr2f 7 1 32767 0 0 2 1 0 1 64
1 3886 
0 
tpwr3f 1 1 9.99999984307e+17 -9.99999984307e+17 0 2 1 0 1 64
1 0 
0 
tpwrfsat 7 1 63 -16 1 2 1 0 1 64
1 0 
0 
tpwr5 1 1 79 0 1 2 1 0 1 64
1 0 
0 
tpwr4f 1 1 9.99999984307e+17 -9.99999984307e+17 0 2 1 0 1 64
1 0 
0 
tpwrfsatf 7 1 32767 0 0 2 1 0 1 64
1 0 
0 
tr 3 1 14 14 14 2 1 8192 1 64
1 0.5 
0 
tpwrsat 7 1 63 -16 1 2 1 0 1 64
1 0 
0 
tpwrmt 7 1 63 -16 1 2 1 0 1 64
1 0 
0 
tpwrif 7 1 32767 0 0 2 1 0 1 64
1 0 
0 
tpwrmtf 7 1 32767 0 0 2 1 0 1 64
1 0 
0 
tpwrsatf 7 1 32767 0 0 2 1 0 1 64
1 0 
0 
tror 3 1 14 14 14 2 1 8192 1 64
1 0 
0 
trace 2 2 2 0 0 4 1 3 1 64
1 "f1"
3 "f1" "f2" "f3" 
trise 1 1 9.99999984307e+17 -9.99999984307e+17 0 2 1 0 1 64
1 0.0001 
0 
tssr 3 1 14 14 14 2 1 8192 1 64
1 0 
0 
tspoil 3 1 14 14 14 2 1 8192 1 64
1 0.004 
0 
username 2 2 8 0 0 2 1 0 1 64
1 "lana"
0 
vp 7 1 500 -500 0.1 4 1 3 1 64
1 0 
0 
volumexmt 2 2 8 0 0 2 1 0 1 64
1 "y"
0 
volnv2 1 1 1000000 0 1 2 1 9 1 64
1 0 
0 
vloc_ 2 2 8 0 0 2 1 8 1 64
1 "C7"
0 
vf 1 1 1000000000 0 0 4 1 3 1 64
1 13890.3180556 
0 
vo 1 1 500 -500 0 4 1 1 1 64
1 0 
0 
volumercv 2 2 8 0 0 2 1 0 1 64
1 "y"
0 
volumes 1 1 9.99999984307e+17 -9.99999984307e+17 0 2 1 0 1 64
1 0 
0 
vox1 1 1 1000000 -1000000 0 2 1 0 1 64
1 10 
0 
vorient 2 2 0 0 0 2 1 0 1 64
1 "trans"
0 
vox3 1 1 1000000 -1000000 0 2 1 0 1 64
1 50 
0 
vox2 1 1 1000000 -1000000 0 2 1 0 1 64
1 10 
0 
voxtitle 2 2 0 0 0 4 1 3 1 64
1 ""
0 
vpostitle 2 2 0 0 0 4 1 3 1 64
1 ""
0 
vpfi 1 1 500 -500 0 4 1 0 1 64
1 0 
0 
vpf 1 1 500 -500 0 4 1 0 1 64
1 -0.27777692418 
0 
vphi 1 1 1000000 -1000000 0 2 1 0 1 64
1 0 
0 
vs 1 1 1000000000 1e-06 0 4 1 3 1 64
1 1496940.02035 
0 
vpsi 1 1 1000000 -1000000 0 2 1 0 1 64
1 0 
0 
vproto_ 2 2 8 0 0 2 1 0 1 64
1 ""
0 
vrack_ 7 1 5 1 0 2 1 0 1 64
1 1 
0 
vsproj 1 1 1000000000 1e-06 0 4 1 3 1 64
1 20795.1754148 
0 
vs2d 1 1 1000000000 1e-06 0 4 1 3 1 64
1 20795.1754148 
0 
vtc 1 1 255 0 1 2 1 2 1 64
1 25 
0 
wtfile2 2 2 8 0 0 3 1 1 1 64
1 ""
0 
wp 1 1 5000000 0 0 4 1 11 1 64
1 3998.58523638 
0 
werr 2 2 6 0 0 3 1 3 1 64
1 "xmwerr"
0 
wc 1 1 2 2 2 4 1 8203 1 64
1 250 
0 
vzone_ 7 1 15 1 0 2 1 0 1 64
1 1 
0 
vtwait 3 1 14 14 14 2 1 8194 1 64
1 300 
0 
wbs 2 2 6 0 0 3 1 3 1 64
1 ""
0 
wdone 2 2 8 0 0 3 1 0 1 64
1 "destroy(`specnt specgain specpresig specss specws`):$ok  wexp=``"
0 
wc2 1 1 4 4 4 4 1 8195 1 64
1 142 
0 
weight 1 1 9.9e+17 0 0.001 3 1 0 1 64
1 0 
0 
wf 1 1 8190 0 1e-07 4 1 3 1 64
1 0.1277952 
0 
wexp 2 2 6 0 0 3 1 3 1 64
1 ""
0 
wet 4 2 4 0 0 2 1 0 1 64
1 "n"
0 
wf2 1 1 9.99999984307e+17 -9.99999984307e+17 0 4 1 0 1 64
1 0.0168288 
0 
wf1 1 1 9.99999984307e+17 -9.99999984307e+17 0 4 1 0 1 64
1 0.002048 
0 
wnt 2 2 6 0 0 3 1 3 1 64
1 "av ft select(1) vsadj vs=vs*0.3 dssh"
0 
wsflipf 1 1 9.99999984307e+17 -9.99999984307e+17 0 2 1 0 1 64
1 1.3 
0 
ws 4 2 0 0 0 2 1 0 1 64
1 "n"
0 
wref 2 2 8 0 0 2 1 0 1 64
1 "n"
0 
wp2 1 1 9.99999984307e+17 -9.99999984307e+17 0 4 1 0 1 64
1 3803.00437346 
0 
wp1 1 1 100000 0 0 4 1 3 1 64
1 31250 
0 
wrefstatus 2 2 8 0 0 2 1 0 1 64
1 "wref"
0 
wrefname 2 2 8 0 0 2 1 0 1 64
1 ""
0 
ws_delta 5 1 1000000000 -1000000000 0 2 1 0 1 64
1 0 
0 
ws_delay 3 1 14 14 14 2 1 8192 1 64
1 0 
0 
wsbw 1 1 9.99999984307e+17 -9.99999984307e+17 0 2 1 0 1 64
1 200 
0 
ws_opt 2 2 8 0 0 2 1 0 1 64
1 "cf"
0 
wsrf 4 2 4 0 0 2 1 0 1 64
1 "n"
0 
wshim 4 2 4 0 0 2 1 1 1 64
1 "n"
15 "e" "f" "g" "n" "s" "0" "1" "2" "3" "4" "5" "6" "7" "8" "9" 
wsfrq 5 1 8 8 8 2 1 8192 1 64
1 791.9 
0 
wsflipf_last 1 1 9.99999984307e+17 -9.99999984307e+17 0 2 1 0 1 64
1 0 
0 
wspat 2 2 8 0 0 2 1 0 1 64
1 "P10"
0 
wstpwr 7 1 32767 0 0 2 1 0 1 64
1 33 
0 
wss 2 2 8 0 0 2 1 0 1 64
1 "wet"
0 
wtfile 2 2 15 0 0 3 1 1 1 64
1 ""
0 
wstpwrf 7 1 32767 0 0 2 1 0 1 64
1 3748 
0 
wtfile1 2 2 15 0 0 3 2 1 1 64
1 ""
0 
z2y3 7 1 19 19 19 2 1 8192 1 64
1 0 
0 
yz2 7 1 19 19 19 2 1 8192 1 64
1 0 
0 
xy 7 1 19 19 19 2 1 8192 1 64
1 1200 
0 
x4 7 1 19 19 19 2 1 8192 1 64
1 0 
0 
x2y2 7 1 19 19 19 2 1 8192 1 64
1 500 
0 
x1 7 1 19 19 19 2 1 8192 1 64
1 -1200 
0 
x3 7 1 19 19 19 2 1 8192 1 64
1 -100 
0 
xdiag 1 1 1e+18 0 0 4 1 17 1 64
1 0 
0 
y1 7 1 19 19 19 2 1 8192 1 64
1 -1000 
0 
xz2 7 1 19 19 19 2 1 8192 1 64
1 0 
0 
xz 7 1 19 19 19 2 1 8192 1 64
1 400 
0 
y4 7 1 19 19 19 2 1 8192 1 64
1 0 
0 
y3 7 1 19 19 19 2 1 8192 1 64
1 0 
0 
yz 7 1 19 19 19 2 1 8192 1 64
1 -1300 
0 
z2c 7 1 19 19 19 2 1 8192 1 64
1 0 
0 
z1c 7 1 19 19 19 2 1 8192 1 64
1 0 
0 
z1 7 1 19 19 19 2 1 8192 1 64
1 1200 
0 
z0_ 1 1 19 19 19 2 1 73744 1 64
1 0 
0 
z2 7 1 19 19 19 2 1 8192 1 64
1 1400 
0 
z2x3 7 1 19 19 19 2 1 8192 1 64
1 0 
0 
z2x2y2 7 1 19 19 19 2 1 8192 1 64
1 0 
0 
z2xy 7 1 19 19 19 2 1 8192 1 64
1 0 
0 
z4x2y2 7 1 19 19 19 2 1 8192 1 64
1 0 
0 
z3y3 7 1 19 19 19 2 1 8192 1 64
1 0 
0 
z3x2y2 7 1 19 19 19 2 1 8192 1 64
1 0 
0 
z3c 7 1 19 19 19 2 1 8192 1 64
1 0 
0 
z3 7 1 19 19 19 2 1 8192 1 64
1 -600 
0 
z3x 7 1 19 19 19 2 1 8192 1 64
1 0 
0 
z3xy 7 1 19 19 19 2 1 8192 1 64
1 0 
0 
z3x3 7 1 19 19 19 2 1 8192 1 64
1 0 
0 
z3y 7 1 19 19 19 2 1 8192 1 64
1 0 
0 
z4c 7 1 19 19 19 2 1 8192 1 64
1 0 
0 
z4 7 1 19 19 19 2 1 8192 1 64
1 -1700 
0 
z4x 7 1 19 19 19 2 1 8192 1 64
1 0 
0 
z6 7 1 19 19 19 2 1 8192 1 64
1 0 
0 
z5x 7 1 19 19 19 2 1 8192 1 64
1 0 
0 
z4y 7 1 19 19 19 2 1 8192 1 64
1 0 
0 
z4xy 7 1 19 19 19 2 1 8192 1 64
1 0 
0 
z5 7 1 19 19 19 2 1 8192 1 64
1 0 
0 
z5y 7 1 19 19 19 2 1 8192 1 64
1 0 
0 
zx2y2 7 1 19 19 19 2 1 8192 1 64
1 0 
0 
z8 7 1 19 19 19 2 1 8192 1 64
1 0 
0 
z7 7 1 19 19 19 2 1 8192 1 64
1 0 
0 
zxy 7 1 19 19 19 2 1 8192 1 64
1 0 
0 
zx3 7 1 19 19 19 2 1 8192 1 64
1 0 
0 
zy3 7 1 19 19 19 2 1 8192 1 64
1 0 
0 
