lpprint1 7 1 63 0 1 3 1 0 1 64
1 0 
0 
dseq3 2 2 8 0 0 2 1 0 1 64
1 ""
0 
datname 2 2 8 0 0 3 1 0 1 64
1 ""
0 
acqdim 7 1 1000000000 -1000000000 0 2 1 0 1 64
1 2 
0 
Cdpwr 1 1 9.99999984307e+17 -9.99999984307e+17 0 2 1 0 1 64
1 50 
0 
CSseed 1 1 9.99999984307e+17 -9.99999984307e+17 0 2 1 0 1 64
1 169 
0 
CSdensity 1 1 100 0 0 2 1 0 1 64
1 50 
0 
CR_flg 2 2 8 0 0 2 1 0 1 64
1 ""
0 
B0 1 1 9.99999984307e+17 -9.99999984307e+17 0 2 1 0 1 64
1 140964 
0 
Archive1 2 2 8 0 0 2 1 0 1 64
1 ""
0 
ACQtime 7 1 100000000 0 1 2 1 256 1 64
1 0 
0 
Archive2 2 2 8 0 0 2 1 0 1 64
1 ""
0 
BPexpress_gui 7 1 32767 0 0 2 1 0 1 64
1 0 
0 
C13refoc 2 2 8 0 0 2 1 0 1 64
1 "y"
0 
CS_dpars 4 2 4 0 0 3 1 0 1 64
1 "y"
0 
CS_cln 4 2 4 0 0 3 1 0 1 64
1 "y"
0 
CS_inf 4 2 4 0 0 3 1 0 1 64
1 "y"
0 
CS_se 4 2 4 0 0 3 1 0 1 64
1 "n"
0 
CSlines 7 1 32767 0 0 2 1 0 1 64
1 4 
0 
CSdomain 7 1 32767 0 0 2 1 0 1 64
1 1 
0 
CSdnoise 4 2 4 0 0 3 1 0 1 64
1 "y"
0 
CSinp 2 2 8 0 0 2 1 0 1 64
1 ""
0 
CSprofile 2 2 8 0 0 2 1 256 1 64
3 ""
""
""
0 
CSniIndex 7 1 32767 0 0 2 1 256 1 64
1 0 
0 
CSni2Index 7 1 32767 0 0 2 1 256 1 64
1 0 
0 
CSpars 2 2 8 0 0 2 1 256 1 64
1 ""
0 
CSprosize 7 1 32767 0 0 2 1 256 1 64
3 0 0 0 
0 
CSreconmethod 2 2 8 0 0 2 1 0 1 64
1 "CLEAN"
0 
CStype 4 2 4 0 0 2 1 0 1 64
1 "a"
0 
CSsp 7 1 32767 0 0 3 1 0 1 64
1 0 
0 
CSshowpro 4 2 4 0 0 2 1 0 1 64
1 "y"
0 
CSshape 2 2 8 0 0 2 1 0 1 64
1 "gexp"
0 
CSshowsch 4 2 4 0 0 2 1 0 1 64
1 "y"
0 
CSthr 1 1 100 1 0.1 3 1 0 1 64
1 2 
0 
CT_flg 4 2 4 0 0 2 1 0 1 64
1 "n"
0 
CSwt 4 2 4 0 0 2 1 0 1 64
1 "n"
0 
CSwp 7 1 32767 0 0 3 1 0 1 64
1 0 
0 
CT_delay 3 1 14 14 14 2 1 8192 1 64
1 0.027777775 
0 
Cdec 2 2 8 0 0 2 1 0 1 64
1 ""
0 
JNH 1 1 9.99999984307e+17 -9.99999984307e+17 0 2 1 0 1 64
1 105 
0 
Hdec 2 2 8 0 0 2 1 0 1 64
1 ""
0 
F1pwr 1 1 9.99999984307e+17 -9.99999984307e+17 0 2 1 0 1 64
1 15 
0 
Cdseq 2 2 8 0 0 2 1 0 1 64
1 "CNdec"
0 
Gmapname 2 2 8 0 0 2 1 1 1 64
1 ""
0 
Gmap 2 2 8 0 0 2 1 1 1 64
1 "no"
0 
H1reffrq 1 1 9.99999984307e+17 -9.99999984307e+17 0 2 1 0 1 64
1 499.922475824 
0 
Hdseq 2 2 8 0 0 2 1 0 1 64
1 "NHdec"
0 
Hdpwr 1 1 9.99999984307e+17 -9.99999984307e+17 0 2 1 0 1 64
1 34 
0 
IBSsafetycheck 4 2 4 0 0 2 1 0 1 64
1 "n"
0 
IPrunid 2 2 8 0 0 2 1 0 1 64
1 ""
0 
T1 4 2 4 0 0 2 1 0 1 64
1 "n"
0 
Noe 4 2 4 0 0 2 1 0 1 64
1 "n"
0 
MinSW 2 2 8 0 0 3 1 0 1 64
1 "off"
4 "off" "auto" "manual" "skip" 
Lopt 2 2 8 0 0 2 1 0 1 64
1 "y"
0 
NH2only 2 2 8 0 0 2 1 0 1 64
1 "n"
0 
REQexp 2 2 8 0 0 4 1 256 1 64
2 ""
"ignore"
0 
PFGflg 4 2 4 0 0 2 1 0 1 64
1 "n"
0 
SPARSE 4 2 4 0 0 2 1 0 1 64
1 "n"
0 
T2 4 2 4 0 0 2 1 0 1 64
1 "n"
0 
T1rho 4 2 4 0 0 2 1 0 1 64
1 "n"
0 
TROSY 4 2 4 0 0 2 1 0 1 64
1 "y"
0 
acqcycles 1 1 9.99999984307e+17 -9.99999984307e+17 0 2 1 0 1 64
1 8 
0 
awc1 1 1 1 -1 0.001 3 1 1 0 64
1 0 
0 
apptype 2 2 8 0 0 2 1 1 1 64
1 "hdx_sofast_nhmqc3"
0 
age 1 1 9.9e+17 0 0.001 3 1 0 1 64
1 0 
0 
actionid 2 2 8 0 0 2 1 0 1 64
1 "null"
0 
acqstatus 7 1 32767 0 0 2 1 0 1 64
2 101 0 
0 
acqpath 2 2 8 0 0 2 1 0 1 64
1 ""
0 
adirtmplt 2 2 8 0 0 2 1 0 1 64
1 ""
0 
adir2tmplt 2 2 8 0 0 2 1 0 1 64
1 ""
0 
adjust 6 1 13 13 13 2 1 8192 1 64
1 1600 
0 
anatomy 2 2 8 0 0 2 1 0 1 64
1 "head"
0 
alfa 6 1 8192 -8192 0.1 2 1 2 1 64
1 5.5 
0 
aig 2 2 2 0 0 4 1 1 1 64
1 "ai"
2 "nm" "ai" 
alock 2 2 8 0 0 2 1 0 1 64
1 "n"
5 "a" "n" "s" "u" "y" 
ap 2 2 1023 0 0 4 1 6 1 64
1 "1:ACQUISITION H1:sfrq:3,at:3,np:0,sw:1,bs,ss,tpwr:0,compH:2,pw:1,d1:3,tof:1,nt,ct,gain;1:SAMPLE:date,file,solvent,temp:1;1(seqfil='gNhsqcHT'):SHAPES:Hdseq,Hdpwr,Cdseq,Cdpwr,pshape;1:N15 PULSES:dfrq2:3,dof2,pwN:1,pwNlvl,dpwr2,dm2,dmm2,dmf2,dseq2;1((seqfil='gNhsqc') or (seqfil='gNhsqcA')):HSQC OPTIONS:C13refoc,NH2only,T1,T1rho,T2,TROSY,relaxT:3,maxrelaxT:3,Lopt;1(seqfil='gNhsqcHT'):HADAMARD:htbw1,htofs1,bscor,repflg,htss1;2:2D PARAMETERS 15N:JNH:1,sw1:1,ni,f1180;2:GRADIENTS:gzcal:6,gstab:6,gzlvl1,gt1:4,gzlvl4,gt4:6,gzlvl3,gt3:4:4;2:FLAGS ETC:werr,wbs,wnt,wexp;2:DISPLAY:sp:1,wp:1,vs,sc,wc,is:2,rfl:1,rfp:1,th,ins:3,aig*,dcg*,dmg*;2:2D DISPLAY:sp1:1,wp1:1,sc2,wc2,rfl1:1,rfp1:1;2:PROCESSING:lb(lb):2,sb(sb):3,sbs(sb):3,gf(gf):3,gfs(gf):3,fn,math;2:2D PROCESSING:lb1(lb1):3,sb1(sb1):3,sbs1(sb1):3,gf1(gf1):3,gfs1(gf1):3,fn1;"
0 
at_ni 1 1 9.99999984307e+17 -9.99999984307e+17 0 2 1 0 1 64
1 0.001 
0 
arrayelemts 1 1 9.99999984307e+17 -9.99999984307e+17 0 2 1 0 1 64
1 1 
0 
array 2 2 256 0 0 2 1 1 1 64
1 ""
0 
archivedir 2 2 8 0 0 2 1 0 1 64
1 ""
0 
arraydim 7 1 32768 1 1 2 1 5 1 64
1 8 
0 
at 1 1 14 14 14 2 1 8203 1 64
1 0.0851968 
0 
autocal 2 2 8 0 0 2 1 0 1 64
1 "y"
0 
at_ni3 1 1 9.99999984307e+17 -9.99999984307e+17 0 2 1 0 1 64
1 0.001 
0 
at_ni2 1 1 9.99999984307e+17 -9.99999984307e+17 0 2 1 0 1 64
1 0.001 
0 
at_obs 1 1 9.99999984307e+17 -9.99999984307e+17 0 2 1 0 1 64
1 0.001 
0 
awc 1 1 1 -1 0.001 3 1 1 0 64
1 0 
0 
avwdir 2 2 8 0 0 3 1 0 1 64
1 ""
0 
cp 2 2 1 0 0 2 1 0 1 64
1 "y"
2 "y" "n" 
calH 1 1 9.99999984307e+17 -9.99999984307e+17 0 2 1 0 1 64
1 1 
0 
bscor 4 2 4 0 0 2 1 0 1 64
1 "y"
0 
birthday 2 2 8 0 0 3 1 0 1 64
4 ""
""
""
""
0 
axis 4 2 4 0 0 4 1 0 1 64
1 "ph"
11 "c" "d" "1" "2" "3" "h" "k" "m" "n" "p" "u" 
awc2 1 1 1 -1 0.001 3 1 1 0 64
1 0 
0 
axisf 4 2 4 0 0 4 1 0 1 64
1 "s"
4 "m" "n" "s" "u" 
bs 7 1 32767 0 1 2 1 0 0 64
1 1 
0 
boresize 1 1 9.99999984307e+17 -9.99999984307e+17 0 2 1 0 1 64
1 51 
0 
cal 1 1 9.99999984307e+17 -9.99999984307e+17 0 2 1 0 1 64
1 4.2 
0 
bw1 1 1 9.99999984307e+17 -9.99999984307e+17 0 2 1 0 1 64
1 30 
0 
calF1 1 1 9.99999984307e+17 -9.99999984307e+17 0 2 1 0 1 64
1 0 
0 
comment 2 2 8 0 0 3 1 0 1 64
1 ""
0 
celem 1 1 9.99999984307e+17 -9.99999984307e+17 0 2 1 0 1 64
1 8 
0 
calcrfchannel 2 2 8 0 0 2 1 0 1 64
1 "1234"
0 
calN 1 1 9.99999984307e+17 -9.99999984307e+17 0 2 1 0 1 64
1 1 
0 
checkofs 2 2 8 0 0 2 1 0 1 64
1 "y"
0 
cf 7 1 32767 0 1 3 1 1 0 64
1 1 
0 
compN 1 1 9.99999984307e+17 -9.99999984307e+17 0 2 1 0 1 64
1 0.98 
0 
compD 1 1 9.99999984307e+17 -9.99999984307e+17 0 2 1 0 1 64
1 1 
0 
compC 1 1 9.99999984307e+17 -9.99999984307e+17 0 2 1 0 1 64
1 0.947 
0 
compH 1 1 9.99999984307e+17 -9.99999984307e+17 0 2 1 0 1 64
1 1 
0 
console 2 2 8 0 0 2 1 0 1 64
1 "vnmrs"
0 
concentration 1 1 9.99e+17 -9.99e+17 0 2 1 0 1 64
1 0 
0 
d2 3 1 14 14 14 2 1 8194 1 64
1 0 
0 
cr2 1 1 9.99999984307e+17 -9.99999984307e+17 0 4 1 0 1 64
1 7783.91693696 
0 
cr 1 1 1000000000 -1000000000 0 4 4 1 1 64
1 2967.5520727 
0 
cppauseflg 4 2 4 0 0 4 1 0 1 64
1 "n"
0 
cr1 1 1 1000000000 -1000000000 0 4 6 3 1 64
1 990.812799682 
0 
cutoff 1 1 9.99999984307e+17 -9.99999984307e+17 0 4 1 0 0 64
1 200 
0 
ct 7 1 1000000000 0 1 2 1 6 1 64
1 0 
0 
customflag 4 2 4 0 0 4 1 0 1 64
1 "n"
0 
d1 3 1 14 14 14 2 1 8194 1 64
1 1 
0 
dataID 2 2 8 0 0 2 1 0 1 64
1 ""
0 
d4 3 1 14 14 14 2 1 8192 1 64
1 0 
0 
d3 3 1 14 14 14 2 1 8194 1 64
1 0.00012 
0 
dataid 2 2 8 0 0 2 1 0 1 64
1 ""
0 
dataProcessed 1 1 9.99999984307e+17 -9.99999984307e+17 0 3 1 0 1 64
1 0 
0 
date 2 2 9 0 0 2 1 1 1 64
1 "Apr 20 2006"
0 
dmm4 4 2 4 0 0 2 1 0 1 64
1 "c"
8 "c" "f" "g" "m" "r" "u" "w" "x" 
dglp 2 2 8 0 0 4 1 7 1 64
1 "1(lpfilt):LP:lpalg,lpopt,lpfilt:0,lpnupts:0,strtlp:0,lpext:0,strtext:0,,proc,ni,celem;2(lpfilt1):LP 1:lpalg1,lpopt1,lpfilt1:0,lpnupts1:0,strtlp1:0,lpext1:0,strtext1:0,,proc1;3(lpfilt2):LP 2:lpalg2,lpopt2,lpfilt2:0,lpnupts2:0,strtlp2:0,lpext2:0,strtext2:0,,proc2;4:LP OUTPUT:lpprint(lpfilt):0,lptrace(lpfilt):0,lpprint1(lpfilt1):0,lptrace1(lpfilt1):0,lpprint2(lpfilt2):0,lptrace2(lpfilt2):0;"
0 
delta1 1 1 5000000 0 0 4 6 3 1 64
1 784.723737344 
0 
dec3hi 1 1 9.99999984307e+17 -9.99999984307e+17 0 2 1 0 1 64
1 60 
0 
dec2hi 1 1 61 -16 1 2 1 0 1 64
1 60 
0 
dcrmv 4 2 9.99999984307e+17 -9.99999984307e+17 0 4 1 0 1 64
1 "n"
2 "y" "n" 
dcg 2 2 3 0 0 4 1 1 1 64
1 "cdc"
2 "dc" "cdc" 
ddrtc 6 1 13 13 13 2 1 8192 1 64
1 5.5 
0 
ddrpm 2 2 8 0 0 2 1 0 1 64
1 "e"
0 
dec2low 1 1 9.99999984307e+17 -9.99999984307e+17 0 2 1 0 1 64
1 53 
0 
dec2wave 2 2 8 0 0 2 1 0 1 64
1 "g"
0 
dechi 1 1 60 -16 1 2 1 0 1 64
1 60 
0 
dec3low 1 1 9.99999984307e+17 -9.99999984307e+17 0 2 1 0 1 64
1 53 
0 
dec3wave 2 2 8 0 0 2 1 0 1 64
1 "g"
0 
decwave 2 2 8 0 0 2 1 0 1 64
1 "g"
0 
declow 1 1 9.99999984307e+17 -9.99999984307e+17 0 2 1 0 1 64
1 43 
0 
delta 1 1 5000000 0 0 4 4 1 1 64
1 6163.37702824 
0 
dfrq 5 1 1000000000 -1000000000 0 2 1 8 1 64
1 125.7211922 
0 
deltaf 1 1 100 0 0 4 1 0 1 64
1 0 
0 
delta2 1 1 9.99999984307e+17 -9.99999984307e+17 0 4 1 0 1 64
1 1598.37728195 
0 
density 1 1 9.99999984307e+17 -9.99999984307e+17 0 2 1 0 1 64
1 1 
0 
dfrq4 1 1 1000000000 0 0 2 1 9 1 64
1 0 
0 
dfrq2 1 1 1000000000 0 0 2 1 9 1 64
1 50.6634442 
0 
dfrq3 1 1 1000000000 0 0 2 1 9 1 64
1 0 
0 
dg1 2 2 8 0 0 4 1 0 1 64
1 "1:DISPLAY:sp:1,wp:1,sp1(ni):1,wp1(ni):1,sp2(ni2):1,wp2(ni2):1;1:FID:sf:3,wf:3,vf:0;1:FLAGS:aig*,dcg*,pmode*(ni),dmg*,dmg1*(ni),dmg2*(ni2);1:PHASE:rp:1,lp:1,rp1:1,lp1:1,rp2:1,lp2:1;2:REFERENCING:rfl:1,rfp:1,cr:1,delta:1,,rfl1(ni):1,rfp1(ni):1,cr1(ni):1,delta1(ni):1,,rfl2(ni2):1,rfp2(ni2):1,cr2(ni2):1,delta2(ni2):1;3:CHART:sc:0,wc:0,sc2(ni):0,wc2(ni):0,,hzmm:2,vs:1,vp:1,th:1,ho:2,vo:2,axis,,pltmod,rplot;4(ni):DIMENSIONS:trace,plane(ni2);4:INTEGRAL:intmod,is:2,ins:3,io:0,,lvl:3,tlt:3;4(ni2):3D OPTIONS:fiddc3d,specdc3d,ptspec3d,ntype3d;"
0 
dg 2 2 1023 0 0 4 1 6 1 64
1 "1:ACQUISITION H1:sfrq:3,at:3,np:0,sw:1,bs(bx),ss,tpwr:0,tpwrsf(seqfil='gNhsqcA'),tpwrsf_t((seqfil='gNhsqc') and (TROSY='n')),tpwrsf_n((seqfil='gNhsqc') and (TROSY='y')),pwHs(seqfil='gNhsqc'):1,tpwrsf_d((seqfil='gNhsqc') and (TROSY='y')),compH:2,pw:1,d1:3,tof:1,nt:0,ct:0,gain:0;2(seqfil='gNhsqcHT'):HADAMARD:htofs1,pshape,htbw1,bscor,repflg,htss1,pshape,Hdseq,Hdpwr,Cdseq,Cdpwr;2((seqfil='gNhsqc') or (seqfil='gNhsqcA')):HSQC OPTIONS:Lopt(seqfil='gNhsqcA'),C13refoc,NH2only,T1,T1rho,T2,TROSY,relaxT:3,maxrelaxT:3;3:N15 RF:dfrq2:3,dof2:0,pwN:1,pwNlvl:0,compN:2,JNH:1,calN:2,,dpwr2:0,dm2,dmm2,dmf2;3:15N DIMENSION:d2(d2):6,sw1:1,ni,phase,f1180;4:GRADIENTS:mag_flg,gstab:6,gzcal:6,gt1:5,gzlvl1:0,gt4:6,gzlvl4:0,gt3:6,gzlvl3;4:SAMPLE:date,solvent,temp:1;"
0 
dg2 2 2 1023 0 0 4 1 7 1 64
1 "1:CHANNEL 2:dfrq:3,dn,dpwr:0,dof:1,dm,dmm;2:CHANNEL 3:dfrq2:3,dn2,dpwr2:0,dof2:1,dm2,dmm2,dmf2:0,dseq2,dres2:1;3(dm3='nyn'):CHANNEL 4:dfrq3:3,dn3,dpwr3,dof3:1,dm3,dmm3,dmf3,dseq3,dres3:1;4:GRADIENTS:gzlvl1:0,gzlvl2:0,gt1:5,,gzlvl0:0,gt0:5,gzlvl3:0,gt3:5,gzlvl4:0,gt4:5,gzlvl5:0,gt5:5,gzlvl6:0;"
0 
displaymode 4 2 9.99999984307e+17 -9.99999984307e+17 0 4 1 0 1 64
1 "r"
6 "r" "i" "a" "e" "z" "s" 
dimX 2 2 8 0 0 2 1 0 1 64
1 "lpe"
0 
dgs 2 2 1023 0 0 4 1 6 1 64
5 "1:AXIAL SHIMS:z1:0,z2:0,z3:0,z4:0,z5:0,z6:0,z7:0;"
"2:NON AXIAL SHIMS:x1:0,y1:0,xz:0,yz:0,xy:0,x2y2:0,x3:0,y3:0,xz2:0,yz2:0,zxy:0,zx2y2:0,z3x:0,z3y:0;"
"3:NON AXIAL SHIMS:z2x2y2:0,z2xy:0,zx3:0,zy3:0,z4x:0,z4y:0;"
"4:AUTOMATION:method,wshim,load,,spin:0,gain:0,alock,loc:0;"
"4:SPECIAL:temp;"
0 
dgp 2 2 8 0 0 4 1 0 1 64
1 "1:DOWNSAMPLE:downsamp,dscoef,dsfb,dslsfrq,filtfile;1:OVERSAMPLE:oversamp,oscoef,osfb,oslsfrq,osfilt,fsqd;1:CONDITIONAL:werr,wexp,wbs,wnt;2:WEIGHT:lb:3,sb:3,sbs(sb):3,gf:3,gfs(gf):3,awc:3,ssfilter,ssntaps,ssorder,sslsfrq:1;2:PROCESS:cf(nf),lsfid,phfid:1,lsfrq:1,proc,fn,rp:1,lp:1;3(ni):WEIGHT 1:lb1:3,sb1:3,sbs1(sb1):3,gf1:3,gfs1(gf1):3,awc1:3,wtfile1;3(ni):PROCESS 1:phfid1:1,lsfrq1:1,proc1,f1coef,fn1,rp1:1,lp1:1;4(ni2):WEIGHT 2:lb2:3,sb2:3,sbs2(sb2):3,gf2:3,gfs2(gf2):3,awc2:3,wtfile2;4(ni2):PROCESS 2:phfid2:1,lsfrq2:1,proc2,f2coef,fn2,rp2:1,lp2:1;"
0 
dhp 1 1 9 9 9 2 1 8192 0 64
1 40 
0 
dimZ 2 2 8 0 0 2 1 0 1 64
1 "lpe2"
0 
dimY 2 2 8 0 0 2 1 0 1 64
1 "lro"
0 
disCmd 2 2 8 0 0 4 1 0 1 64
1 ""
0 
dimension 2 2 8 0 0 2 1 0 1 64
1 ""
0 
dmf2 7 1 100000 1 0 2 1 2 1 64
1 12903 
0 
dm2 4 2 4 0 0 2 1 0 1 64
1 "nnn"
4 "a" "n" "s" "y" 
dm 4 2 4 0 0 2 1 0 1 64
1 "nnn"
4 "a" "n" "s" "y" 
dlp 7 1 10 10 10 2 1 8194 0 64
1 10 
0 
dm4 4 2 4 0 0 2 1 0 1 64
1 "n"
4 "a" "n" "s" "y" 
dm3 4 2 4 0 0 2 1 0 1 64
1 "nnn"
4 "a" "n" "s" "y" 
dmf 7 1 11 11 11 2 1 8194 1 64
1 5556 
0 
dmg1 2 2 8 0 0 4 1 0 1 64
1 "ph1"
4 "" "av1" "ph1" "pwr1" 
dmf4 7 1 2000000 1 0 2 1 2 1 64
1 5556 
0 
dmf3 7 1 2000000 1 0 2 1 2 1 64
1 1250 
0 
dmg 2 2 2 0 0 4 1 3 1 64
1 "ph"
0 
dmm2 2 2 8 0 0 2 1 0 1 64
1 "ccp"
0 
dmm 4 2 4 0 0 2 1 0 1 64
1 "ccp"
9 "c" "f" "g" "m" "p" "r" "u" "w" "x" 
dmm3 4 2 4 0 0 2 1 0 1 64
1 "cwc"
9 "c" "f" "g" "m" "p" "r" "u" "w" "x" 
dotflag 2 2 8 0 0 4 1 0 1 64
1 "n"
2 "n" "y" 
dod 3 1 14 14 14 2 1 8194 1 64
1 0.00999999977648 
0 
dn3 2 2 8 0 0 2 1 8 1 64
1 ""
0 
dn2ref 2 2 8 0 0 4 1 1 1 64
1 ""
0 
dn2 2 2 8 0 0 2 1 8 1 64
1 "N15"
0 
dn 2 2 4 0 0 2 1 8 1 64
1 "C13"
0 
dn2shapes 2 2 8 0 0 2 1 256 1 64
3 ""
""
""
0 
dn4 2 2 8 0 0 2 1 8 1 64
1 ""
0 
dn3ref 2 2 8 0 0 4 1 1 1 64
1 ""
0 
dn3shapes 2 2 8 0 0 2 1 256 1 64
3 ""
""
""
0 
dnref 2 2 8 0 0 4 1 1 1 64
1 ""
0 
dn4ref 2 2 8 0 0 4 1 1 1 64
1 ""
0 
dnshapes 2 2 8 0 0 2 1 256 1 64
3 ""
""
""
0 
dof3 5 1 20 20 20 2 1 8202 1 64
1 2052 
0 
dof2 5 1 1000000000 -1000000000 0 2 1 8 1 64
1 1775 
0 
dof 5 1 8 8 8 2 1 8202 1 64
1 3672.2 
0 
dof2_2 1 1 9.99999984307e+17 -9.99999984307e+17 0 2 1 0 1 64
1 0 
0 
dof4 5 1 22 22 22 2 1 8202 1 64
1 0 
0 
dof3_2 1 1 9.99999984307e+17 -9.99999984307e+17 0 2 1 0 1 64
1 0 
0 
dof_2 1 1 9.99999984307e+17 -9.99999984307e+17 0 2 1 0 1 64
1 0 
0 
dpwr4 1 1 23 23 23 2 1 8194 1 64
1 1 
0 
dpwr1 7 1 32767 0 0 2 1 0 1 64
1 41 
0 
dp 2 2 1 0 0 2 1 0 1 64
1 "y"
2 "y" "n" 
downsamp 7 1 999 1 1 3 1 1 0 64
1 0 
0 
dpwr 1 1 9 9 9 2 1 8194 1 64
1 0 
0 
dpf_wc2 1 1 9.99999984307e+17 -9.99999984307e+17 0 4 1 0 1 64
1 155 
0 
dpwr2f 1 1 9.99999984307e+17 -9.99999984307e+17 0 2 1 0 1 64
1 1000 
0 
dpwr2 1 1 18 18 18 2 1 8194 1 64
1 37 
0 
dpwr3 1 1 21 21 21 2 1 8194 1 64
1 34 
0 
dres4 7 1 360 1 0 2 1 0 1 64
1 1 
0 
dres 7 1 360 1 0 2 1 0 1 64
1 9 
0 
dreffrq2 1 1 9.99999984307e+17 -9.99999984307e+17 0 2 1 0 1 64
1 50.6567045435 
0 
dreffrq 1 1 9.99999984307e+17 -9.99999984307e+17 0 2 1 0 1 64
1 125.705271583 
0 
dreffrq3 1 1 9.99999984307e+17 -9.99999984307e+17 0 2 1 0 1 64
1 0 
0 
dres2 7 1 360 1 0 2 1 0 1 64
1 9 
0 
dres3 7 1 360 1 0 2 1 0 1 64
1 90 
0 
dseq 2 2 8 0 0 2 1 0 1 64
1 "wc13"
0 
dscoef 7 1 49999 3 2 3 1 1 1 64
1 251 
0 
dseq2 2 2 8 0 0 2 1 0 1 64
1 "wurst40N"
0 
hdmf 1 1 9.99999984307e+17 -9.99999984307e+17 0 2 1 0 1 64
1 1000 
0 
gain 1 1 60 0 2 2 1 0 1 64
1 18 
0 
f3180 4 2 4 0 0 2 1 0 1 64
1 "n"
0 
exppath 2 2 8 0 0 2 1 0 1 64
1 "/export/home/georgeg/vnmrsys/exp13/acqfil"
0 
dss_wc 1 1 9.99999984307e+17 -9.99999984307e+17 0 4 1 0 1 64
1 237.5 
0 
dslsfrq 1 1 9.99999984307e+17 -9.99999984307e+17 0 3 1 1 0 64
1 0 
0 
dsfb 1 1 9.99999984307e+17 -9.99999984307e+17 0 3 1 1 0 64
1 0 
0 
dseq4 2 2 8 0 0 2 1 0 1 64
1 ""
0 
dss_sc 1 1 9.99999984307e+17 -9.99999984307e+17 0 4 1 0 1 64
1 0 
0 
dss_sc2 1 1 9.99999984307e+17 -9.99999984307e+17 0 4 1 0 1 64
1 0 
0 
emailwhen 2 2 8 0 0 2 1 0 1 64
1 ""
0 
dutyc 1 1 9.99999984307e+17 -9.99999984307e+17 0 2 1 0 1 64
1 0.1 
0 
dss_wc2 1 1 9.99999984307e+17 -9.99999984307e+17 0 4 1 0 1 64
1 154.5 
0 
emailaddr 2 2 8 0 0 4 1 0 1 64
1 ""
0 
eOptions 2 2 8 0 0 4 1 264 1 64
1 ""
0 
explabel 2 2 8 0 0 2 1 0 1 64
1 "gNhsqcHT"
0 
empty_noise 1 1 9.99999984307e+17 -9.99999984307e+17 0 2 1 0 1 64
1 0 
0 
emessage 4 2 4 0 0 2 1 0 1 64
1 "n"
0 
execprocess 2 2 8 0 0 2 1 0 1 64
1 " return "
0 
explist 2 2 8 0 0 2 1 256 1 64
1 ""
0 
f1coef 2 2 8 0 0 3 1 1 1 64
1 ""
0 
f1180 4 2 4 0 0 2 1 0 1 64
1 "n"
0 
f1SW 2 2 8 0 0 2 1 1 1 64
1 ""
0 
f2180 4 2 4 0 0 2 1 0 1 64
1 "n"
0 
f1pwr 4 2 4 0 0 2 1 0 1 64
1 "n"
0 
f2coef 2 2 8 0 0 3 1 1 1 64
1 "1 0 -1 0 0 -1 0 -1"
0 
f2SW 2 2 8 0 0 2 1 1 1 64
1 ""
0 
fn 7 1 524288 64 -2 3 1 1 0 64
1 2048 
0 
fidID 2 2 8 0 0 2 1 0 1 64
1 ""
0 
fdfdir 2 2 8 0 0 3 1 0 1 64
1 ""
0 
fadflg 4 2 4 0 0 2 1 0 1 64
1 "n"
0 
faculty 2 2 8 0 0 2 1 0 1 64
1 ""
0 
fb 7 1 6 6 6 2 1 8203 1 64
1 4000 
0 
fdffile 2 2 8 0 0 3 1 0 1 64
1 ""
0 
file 2 2 6 0 0 2 1 3 1 64
1 "/rpdnmr/applab/data/etishche/et_biopack_update/parlib_src//gNhsqcHT.par"
0 
fidid 2 2 8 0 0 2 1 0 1 64
1 ""
0 
fiddc3d 4 2 4 0 0 3 1 0 1 64
1 "nnn"
0 
filter 7 1 1000000000 0 1 2 1 2 1 64
1 54.0999984741 
0 
filename 2 2 8 0 0 2 1 1 1 64
1 ""
0 
filtfile 2 2 8 0 0 2 1 0 1 64
1 ""
0 
fpmult 1 1 1000000000 0 0 3 1 0 1 64
1 0.5 
0 
fn_ni 7 1 32767 0 0 2 1 0 1 64
1 1024 
0 
fn2 7 1 524288 64 -2 3 1 1 1 64
1 256 
0 
fn1 7 1 524288 64 -2 3 1 1 1 64
1 1024 
0 
fn_obs 7 1 32767 0 0 2 1 0 1 64
1 4096 
0 
fn_ni2 7 1 32767 0 0 2 1 0 1 64
1 512 
0 
fn_ni3 7 1 32767 0 0 2 1 0 1 64
1 256 
0 
fnsv 3 1 14 14 14 2 1 8192 1 64
1 1024 
0 
fsqd 4 2 4 0 0 2 1 0 1 64
1 "n"
0 
fpmult2 1 1 1000000000 0 0 3 1 0 1 64
1 0.5 
0 
fpmult1 1 1 1000000000 0 0 3 2 0 1 64
1 0.5 
0 
ftproc 1 1 9.99999984307e+17 -9.99999984307e+17 0 3 1 256 1 64
2 1 1 
0 
fzoom 7 1 32767 0 0 4 1 0 1 64
1 0 
0 
gt0 3 1 14 14 14 2 1 8192 1 64
1 0.0005 
0 
gfs 1 1 1000 -1000 0.001 3 1 1 0 64
1 0 
0 
gender 2 2 8 0 0 3 1 0 1 64
1 ""
0 
gap 1 1 9.99999984307e+17 -9.99999984307e+17 0 2 1 0 1 64
1 0 
0 
gain2 1 1 60 0 2 2 1 1 1 64
1 30 
0 
gcoil 2 2 8 0 0 2 1 9 1 64
1 "None"
0 
gf1 1 1 100000 0 0 3 1 1 0 64
1 0.0155562773002 
0 
gf 1 1 100000 0 0 3 1 1 0 64
1 0.02 
0 
gf2 1 1 100000 0 0 3 1 1 0 64
1 0 
0 
gmax 1 1 9.99999984307e+17 -9.99999984307e+17 0 2 1 0 1 64
1 0 
0 
gfs2 1 1 1000 -1000 0.001 3 1 1 0 64
1 0 
0 
gfs1 1 1 1000 -1000 0.001 3 1 1 0 64
1 0 
0 
grad_flg 2 2 8 0 0 2 1 0 1 64
1 "n"
0 
goalias 2 2 8 0 0 2 1 0 1 64
1 "go"
0 
gstab 3 1 14 14 14 2 1 8192 1 64
1 0.0003 
0 
gradalt 1 1 9.99999984307e+17 -9.99999984307e+17 0 2 1 0 1 64
1 1 
0 
gzlvl0 1 1 9.99999984307e+17 -9.99999984307e+17 0 2 1 0 1 64
1 1000 
0 
gtotlimit 1 1 9.99999984307e+17 -9.99999984307e+17 0 2 1 0 1 64
1 95 
0 
gt3 3 1 14 14 14 2 1 8192 1 64
1 0.001 
0 
gt1 3 1 14 14 14 2 1 8192 1 64
1 0.002 
0 
gt2 3 1 14 14 14 2 1 8192 1 64
1 0.0002 
0 
gt5 3 1 14 14 14 2 1 8192 1 64
1 0.0005 
0 
gt4 3 1 14 14 14 2 1 8192 1 64
1 0.001 
0 
gt6 3 1 14 14 14 2 1 8192 1 64
1 0.0005 
0 
gymax 1 1 9.99999984307e+17 -9.99999984307e+17 0 2 1 0 1 64
1 0 
0 
gxmax 1 1 9.99999984307e+17 -9.99999984307e+17 0 2 1 0 1 64
1 0 
0 
gxppars 2 2 8 0 0 2 1 0 1 64
1 ""
0 
gzcal 1 1 9.99999984307e+17 -9.99999984307e+17 0 2 1 0 1 64
1 0.001774 
0 
gzlvl6 1 1 9.99999984307e+17 -9.99999984307e+17 0 2 1 0 1 64
1 3000 
0 
gzlvl4 1 1 9.99999984307e+17 -9.99999984307e+17 0 2 1 0 1 64
1 8000 
0 
gzlvl2 1 1 32000 -32000 0 2 1 0 1 64
1 18220 
0 
gzlvl1 1 1 32000 -32000 0 2 1 0 1 64
1 18000 
0 
gzlvl3 1 1 9.99999984307e+17 -9.99999984307e+17 0 2 1 0 1 64
1 15000 
0 
gzlvl5 1 1 9.99999984307e+17 -9.99999984307e+17 0 2 1 0 1 64
1 2000 
0 
gzsize 1 1 9.99999984307e+17 -9.99999984307e+17 0 2 1 0 1 64
1 0 
0 
gzmax 1 1 9.99999984307e+17 -9.99999984307e+17 0 2 1 0 1 64
1 0 
0 
hdfrqc 5 1 1000000000 -1000000000 0 2 1 256 0 64
1 0 
0 
gzwin 1 1 9.99999984307e+17 -9.99999984307e+17 0 2 1 0 1 64
1 0 
0 
hdfrqw 1 1 9.99999984307e+17 -9.99999984307e+17 0 2 1 256 0 64
1 10 
0 
iplanDefaultSize 1 1 9.99999984307e+17 -9.99999984307e+17 0 2 1 0 1 64
1 5 
0 
hzmm 1 1 1000000000 -1000000000 0 4 1 11 1 64
1 50.6072874494 
0 
homo4 4 2 4 0 0 2 1 0 1 64
1 "n"
2 "n" "y" 
hdseq 2 2 8 0 0 2 1 0 1 64
1 ""
0 
hdpwrf 1 1 9.99999984307e+17 -9.99999984307e+17 0 2 1 0 1 64
1 4095 
0 
hdpsmode 4 2 4 0 0 2 1 0 1 64
1 "n"
0 
hdof 5 1 7 7 7 2 1 8194 1 64
1 0 
0 
hdpwr 7 1 49 -16 1 2 1 2 1 64
1 1 
0 
hdres 1 1 9.99999984307e+17 -9.99999984307e+17 0 2 1 0 1 64
1 0.9 
0 
ho 1 1 500 -500 0 4 1 1 1 64
1 -85.8333333333 
0 
hdwshimlist 2 2 8 0 0 2 1 0 1 64
1 ""
0 
hdwave 2 2 8 0 0 2 1 0 1 64
1 "SEDUCE1"
0 
height 1 1 9.9e+17 0 0.001 3 1 0 1 64
1 0 
0 
homo2 4 2 4 0 0 2 1 0 1 64
1 "n"
2 "n" "y" 
homo 2 2 8 0 0 2 1 8 1 64
1 "n"
2 "n" "y" 
homo3 4 2 4 0 0 2 1 0 1 64
1 "n"
2 "n" "y" 
hs 4 2 4 0 0 2 1 0 1 64
1 "n"
2 "n" "y" 
homorof3 6 1 13 13 13 2 1 8192 1 64
1 2 
0 
homorof2 6 1 13 13 13 2 1 8192 1 64
1 2 
0 
homorof1 6 1 13 13 13 2 1 8192 1 64
1 2 
0 
hours 1 1 9.99999984307e+17 -9.99999984307e+17 0 2 1 0 1 64
1 0 
0 
htfrq1 5 1 1000000000 -1000000000 0 2 1 256 1 64
7 803 630 451 -682 -732 -773 -1029 
0 
hst 3 1 0.02 0 2.5e-08 2 1 2 1 64
1 0.00800000037998 
0 
htbw1 1 1 9.99999984307e+17 -9.99999984307e+17 0 2 1 11 1 64
1 20 
0 
htofs1 5 1 1000000000 -1000000000 0 2 1 0 1 64
1 1 
0 
htss1 1 1 9.99999984307e+17 -9.99999984307e+17 0 2 1 0 1 64
1 0 
0 
ins2ref 1 1 9.99999984307e+17 -9.99999984307e+17 0 4 1 0 1 64
1 1 
0 
in 4 2 1 0 0 2 1 0 1 64
1 "n"
3 "n" "w" "y" 
il 2 2 1 0 0 2 1 0 1 64
1 "n"
2 "y" "n" 
ident 2 2 8 0 0 3 1 0 1 64
1 ""
0 
ins 3 1 8190 0 1e-07 4 1 3 1 64
1 1 
0 
ins2 1 1 9.99999984307e+17 -9.99999984307e+17 0 4 1 0 1 64
1 1 
0 
investigator 2 2 8 0 0 2 1 0 1 64
1 "maria"
0 
intmod 2 2 8 0 0 4 1 0 1 64
1 "off"
3 "off" "partial" "full" 
insref 1 1 9.99999984307e+17 -9.99999984307e+17 0 4 1 0 1 64
1 1 
0 
intstd 2 2 8 0 0 2 1 0 1 64
1 ""
0 
io 1 1 500 -500 0.1 4 1 1 1 64
1 48.5981284588 
0 
iplanDefaultNs 1 1 9.99999984307e+17 -9.99999984307e+17 0 2 1 0 1 64
1 5 
0 
load 2 2 4 0 0 2 1 3 1 64
1 "n"
2 "y" "n" 
lb2 1 1 100000 -100000 0 3 1 1 0 64
1 1 
0 
is 1 1 1000000000 1e-06 0 4 1 3 1 64
1 1.2194156894 
0 
iplanDefaultVoxSize 1 1 9.99999984307e+17 -9.99999984307e+17 0 2 1 0 1 64
1 10 
0 
iplanDefaultType 1 1 9.99999984307e+17 -9.99999984307e+17 0 2 1 0 1 64
1 0 
0 
iplanDefaultThk 1 1 9.99999984307e+17 -9.99999984307e+17 0 2 1 0 1 64
1 4 
0 
iplanType 1 1 9.99999984307e+17 -9.99999984307e+17 0 2 1 0 1 64
1 0 
0 
jn15 1 1 9.99999984307e+17 -9.99999984307e+17 0 2 1 0 1 64
1 150 
0 
jc13 1 1 9.99999984307e+17 -9.99999984307e+17 0 2 1 0 1 64
1 150 
0 
iswt 1 1 9.99999984307e+17 -9.99999984307e+17 0 2 1 0 1 64
1 0 
0 
jch 5 1 1000000000 -1000000000 0 2 1 0 1 64
1 143 
0 
lb 1 1 100000 -100000 0 3 1 1 0 64
1 5 
0 
layout 2 2 8 0 0 4 1 0 1 64
1 "gNhsqcHT"
0 
lb1 1 1 100000 -100000 0 3 1 1 0 64
1 0.318309992552 
0 
linearpred 2 2 8 0 0 2 1 0 1 64
1 "dglp"
0 
lifrq 1 1 1000000000 -1000000000 0 4 1 0 0 64
1 0 
0 
liamp 1 1 1000000000 0 0 4 1 0 0 64
2 0 3.20271134377 
0 
llfrq 1 1 1000000000 -1000000000 0 4 1 0 1 64
22 4488.83002471 4483.9466152 4481.01656949 4477.10984188 4323.77078316 3533.63512389 3500.4279392 3465.2673907 3451.59384407 3429.1301603 3407.64315845 3382.24942898 3316.8117415 3283.60455681 3267.97764636 3256.25746353 3244.5372807 3224.02696074 3199.60991317 3195.70318556 3188.86641225 2758.14969316 
0 
llamp 1 1 1000000000 0 0 4 1 0 1 64
22 0.00014342443319 0.00015805986186 0.000155893620104 0.000143068828038 9.80560216703e-05 0.000247148098424 0.000115748611279 0.00021719103097 0.000294588360703 0.000209454883588 0.000243093993049 0.000100878074591 0.000163626493304 0.000276182516245 9.63944839896e-05 0.000209003395867 0.000212154525798 8.81309242686e-05 0.000169054997968 0.000176181143615 0.000132884364575 0.000143727578688 
0 
lllabel 2 2 8 0 0 3 1 0 1 64
1 ""
0 
lpe2 1 1 9.99999984307e+17 -9.99999984307e+17 0 2 1 0 1 64
1 0 
0 
lp2 1 1 3600 -3600 0.1 4 1 3 1 64
1 0 
0 
lp 1 1 3600 -3600 0.1 4 1 3 1 64
1 0 
0 
longlist 2 2 8 0 0 2 1 256 1 64
1 ""
0 
locdir 2 2 8 0 0 2 1 0 1 64
1 ""
0 
lot 2 2 8 0 0 2 1 0 1 64
1 ""
0 
lp1 1 1 3600 -3600 0.1 4 1 3 1 64
1 0 
0 
lpalg2 2 2 8 0 0 3 1 0 1 64
1 "lpfft"
0 
lpalg1 2 2 8 0 0 3 1 0 1 64
1 "lpfft"
0 
lpalg 2 2 8 0 0 3 1 0 1 64
1 "lpfft"
0 
lpe 1 1 9.99999984307e+17 -9.99999984307e+17 0 2 1 0 1 64
1 0 
0 
lpfilt1 7 1 32767 1 1 3 1 0 1 64
1 8 
0 
lpext2 7 1 1000000 0 1 3 1 0 1 64
1 96 
0 
lpext1 7 1 1000000 0 1 3 1 0 1 64
1 32 
0 
lpext 7 1 1000000 0 1 3 1 0 1 64
1 1 
0 
lpfilt 7 1 32767 1 1 3 1 0 1 64
1 32 
0 
lpnupts1 7 1 1000000 1 1 3 1 0 1 64
1 32 
0 
lpfilt2 7 1 32767 1 1 3 1 0 1 64
1 8 
0 
lpnupts 7 1 1000000 1 1 3 1 0 1 64
1 64 
0 
lpopt1 2 2 8 0 0 3 1 0 1 64
1 "f"
0 
lpnupts2 7 1 1000000 1 1 3 1 0 1 64
1 32 
0 
lpopt 2 2 8 0 0 3 1 0 1 64
1 "b"
0 
lpopt2 2 2 8 0 0 3 1 0 1 64
1 "f"
0 
lpprint 7 1 63 0 1 3 1 0 1 64
1 0 
0 
shims 2 2 8 0 0 2 1 0 1 64
1 ""
0 
pss0 1 1 9.99999984307e+17 -9.99999984307e+17 0 2 1 0 1 64
1 0 
0 
pad 3 1 14 14 14 2 1 8194 1 64
1 0.5 
0 
n_cycle 1 1 9.99999984307e+17 -9.99999984307e+17 0 2 1 0 1 64
1 64 
0 
maxrelaxT 3 1 14 14 14 2 1 8192 1 64
1 0 
0 
lsfrq1 1 1 9.99999984307e+17 -9.99999984307e+17 0 3 1 0 0 64
1 301.7312968 
0 
lro 1 1 9.99999984307e+17 -9.99999984307e+17 0 2 1 0 1 64
1 0 
0 
lptrace1 7 1 32767 0 1 3 1 0 1 64
1 0 
0 
lpprint2 7 1 63 0 1 3 1 0 1 64
1 0 
0 
lptrace 7 1 32767 0 1 3 1 0 1 64
1 0 
0 
lptrace2 7 1 32767 0 1 3 1 0 1 64
1 0 
0 
lsfid2 7 1 64000 -64000 1 3 1 0 0 64
1 0 
0 
lsfid 7 1 64000 -64000 1 3 1 0 0 64
1 0 
0 
lsfrq 1 1 9.99999984307e+17 -9.99999984307e+17 0 3 1 0 0 64
1 0 
0 
mag_flg 4 2 4 0 0 2 1 0 1 64
1 "n"
0 
lvl 1 1 1000000000 -1000000000 0 4 1 1 1 64
1 0 
0 
lsfrq2 1 1 9.99999984307e+17 -9.99999984307e+17 0 3 1 0 0 64
1 0 
0 
macro 2 2 6 0 0 4 1 3 1 64
1 ""
0 
math 2 2 1 0 0 3 1 3 1 64
1 "f"
3 "d" "f" "i" 
mixing_name 2 2 8 0 0 2 1 0 1 64
1 "mlev16"
0 
mfslp 4 2 4 0 0 2 1 0 1 64
1 "n"
0 
method 2 2 6 0 0 2 1 3 1 64
1 "z1z2"
0 
mixing 3 1 14 14 14 2 1 8192 1 64
1 0.1 
0 
n2 2 2 6 0 0 4 1 3 1 64
1 "n"
0 
n1 2 2 6 0 0 4 1 3 1 64
1 ""
0 
modules 2 2 8 0 0 2 1 1 1 64
1 " par2D"
0 
n3 2 2 6 0 0 4 1 3 1 64
1 "gt2"
0 
ns 1 1 9.99999984307e+17 -9.99999984307e+17 0 2 1 0 1 64
1 0 
0 
niofs 1 1 9.99999984307e+17 -9.99999984307e+17 0 2 1 0 1 64
1 1 
0 
newmodules 2 2 8 0 0 2 1 1 1 64
1 ""
0 
nameprefix 2 2 8 0 0 2 1 9 1 64
1 ""
0 
name 2 2 8 0 0 3 1 0 1 64
1 ""
0 
ni 7 1 32767 0 0 2 1 0 1 64
1 8 
0 
notebook 2 2 8 0 0 2 1 0 1 64
1 "A56"
0 
np 7 1 524288 32 2 2 1 11 1 64
1 2048 
0 
oscoef 7 1 49999 3 2 2 1 1 0 64
1 247 
0 
numvch 7 1 32767 0 0 2 1 256 1 64
4 4 3 1 0 
0 
nuc_ni 2 2 8 0 0 2 1 0 1 64
1 "N/A!"
0 
ntype3d 4 2 4 0 0 3 1 0 1 64
1 "nn"
0 
nt 7 1 1000000000 1 1 2 1 2 1 64
1 2 
0 
nuc_ni3 2 2 8 0 0 2 1 0 1 64
1 "CO"
0 
nuc_ni2 2 2 8 0 0 2 1 0 1 64
1 "N/A!"
0 
nuc_obs 2 2 8 0 0 2 1 0 1 64
1 "N/A!"
0 
operator_ 2 2 8 0 0 2 1 0 1 64
1 "et"
0 
obsSW 2 2 8 0 0 2 1 1 1 64
1 ""
0 
orient 2 2 8 0 0 2 1 0 1 64
1 ""
11 "trans" "sag" "cor" "oblique" "3orthogonal" "xyz" "xzy" "yxz" "yzx" "zxy" "zyx" 
osfilt 2 2 8 0 0 2 1 0 1 64
1 "a"
5 "a" "A" "b" "B" "" 
osfb 1 1 100000 0 0 2 1 1 0 64
1 0 
0 
oversamp 7 1 68 0 1 2 1 9 1 64
1 1 
0 
oslsfrq 1 1 9.99999984307e+17 -9.99999984307e+17 0 2 1 1 0 64
1 0 
0 
p1 6 1 13 13 13 2 1 8192 1 64
1 0 
0 
posX 2 2 8 0 0 2 1 0 1 64
1 "ppe"
0 
pipeGLB 2 2 8 0 0 3 1 0 1 64
2 "4"
"4"
0 
phfid1 1 1 3600 -3600 0.1 3 1 0 0 64
1 0 
0 
phase 1 1 1e+18 -1e+18 0 2 1 0 1 64
1 1 
0 
parlabel 2 2 8 0 0 2 1 5 1 64
1 ""
0 
paramChanged 1 1 9.99999984307e+17 -9.99999984307e+17 0 2 1 0 1 64
1 0 
0 
page 2 2 8 0 0 2 1 0 1 64
1 "16"
0 
parversion 1 1 9.99999984307e+17 -9.99999984307e+17 0 2 1 4 1 64
1 5.1 
0 
parver 2 2 8 0 0 2 1 0 1 64
1 "VnmrJ VERSION 4.2 REVISION devel"
0 
path3d 2 2 8 0 0 4 1 0 1 64
1 "/export/home/georgeg/vnmrsys/exp3/datadir3d"
0 
phfid 1 1 3600 -3600 0.1 3 1 0 0 64
1 0 
0 
phase2 7 1 4 0 1 2 1 0 1 64
1 1 
0 
phi7cal 1 1 360 0 0 2 1 0 0 64
1 0 
0 
phi 1 1 9.99999984307e+17 -9.99999984307e+17 0 2 1 0 1 64
1 0 
0 
phfid2 1 1 3600 -3600 0.1 3 1 0 0 64
1 0 
0 
pipeELB 2 2 8 0 0 3 1 0 1 64
2 "0"
"0"
0 
plane 2 2 8 0 0 4 1 0 1 64
1 "f1f3"
6 "f1f3" "f3f1" "f2f3" "f3f2" "f1f2" "f2f1" 
pipeQ3 2 2 8 0 0 3 1 0 1 64
2 "0"
"0"
0 
pipeQ1 2 2 8 0 0 3 1 0 1 64
2 "0"
"0"
0 
pipeGOFF 2 2 8 0 0 3 1 0 1 64
2 "0"
"0"
0 
pipeQ2 2 2 8 0 0 3 1 0 1 64
2 "0"
"0"
0 
pipeistIter 2 2 8 0 0 3 1 0 1 64
1 "1024"
0 
pipeistCMult 2 2 8 0 0 3 1 0 1 64
1 "0.3"
0 
pipeistMaxRes 2 2 8 0 0 3 1 0 1 64
1 "1"
0 
pipeistTMult 2 2 8 0 0 3 1 0 1 64
1 "0.7"
0 
pmode 2 2 8 0 0 3 1 0 1 64
1 "full"
0 
plt2Darg 2 2 8 0 0 4 1 272 1 64
8 "both"
"20"
"1.3"
"f2"
"f1"
""
""
""
0 
plocklist 2 2 8 0 0 2 1 1 1 64
1 ""
0 
plotoption 2 2 8 0 0 4 1 0 1 64
1 ""
0 
pltmod 2 2 8 0 0 4 1 0 1 64
1 "off"
5 "off" "fixed" "full" "variable" "user" 
pltopt 4 2 4 0 0 2 1 0 1 64
1 "y"
0 
pos2 1 1 9.99999984307e+17 -9.99999984307e+17 0 2 1 0 1 64
1 0 
0 
pos1 1 1 9.99999984307e+17 -9.99999984307e+17 0 2 1 0 1 64
1 0 
0 
pos3 1 1 9.99999984307e+17 -9.99999984307e+17 0 2 1 0 1 64
1 0 
0 
prescribed 2 2 8 0 0 2 1 0 1 64
1 "n"
0 
position2 2 2 8 0 0 3 1 0 1 64
1 ""
0 
posZ 2 2 8 0 0 2 1 0 1 64
1 "pss0"
0 
posY 2 2 8 0 0 2 1 0 1 64
1 "pro"
0 
position1 2 2 8 0 0 3 1 0 1 64
1 ""
0 
pplvl_cf 1 1 9.99999984307e+17 -9.99999984307e+17 0 2 1 0 1 64
1 1 
0 
ppe 1 1 9.99999984307e+17 -9.99999984307e+17 0 2 1 0 1 64
1 0 
0 
pp 6 1 13 13 13 2 1 8192 1 64
1 15 
0 
pplvl 1 1 9 9 9 2 1 8192 1 64
1 55 
0 
preacq 6 1 13 13 13 2 1 8192 0 64
1 196.798449612 
0 
prcopt 4 2 4 0 0 2 1 0 1 64
1 "y"
0 
prescan 2 2 8 0 0 3 1 256 1 64
11 "Not done"
"Not done"
"off"
"off"
"off"
"off"
"off"
"on"
"on"
""
""
0 
processID 1 1 9.99999984307e+17 -9.99999984307e+17 0 2 1 0 1 64
1 0 
0 
proc2 2 2 8 0 0 3 1 1 1 64
1 "ft"
0 
proc 2 2 10 0 0 3 1 1 1 64
1 "ft"
0 
pro 1 1 9.99999984307e+17 -9.99999984307e+17 0 2 1 0 1 64
1 0 
0 
priority 7 1 32768 0 1 2 1 0 1 64
1 5 
0 
proc1 2 2 10 0 0 3 2 1 1 64
1 "ft"
0 
proc_ni2 2 2 8 0 0 2 1 0 1 64
1 "BPexpress_setup_proc('ni2')"
0 
proc_ni 2 2 8 0 0 2 1 0 1 64
1 "BPexpress_setup_proc('ni')"
0 
proc_3d 2 2 8 0 0 2 1 0 1 64
1 "BPexpress_setup_proc('3d')"
0 
proc_obs 2 2 8 0 0 2 1 0 1 64
1 "BPexpress_setup_proc('obs')"
0 
proc_nus_cmd 2 2 8 0 0 2 1 0 1 64
1 "BPexpress_setup_proc('nus')"
0 
procdim 7 1 1000000000 -1000000000 0 3 1 0 1 64
1 0 
0 
pshape 2 2 8 0 0 2 1 0 1 64
1 "gaus180"
0 
processing 2 2 8 0 0 2 1 0 1 64
1 "dgp"
0 
processid 1 1 9.99999984307e+17 -9.99999984307e+17 0 2 1 0 1 64
1 0 
0 
protocols 2 2 8 0 0 3 1 0 1 64
1 ""
0 
pslabel 2 2 8 0 0 2 1 11 1 64
1 "gNhsqcHT"
0 
psi 1 1 9.99999984307e+17 -9.99999984307e+17 0 2 1 0 1 64
1 0 
0 
pss 1 1 9.99999984307e+17 -9.99999984307e+17 0 2 1 0 1 64
1 0 
0 
rfcoil 2 2 8 0 0 2 1 0 1 64
1 ""
0 
r5 1 1 1e+18 -1e+18 0 4 1 1 1 64
1 0 
0 
pwNlvl 1 1 63 -37 0.5 2 1 2 1 64
1 61 
0 
pwClvl 1 1 63 -37 0.5 2 1 2 1 64
1 62 
0 
pw90 6 1 13 13 13 2 1 8194 1 64
1 5.1 
0 
pw 6 1 13 13 13 2 1 8194 1 64
1 5.1 
0 
ptspec3d 4 2 4 0 0 3 1 0 1 64
1 "nnn"
0 
pwCd 6 1 13 13 13 2 1 8192 1 64
1 250 
0 
pwC 6 1 13 13 13 2 1 8192 1 64
1 12.9 
0 
pwCdec 2 2 8 0 0 2 1 0 1 64
1 ""
0 
pwN 6 1 13 13 13 2 1 8192 1 64
1 30 
0 
pwHs 6 1 13 13 13 2 1 8192 1 64
1 1420 
0 
pwx3 1 1 9.99999984307e+17 -9.99999984307e+17 0 2 1 0 1 64
1 13 
0 
pwx 6 1 13 13 13 2 1 8192 1 64
1 13 
0 
pwsl 6 1 13 13 13 2 1 8192 1 64
1 40 
0 
pwx2lvl 1 1 18 18 18 2 1 8192 1 64
1 55 
0 
pwx2 6 1 13 13 13 2 1 8192 1 64
1 43 
0 
pwx2lvl_cf 1 1 9.99999984307e+17 -9.99999984307e+17 0 2 1 0 1 64
1 1 
0 
r2 1 1 1e+18 -1e+18 0 4 1 1 1 64
1 0 
0 
pwxlvl_cf 1 1 9.99999984307e+17 -9.99999984307e+17 0 2 1 0 1 64
1 1 
0 
pwxlvl 1 1 9 9 9 2 1 8192 1 64
1 55 
0 
r1 1 1 1e+18 -1e+18 0 4 1 1 1 64
1 0 
0 
r3 1 1 1e+18 -1e+18 0 4 1 1 1 64
1 0 
0 
r4 1 1 1e+18 -1e+18 0 4 1 1 1 64
1 0 
0 
ref_pw90 1 1 9.99999984307e+17 -9.99999984307e+17 0 2 1 0 1 64
1 5.1 
0 
radialAngles 1 1 9.99999984307e+17 -9.99999984307e+17 0 4 1 0 1 64
1 0 
0 
r6 1 1 1e+18 -1e+18 0 4 1 1 1 64
1 0 
0 
r7 1 1 1e+18 -1e+18 0 4 1 1 1 64
1 0 
0 
ref 5 1 1000000000 -1000000000 0 3 4 0 1 64
1 0 
0 
rcvrs 4 2 4 0 0 2 1 1 1 64
1 "y"
2 "n" "y" 
ref1 5 1 1000000000 -1000000000 0 3 1 0 1 64
1 0 
0 
refsource1 2 2 8 0 0 4 1 0 1 64
1 "dfrq2"
0 
reffrq2 1 1 9.99999984307e+17 -9.99999984307e+17 0 4 1 0 1 64
1 599.8797831 
0 
reffrq 1 1 9.99999984307e+17 -9.99999984307e+17 0 4 1 0 1 64
1 599.374095576 
0 
ref_pwr 1 1 9.99999984307e+17 -9.99999984307e+17 0 2 1 0 1 64
1 60 
0 
reffrq1 1 1 9.99999984307e+17 -9.99999984307e+17 0 4 1 0 1 64
1 60.7491183058 
0 
refpos1 1 1 9.99999984307e+17 -9.99999984307e+17 0 4 1 0 1 64
1 0 
0 
refpos 1 1 9.99999984307e+17 -9.99999984307e+17 0 4 1 0 1 64
1 0 
0 
refpos2 1 1 9.99999984307e+17 -9.99999984307e+17 0 4 1 0 0 64
1 0 
0 
repflg 4 2 4 0 0 2 1 0 1 64
1 "hh"
0 
relaxT 3 1 14 14 14 2 1 8192 1 64
1 0 
0 
refsource2 2 2 8 0 0 4 1 0 1 64
1 "sfrq"
0 
retentiontime_ 2 2 8 0 0 2 1 0 1 64
1 ""
0 
researchgroup 2 2 8 0 0 2 1 0 1 64
1 ""
0 
rfband 4 2 4 0 0 2 1 0 1 64
1 "cccc"
3 "c" "h" "l" 
satmode 4 2 4 0 0 2 1 0 1 64
1 "yn"
0 
rp 1 1 3600 -3600 0.1 4 1 3 1 64
1 -105.724618181 
0 
rfp2 1 1 9.99999984307e+17 -9.99999984307e+17 0 4 1 0 1 64
1 7295.06262 
0 
rfl2 1 1 9.99999984307e+17 -9.99999984307e+17 0 4 1 0 1 64
1 1100 
0 
rfl 1 1 1000000000 -1000000000 0 4 1 1 1 64
1 3223.49136852 
0 
rfl1 1 1 1000000000 -1000000000 0 4 1 1 1 64
1 972.15 
0 
rfp 1 1 1000000000 -1000000000 0 4 1 1 1 64
1 0 
0 
rflsv 3 1 14 14 14 2 1 8192 1 64
1 4799.39684556 
0 
rfp1 1 1 1000000000 -1000000000 0 4 1 1 1 64
1 7289.89419669 
0 
rof1 6 1 13 13 13 2 1 8194 1 64
1 10 
0 
rfpsv 3 1 14 14 14 2 1 8192 1 64
1 3689.26069313 
0 
rof2 6 1 8192 0 0.1 2 1 2 1 64
1 28 
0 
samplename 2 2 8 0 0 2 1 8 1 64
1 ""
0 
rp2 1 1 3600 -3600 0.1 4 1 3 1 64
1 0 
0 
rp1 1 1 3600 -3600 0.1 4 1 3 1 64
1 0 
0 
sample 2 2 8 0 0 2 1 1 1 64
1 ""
0 
sa 7 1 10000000 0 0 3 1 1 0 64
1 1024 
0 
sample_noise 1 1 9.99999984307e+17 -9.99999984307e+17 0 2 1 0 1 64
1 0 
0 
satdly 1 1 1.5 0 1 2 1 0 1 64
1 1 
0 
sar 1 1 9.99999984307e+17 -9.99999984307e+17 0 2 1 256 1 64
2 0 0 
0 
sampling 2 2 8 0 0 2 1 0 1 64
1 "s"
0 
sampleowner 2 2 8 0 0 2 1 0 1 64
1 ""
0 
sampwt 1 1 9.99999984307e+17 -9.99999984307e+17 0 2 1 0 1 64
1 0 
0 
sas 7 1 10000000 0 0 3 1 1 0 64
1 0 
0 
satflg 4 2 4 0 0 2 1 0 1 64
1 "n"
0 
satfrq 5 1 1000000000 -1000000000 0 2 1 0 1 64
1 -219.2 
0 
sc 1 1 1 1 1 4 1 8195 1 64
1 3.125 
0 
sb2 1 1 1000 -1000 0.001 3 1 1 1 64
1 0.064 
0 
satthk 1 1 9.99999984307e+17 -9.99999984307e+17 0 2 1 0 1 64
1 0 
0 
satpwr 1 1 6 -16 1 2 1 0 1 64
1 -6 
0 
satpos 1 1 9.99999984307e+17 -9.99999984307e+17 0 2 1 0 1 64
1 0 
0 
sb 1 1 1000 -1000 0.001 3 1 0 1 64
1 -0.085 
0 
saveshapes 2 2 8 0 0 2 1 256 1 64
1 ""
0 
sb1 1 1 1000 -1000 0.001 3 1 1 1 64
1 0.035 
0 
sbs1 1 1 1000 -1000 0.001 3 1 1 1 64
1 -0.035 
0 
sbs 1 1 1000 -1000 0.001 3 1 1 1 64
1 -0.085 
0 
sbs2 1 1 1000 -1000 0.001 3 1 1 1 64
1 -0.064 
0 
sf 1 1 8190 0 1e-07 4 1 3 1 64
1 0 
0 
sdirtmplt 2 2 8 0 0 2 1 0 1 64
1 ""
0 
scans 2 2 8 0 0 3 1 0 1 64
1 ""
0 
sc2 1 1 3 3 3 4 1 8195 1 64
1 0 
0 
scoutinfo 2 2 8 0 0 2 1 256 1 64
1 ""
0 
sequence 2 2 8 0 0 2 1 0 1 64
1 "dg2"
0 
seqfil 2 2 8 0 0 2 1 11 1 64
1 "gNhsqcHT"
0 
setup_nus_cmd 2 2 8 0 0 2 1 0 1 64
1 "BPexpress_setup_nus"
0 
sfrq 1 1 1000000000 0 0 2 1 11 1 64
1 499.9247646 
0 
sf1 1 1 9.99999984307e+17 -9.99999984307e+17 0 4 1 0 1 64
1 0 
0 
sf2 1 1 9.99999984307e+17 -9.99999984307e+17 0 4 1 0 1 64
1 0 
0 
shdmf2 1 1 9.99999984307e+17 -9.99999984307e+17 0 2 1 0 1 64
1 25974 
0 
txhi 1 1 60 -16 1 2 1 0 1 64
1 58 
0 
sw1 1 1 1e+18 -1e+18 0 2 6 0 1 64
1 1944.3 
0 
ss 7 1 32767 -32768 0 2 1 0 1 64
1 2 
0 
shpw3 6 1 13 13 13 2 1 8192 1 64
1 1080 
0 
shname3 2 2 8 0 0 2 1 0 1 64
1 "gauss"
0 
shlvl4 1 1 9.99999984307e+17 -9.99999984307e+17 0 2 1 0 1 64
1 23 
0 
shlvl2 1 1 9.99999984307e+17 -9.99999984307e+17 0 2 1 0 1 64
1 36 
0 
shlvl1 1 1 9.99999984307e+17 -9.99999984307e+17 0 2 1 0 1 64
1 27 
0 
shlvl3 1 1 9.99999984307e+17 -9.99999984307e+17 0 2 1 0 1 64
1 23 
0 
shname1 2 2 8 0 0 2 1 0 1 64
1 "hn_excit140"
0 
shname2 2 2 8 0 0 2 1 0 1 64
1 "hn_refoc"
0 
shphase3 1 1 9.99999984307e+17 -9.99999984307e+17 0 2 1 0 1 64
1 359 
0 
shphase1 1 1 9.99999984307e+17 -9.99999984307e+17 0 2 1 0 1 64
1 359 
0 
shname4 2 2 8 0 0 2 1 0 1 64
1 "gauss"
0 
shphase2 1 1 9.99999984307e+17 -9.99999984307e+17 0 2 1 0 1 64
1 359 
0 
shpw1 6 1 13 13 13 2 1 8192 1 64
1 3000 
0 
shphase4 1 1 9.99999984307e+17 -9.99999984307e+17 0 2 1 0 1 64
1 359 
0 
shpw2 6 1 13 13 13 2 1 8192 1 64
1 2030 
0 
specdc3d 4 2 4 0 0 3 1 0 1 64
1 "nnn"
0 
sorient 2 2 8 0 0 2 1 0 1 64
1 ""
0 
sn 1 1 1e+18 -1e+18 0 3 1 1 1 64
1 0 
0 
shpw4 6 1 13 13 13 2 1 8192 1 64
1 1080 
0 
solvent 2 2 6 0 0 2 1 11 1 64
1 "D2O"
0 
sp1 1 1 1000000000 -1000000000 0 4 1 3 1 64
1 -1212.7548668 
0 
sp 1 1 1000000000 -1000000000 0 4 4 3 1 64
1 -3223.49136852 
0 
sp2 1 1 9.99999984307e+17 -9.99999984307e+17 0 4 1 0 1 64
1 6195.06262 
0 
spsi 1 1 9.99999984307e+17 -9.99999984307e+17 0 2 1 0 1 64
1 0 
0 
spin 1 1 39 0 1 2 1 0 0 64
1 0 
0 
sphi 1 1 9.99999984307e+17 -9.99999984307e+17 0 2 1 0 1 64
1 0 
0 
srate 7 1 32767 0 1 2 1 0 1 64
1 25 
0 
spsv 3 1 14 14 14 2 1 8192 1 64
1 3441.99513666 
0 
sreffrq 1 1 9.99999984307e+17 -9.99999984307e+17 0 2 1 0 1 64
1 499.922475824 
0 
strtext1 7 1 1000000 1 1 3 1 0 1 64
1 33 
0 
ssntaps 7 1 2500 0 1 3 1 0 1 64
1 200 
0 
ssfilter 1 1 50000 10 0.1 3 1 0 1 64
1 200 
0 
ssF1 1 1 9.99999984307e+17 -9.99999984307e+17 0 2 1 0 1 64
1 0 
0 
sslsfrq 1 1 9.99999984307e+17 -9.99999984307e+17 0 3 1 0 1 64
1 0 
0 
sspul 4 2 4 0 0 2 1 0 1 64
1 "n"
0 
ssorder 7 1 20 1 1 3 1 0 0 64
1 7 
0 
stheta 1 1 9.99999984307e+17 -9.99999984307e+17 0 2 1 0 1 64
1 0 
0 
strtext 7 1 1000000 1 1 3 1 0 1 64
1 1 
0 
strtlp2 7 1 1000000 1 1 3 1 0 1 64
1 32 
0 
strtlp 7 1 1000000 1 1 3 1 0 1 64
1 2 
0 
strtext2 7 1 1000000 1 1 3 1 0 1 64
1 33 
0 
strtlp1 7 1 1000000 1 1 3 1 0 1 64
1 32 
0 
studystatus 2 2 8 0 0 2 1 0 1 64
1 ""
0 
study 2 2 8 0 0 3 1 0 1 64
1 ""
0 
strtpar 2 2 8 0 0 2 1 0 1 64
1 ""
0 
studyowner 2 2 8 0 0 2 1 0 1 64
1 "et"
0 
svftmplt 2 2 8 0 0 2 1 0 1 64
1 ""
0 
svfopt 4 2 4 0 0 2 1 0 1 64
1 "y"
0 
sw 1 1 5 5 5 2 4 8203 1 64
1 12019.2307692 
0 
thk 1 1 9.99999984307e+17 -9.99999984307e+17 0 2 1 0 1 64
1 0 
0 
taunh 3 1 14 14 14 2 1 8192 1 64
1 0.0054 
0 
swsv 3 1 14 14 14 2 1 8192 1 64
1 7993.60511591 
0 
sw3 1 1 9.99999984307e+17 -9.99999984307e+17 0 2 1 0 1 64
1 6000 
0 
sw2 1 1 5000000 1 -2.5e-08 2 1 0 1 64
1 2500 
0 
tau2 6 1 13 13 13 2 1 8192 1 64
1 100 
0 
tau1 6 1 13 13 13 2 1 8192 1 64
1 200 
0 
tauCH 3 1 14 14 14 2 1 8192 1 64
1 0.0017 
0 
tau3 6 1 13 13 13 2 1 8192 1 64
1 200 
0 
th 1 1 1000000000 0 0 4 1 1 1 64
1 3 
0 
temp 1 1 200 -150 0.1 2 1 8 1 64
1 25 
0 
text_string 2 2 8 0 0 4 1 256 1 64
1 ""
0 
th2d 1 1 1 1e-18 0 4 1 17 1 64
1 0.8 
0 
theta 1 1 9.99999984307e+17 -9.99999984307e+17 0 2 1 0 1 64
1 0 
0 
tn 2 2 4 0 0 2 1 8 1 64
1 "H1"
0 
time_started 2 2 8 0 0 2 1 0 1 64
1 "19991028T222249GMT"
0 
time_plotted 2 2 8 0 0 3 1 0 1 64
1 ""
0 
time_complete 2 2 8 0 0 2 1 0 1 64
1 "20060420T121117"
0 
timeTN 3 1 14 14 14 2 1 8192 1 64
1 0.014 
0 
time_exp 2 2 8 0 0 2 1 0 1 64
1 ""
0 
time_run 2 2 8 0 0 2 1 0 1 64
1 "20060420T121053"
0 
time_processed 2 2 8 0 0 3 1 0 1 64
1 "20060420T121319"
0 
time_saved 2 2 8 0 0 2 1 0 1 64
1 "20140403T165011"
0 
time_svfdate 2 2 8 0 0 2 1 0 1 64
1 "20060420T121051"
0 
time_submitted 2 2 8 0 0 2 1 0 1 64
1 "20060420T121051"
0 
time_started_local 2 2 8 0 0 2 1 0 1 64
1 "19991028T152249X03PMThuOct"
0 
time_submitted_local 2 2 8 0 0 2 1 0 1 64
1 "20060420T121051X12PMThuApr"
0 
tip_angle 1 1 9.99999984307e+17 -9.99999984307e+17 0 2 1 0 1 64
1 90 
0 
tin 2 2 1 0 0 2 1 2 1 64
1 "n"
3 "n" "w" "y" 
tlt 1 1 1000000000 -1000000000 0 4 1 1 1 64
1 0 
0 
tpwrsf_n 1 1 9.99999984307e+17 -9.99999984307e+17 0 2 1 0 1 64
1 2082 
0 
tpwrsf 1 1 9.99999984307e+17 -9.99999984307e+17 0 2 1 0 1 64
1 2053 
0 
tof_2 1 1 9.99999984307e+17 -9.99999984307e+17 0 2 1 0 1 64
1 0 
0 
tnshapes 2 2 8 0 0 2 1 256 1 64
3 ""
""
""
0 
tnref 2 2 8 0 0 4 1 1 1 64
1 ""
0 
tof 5 1 7 7 7 2 1 8202 1 64
1 -210.8 
0 
tpwr 1 1 63 -37 0.5 2 1 2 1 64
1 60 
0 
tpwr_cf 1 1 9.99999984307e+17 -9.99999984307e+17 0 2 1 0 1 64
1 1 
0 
tpwrsf_i 1 1 9.99999984307e+17 -9.99999984307e+17 0 2 1 0 1 64
1 2053 
0 
tpwrsf_d 1 1 9.99999984307e+17 -9.99999984307e+17 0 2 1 0 1 64
1 2680 
0 
tpwrsl 1 1 9.99999984307e+17 -9.99999984307e+17 0 2 1 0 1 64
1 46 
0 
tpwrsf_u 1 1 9.99999984307e+17 -9.99999984307e+17 0 2 1 0 1 64
1 1892 
0 
tpwrsf_t 1 1 9.99999984307e+17 -9.99999984307e+17 0 2 1 0 1 64
1 2594 
0 
trim 6 1 13 13 13 2 1 8192 1 64
1 2000 
0 
trace 2 2 2 0 0 4 1 3 1 64
1 "f2"
3 "f1" "f2" "f3" 
trise 1 1 9.99999984307e+17 -9.99999984307e+17 0 2 1 0 1 64
1 1e-05 
0 
tunemethod 2 2 8 0 0 2 1 0 1 64
1 "lohi"
0 
wp2 1 1 9.99999984307e+17 -9.99999984307e+17 0 4 1 0 1 64
1 2500 
0 
vtwait 3 1 14 14 14 2 1 8194 1 64
1 300 
0 
vox1 1 1 9.99999984307e+17 -9.99999984307e+17 0 2 1 0 1 64
1 0 
0 
vch4 2 2 8 0 0 2 1 8 1 64
1 "z"
0 
username 2 2 8 0 0 2 1 0 1 64
1 "vnmrj"
0 
txsl 1 1 9.99999984307e+17 -9.99999984307e+17 0 2 1 0 1 64
1 0 
0 
txlow 1 1 9.99999984307e+17 -9.99999984307e+17 0 2 1 0 1 64
1 0 
0 
vch2 2 2 8 0 0 2 1 8 1 64
1 "dn"
0 
userprocess 2 2 8 0 0 2 1 0 1 64
1 "return"
0 
userplotter 2 2 8 0 0 4 1 0 1 64
1 ""
0 
vch1 2 2 8 0 0 2 1 8 1 64
1 "tn"
0 
vch3 2 2 8 0 0 2 1 8 1 64
1 "dn2"
0 
vf 1 1 1000000000 0 0 4 1 3 1 64
1 907074.509942 
0 
vch6 2 2 8 0 0 2 1 8 1 64
1 ""
0 
vch5 2 2 8 0 0 2 1 8 1 64
1 ""
0 
vchannelmap 2 2 8 0 0 2 1 256 1 64
4 "0"
"1"
"2"
"z"
0 
vo 1 1 500 -500 0 4 1 1 1 64
1 0 
0 
vjdialogarg 2 2 8 0 0 4 1 256 1 64
1 ""
0 
vjdialog 2 2 8 0 0 4 1 256 1 64
1 ""
0 
vorient 2 2 8 0 0 2 1 0 1 64
1 ""
0 
volume 1 1 9.99999984307e+17 -9.99999984307e+17 0 2 1 0 1 64
1 0 
0 
vpsi 1 1 9.99999984307e+17 -9.99999984307e+17 0 2 1 0 1 64
1 0 
0 
vpf 1 1 500 -500 0 4 1 0 1 64
1 0 
0 
vox3 1 1 9.99999984307e+17 -9.99999984307e+17 0 2 1 0 1 64
1 0 
0 
vox2 1 1 9.99999984307e+17 -9.99999984307e+17 0 2 1 0 1 64
1 0 
0 
vp 7 1 500 -500 0.1 4 1 3 1 64
1 13.0726258899 
0 
vphi 1 1 9.99999984307e+17 -9.99999984307e+17 0 2 1 0 1 64
1 0 
0 
vpfi 1 1 500 -500 0 4 1 0 1 64
1 0 
0 
vsproj 1 1 1000000000 1e-06 0 4 1 3 1 64
1 47436.1836746 
0 
vs 1 1 1000000000 1e-06 0 4 1 3 1 64
1 41270.9854642 
0 
vs2d 1 1 1000000000 1e-06 0 4 1 3 1 64
1 1408466.92179 
0 
vtc 1 1 255 0 1 2 1 2 1 64
1 25 
0 
vtheta 1 1 9.99999984307e+17 -9.99999984307e+17 0 2 1 0 1 64
1 0 
0 
wexp 2 2 6 0 0 3 1 3 1 64
1 ""
0 
wc2 1 1 4 4 4 4 1 8195 1 64
1 154.5 
0 
wbs 2 2 6 0 0 3 1 3 1 64
1 ""
0 
wc 1 1 2 2 2 4 1 8203 1 64
1 237.5 
0 
weight 1 1 9.9e+17 0 0.001 3 1 0 1 64
1 0 
0 
wdone 2 2 8 0 0 3 1 0 1 64
1 "acqdone"
0 
wds 2 2 8 0 0 3 1 0 1 64
1 ""
0 
werr 2 2 6 0 0 3 1 3 1 64
1 "return"
0 
wgflg 4 2 4 0 0 2 1 0 1 64
1 "y"
0 
wf1 1 1 9.99999984307e+17 -9.99999984307e+17 0 4 1 0 1 64
1 0.131666923829 
0 
wf 1 1 8190 0 1e-07 4 1 3 1 64
1 0.0851968 
0 
wf2 1 1 9.99999984307e+17 -9.99999984307e+17 0 4 1 0 1 64
1 0.0512 
0 
wp 1 1 5000000 0 0 4 4 11 1 64
1 12019.2307692 
0 
wnt 2 2 6 0 0 3 1 3 1 64
1 ""
0 
wp1 1 1 100000 0 0 4 1 3 1 64
1 2425.50973361 
0 
z2 7 1 19 19 19 2 1 8192 1 64
1 1322 
0 
xdiag 1 1 1e+18 0 0 4 1 17 1 64
1 0 
0 
wtfile2 2 2 8 0 0 3 1 1 1 64
1 ""
0 
wstart 2 2 8 0 0 3 1 0 1 64
1 ""
0 
wrtp 2 2 8 0 0 3 1 0 1 64
1 ""
0 
wqinit 2 2 8 0 0 4 1 0 1 64
1 ""
0 
wpsv 3 1 14 14 14 2 1 8192 1 64
1 3144.25563268 
0 
wshim 4 2 4 0 0 2 1 1 1 64
1 "n"
15 "e" "f" "g" "n" "s" "0" "1" "2" "3" "4" "5" "6" "7" "8" "9" 
wtfile 2 2 15 0 0 3 1 1 1 64
1 ""
0 
wtfile1 2 2 15 0 0 3 2 1 1 64
1 ""
0 
x1 7 1 19 19 19 2 1 8192 1 64
1 -3557 
0 
wtune 4 2 4 0 0 2 1 0 1 64
1 "n"
11 "s" "t" "e" "i" "n" "o" "v" "1" "2" "3" "4" 
x3 7 1 19 19 19 2 1 8192 1 64
1 -3988 
0 
x2y2 7 1 19 19 19 2 1 8192 1 64
1 2915 
0 
x4 7 1 19 19 19 2 1 8192 1 64
1 0 
0 
y1 7 1 19 19 19 2 1 8192 1 64
1 817 
0 
xz 7 1 19 19 19 2 1 8192 1 64
1 -507 
0 
xy 7 1 19 19 19 2 1 8192 1 64
1 -1064 
0 
xz2 7 1 19 19 19 2 1 8192 1 64
1 3227 
0 
yz2 7 1 19 19 19 2 1 8192 1 64
1 -4552 
0 
y4 7 1 19 19 19 2 1 8192 1 64
1 0 
0 
y3 7 1 19 19 19 2 1 8192 1 64
1 -5274 
0 
yz 7 1 19 19 19 2 1 8192 1 64
1 631 
0 
z1 7 1 19 19 19 2 1 8192 1 64
1 9286 
0 
z1c 7 1 19 19 19 2 1 8192 1 64
1 -1044 
0 
z4x 7 1 19 19 19 2 1 8192 1 64
1 88 
0 
z3x 7 1 19 19 19 2 1 8192 1 64
1 -1646 
0 
z2xy 7 1 19 19 19 2 1 8192 1 64
1 2544 
0 
z2x2y2 7 1 19 19 19 2 1 8192 1 64
1 546 
0 
z2c 7 1 19 19 19 2 1 8192 1 64
1 196 
0 
z2x3 7 1 19 19 19 2 1 8192 1 64
1 0 
0 
z3 7 1 19 19 19 2 1 8192 1 64
1 -508 
0 
z2y3 7 1 19 19 19 2 1 8192 1 64
1 0 
0 
z3c 7 1 19 19 19 2 1 8192 1 64
1 0 
0 
z3y 7 1 19 19 19 2 1 8192 1 64
1 -64 
0 
z3x3 7 1 19 19 19 2 1 8192 1 64
1 0 
0 
z3x2y2 7 1 19 19 19 2 1 8192 1 64
1 0 
0 
z3xy 7 1 19 19 19 2 1 8192 1 64
1 0 
0 
z4 7 1 19 19 19 2 1 8192 1 64
1 3981 
0 
z3y3 7 1 19 19 19 2 1 8192 1 64
1 0 
0 
z4c 7 1 19 19 19 2 1 8192 1 64
1 0 
0 
z5y 7 1 19 19 19 2 1 8192 1 64
1 0 
0 
z5 7 1 19 19 19 2 1 8192 1 64
1 5959 
0 
z4xy 7 1 19 19 19 2 1 8192 1 64
1 0 
0 
z4x2y2 7 1 19 19 19 2 1 8192 1 64
1 0 
0 
z4y 7 1 19 19 19 2 1 8192 1 64
1 -802 
0 
z5x 7 1 19 19 19 2 1 8192 1 64
1 0 
0 
z8 7 1 19 19 19 2 1 8192 1 64
1 0 
0 
z7 7 1 19 19 19 2 1 8192 1 64
1 5546 
0 
z6 7 1 19 19 19 2 1 8192 1 64
1 10042 
0 
zx3 7 1 19 19 19 2 1 8192 1 64
1 -2108 
0 
zx2y2 7 1 19 19 19 2 1 8192 1 64
1 -1564 
0 
zoom 7 1 32767 0 0 4 1 0 1 64
1 0 
0 
zxy 7 1 19 19 19 2 1 8192 1 64
1 -3453 
0 
zy3 7 1 19 19 19 2 1 8192 1 64
1 1290 
0 
